{
	"Modality": "MR",
	"MagneticFieldStrength": 3,
	"ImagingFrequency": 123.24,
	"Manufacturer": "Siemens",
	"ManufacturersModelName": "Prisma_fit",
	"InstitutionName": "PPMI_2-0_Imaging_Core",
	"DeviceSerialNumber": "4fquOkzcyjw_",
	"BodyPartExamined": "BRAIN",
	"PatientPosition": "HFS",
	"SoftwareVersions": "syngo MR E11",
	"MRAcquisitionType": "2D",
	"SeriesDescription": "2D GRE-MT",
	"ProtocolName": "Anon",
	"ScanningSequence": "GR",
	"SequenceVariant": "MTC\\SS",
	"ScanOptions": "MT",
	"SequenceName": "*fi2d1",
	"ImageType": ["ORIGINAL", "PRIMARY", "M", "NORM", "DIS2D"],
	"SeriesNumber": 21,
	"AcquisitionTime": "10:48:1.897500",
	"AcquisitionNumber": 4,
	"SliceThickness": 1.5,
	"SpacingBetweenSlices": 1.5,
	"SAR": 0.634275,
	"EchoTime": 0.00288,
	"RepetitionTime": 0.473,
	"FlipAngle": 27,
	"PartialFourier": 1,
	"BaseResolution": 448,
	"ShimSetting": [
		-250,
		-7352,
		3929,
		41,
		96,
		13,
		-28,
		31	],
	"TxRefAmp": 296.014,
	"PhaseResolution": 1,
	"ReceiveCoilName": "HeadNeck_20",
	"ReceiveCoilActiveElements": "HE1-4",
	"PulseSequenceDetails": "%SiemensSeq%\\gre",
	"RefLinesPE": 24,
	"CoilCombinationMethod": "Adaptive Combine",
	"MTState": true,
	"ConsistencyInfo": "N4_VE11C_LATEST_20160120",
	"MatrixCoilMode": "GRAPPA",
	"PercentPhaseFOV": 100,
	"PercentSampling": 100,
	"PhaseEncodingSteps": 448,
	"AcquisitionMatrixPE": 448,
	"ReconMatrixPE": 448,
	"ParallelReductionFactorInPlane": 2,
	"PixelBandwidth": 465,
	"DwellTime": 2.4e-06,
	"PhaseEncodingDirection": "i",
	"SliceTiming": [
		0.23438,
		0,
		0.26562,
		0.02344,
		0.29688,
		0.05469,
		0.32031,
		0.08594,
		0.35156,
		0.11719,
		0.38281,
		0.14844,
		0.41406,
		0.17969,
		0.4375,
		0.20312	],
	"ImageOrientationPatientDICOM": [
		1,
		4.896e-12,
		-4.3e-14,
		-4.897e-12,
		0.999962,
		-0.00872654	],
	"ImageOrientationText": "Tra>Cor(-0.5)",
	"InPlanePhaseEncodingDirectionDICOM": "ROW",
	"ConversionSoftware": "dcm2niix",
	"ConversionSoftwareVersion": "v1.0.20211006"
}
