{
	"Modality": "MR",
	"MagneticFieldStrength": 3,
	"ImagingFrequency": 123.243,
	"Manufacturer": "Siemens",
	"ManufacturersModelName": "Prisma_fit",
	"InstitutionName": "PPMI_2-0_Imaging_Core",
	"DeviceSerialNumber": "4KpTxIGtUoVQ",
	"BodyPartExamined": "BRAIN",
	"PatientPosition": "HFS",
	"SoftwareVersions": "syngo MR E11",
	"MRAcquisitionType": "2D",
	"SeriesDescription": "AX GRE -MT",
	"ProtocolName": "Anon",
	"ScanningSequence": "GR",
	"SequenceVariant": "MTC\\SS",
	"ScanOptions": "MT",
	"SequenceName": "*fi2d1",
	"ImageType": ["ORIGINAL", "PRIMARY", "M", "NORM", "DIS2D"],
	"SeriesNumber": 17,
	"AcquisitionTime": "13:44:32.200000",
	"AcquisitionNumber": 5,
	"SliceThickness": 1.5,
	"SpacingBetweenSlices": 1.5,
	"SAR": 0.653242,
	"EchoTime": 0.00491,
	"RepetitionTime": 0.465,
	"FlipAngle": 27,
	"PartialFourier": 1,
	"BaseResolution": 448,
	"ShimSetting": [
		3423,
		-3031,
		-6547,
		30,
		-14,
		-43,
		-10,
		-11	],
	"TxRefAmp": 313.336,
	"PhaseResolution": 1,
	"ReceiveCoilName": "HeadNeck_20",
	"ReceiveCoilActiveElements": "HE3,4;NE1,2",
	"PulseSequenceDetails": "%SiemensSeq%\\gre",
	"RefLinesPE": 24,
	"CoilCombinationMethod": "Adaptive Combine",
	"MTState": true,
	"ConsistencyInfo": "N4_VE11C_LATEST_20160120",
	"MatrixCoilMode": "GRAPPA",
	"PercentPhaseFOV": 100,
	"PercentSampling": 100,
	"PhaseEncodingSteps": 448,
	"AcquisitionMatrixPE": 448,
	"ReconMatrixPE": 448,
	"ParallelReductionFactorInPlane": 2,
	"PixelBandwidth": 505,
	"DwellTime": 2.2e-06,
	"PhaseEncodingDirection": "i",
	"SliceTiming": [
		0.23438,
		0,
		0.26562,
		0.03125,
		0.28125,
		0.0625,
		0.3125,
		0.09375,
		0.34375,
		0.10938,
		0.375,
		0.14062,
		0.40625,
		0.17188,
		0.4375,
		0.20312	],
	"ImageOrientationPatientDICOM": [
		0.990206,
		-0.0165046,
		-0.138634,
		-0.022298,
		0.961546,
		-0.273739	],
	"InPlanePhaseEncodingDirectionDICOM": "ROW",
	"ConversionSoftware": "dcm2niix",
	"ConversionSoftwareVersion": "v1.0.20211006"
}
