{
	"Modality": "MR",
	"MagneticFieldStrength": 1.5,
	"ImagingFrequency": 63.6649,
	"Manufacturer": "Siemens",
	"ManufacturersModelName": "Symphony",
	"InstitutionName": "WHITNEY",
	"DeviceSerialNumber": "4_CTRFrBXs6I",
	"PatientPosition": "HFS",
	"SoftwareVersions": "syngo MR A30 4VA30A",
	"MRAcquisitionType": "2D",
	"SeriesDescription": "FLAIR AXIAL",
	"ProtocolName": "FLAIR AXIAL",
	"ScanningSequence": "IR\\SE",
	"SequenceVariant": "SK\\SP\\MP\\OSP",
	"ScanOptions": "IR",
	"SequenceName": "*tir2d1_21",
	"ImageType": ["ORIGINAL", "PRIMARY", "M", "ND"],
	"SeriesNumber": 4,
	"AcquisitionTime": "07:42:49.360020",
	"AcquisitionNumber": 1,
	"SliceThickness": 5,
	"SpacingBetweenSlices": 7,
	"SAR": 0.290286,
	"EchoTime": 0.127,
	"RepetitionTime": 8.4,
	"SpoilingState": true,
	"InversionTime": 2.5,
	"FlipAngle": 180,
	"PartialFourier": 1,
	"Interpolation2D": 1,
	"BaseResolution": 256,
	"ShimSetting": [
		265,
		-57,
		-205,
		-227,
		753,
		-11,
		641,
		93	],
	"TxRefAmp": 294.359,
	"PhaseResolution": 0.76,
	"ReceiveCoilName": "CP_HeadArray",
	"PulseSequenceDetails": "%SiemensSeq%\\tse",
	"MatrixCoilMode": "SENSE",
	"PercentPhaseFOV": 75,
	"PercentSampling": 76,
	"EchoTrainLength": 21,
	"PhaseEncodingSteps": 147,
	"AcquisitionMatrixPE": 146,
	"ReconMatrixPE": 384,
	"PixelBandwidth": 130,
	"PhaseEncodingDirection": "i",
	"SliceTiming": [
		0,
		75.6016,
		4.35156,
		79.7969,
		0.30469,
		75.9062,
		4.66406,
		80.1094,
		0.61719,
		76.2188,
		4.97656,
		80.4219,
		0.92188,
		76.5312,
		5.28125,
		80.7266,
		1.23438,
		76.8359,
		5.59375,
		81.0391,
		1.54688	],
	"ImageOrientationPatientDICOM": [
		0.999196,
		7.10314e-05,
		-0.0400887,
		2.03844e-10,
		0.999998,
		0.00177186	],
	"InPlanePhaseEncodingDirectionDICOM": "ROW",
	"ConversionSoftware": "dcm2niix",
	"ConversionSoftwareVersion": "v1.0.20211006"
}
