{
	"Modality": "MR",
	"MagneticFieldStrength": 1.5,
	"ImagingFrequency": 63.6649,
	"Manufacturer": "Siemens",
	"ManufacturersModelName": "Symphony",
	"InstitutionName": "WHITNEY",
	"DeviceSerialNumber": "4_CTRFrBXs6I",
	"PatientPosition": "HFS",
	"SoftwareVersions": "syngo MR A30 4VA30A",
	"MRAcquisitionType": "2D",
	"SeriesDescription": "AX DE TSE",
	"ProtocolName": "AX DE TSE",
	"ScanningSequence": "SE",
	"SequenceVariant": "SK\\SP\\OSP",
	"ScanOptions": "FS",
	"SequenceName": "*tse2d2rs5",
	"ImageType": ["ORIGINAL", "PRIMARY", "M", "ND"],
	"SeriesNumber": 3,
	"AcquisitionTime": "07:40:16.239990",
	"AcquisitionNumber": 1,
	"SliceThickness": 3,
	"SpacingBetweenSlices": 3,
	"SAR": 0.308414,
	"EchoTime": 0.118,
	"RepetitionTime": 5.01,
	"SpoilingState": true,
	"FlipAngle": 150,
	"PartialFourier": 1,
	"BaseResolution": 256,
	"ShimSetting": [
		193,
		80,
		-153,
		741,
		1280,
		902,
		1325,
		38	],
	"TxRefAmp": 294.359,
	"PhaseResolution": 0.75,
	"ReceiveCoilName": "CP_HeadArray",
	"PulseSequenceDetails": "%SiemensSeq%\\tse",
	"MatrixCoilMode": "SENSE",
	"PercentPhaseFOV": 75,
	"PercentSampling": 75,
	"EchoTrainLength": 5,
	"PhaseEncodingSteps": 145,
	"AcquisitionMatrixPE": 144,
	"ReconMatrixPE": 192,
	"PixelBandwidth": 130,
	"PhaseEncodingDirection": "i",
	"SliceTiming": [
		115.312,
		0,
		115.508,
		0.20312,
		115.711,
		0.39844,
		115.914,
		0.60156,
		116.109,
		0.79688,
		116.312,
		1,
		116.516,
		1.20312,
		116.711,
		1.40625,
		116.914,
		1.60156,
		117.117,
		1.80469,
		117.312,
		2,
		117.516,
		2.20312,
		117.719,
		2.40625,
		117.914,
		2.60156,
		118.117,
		2.80469,
		118.32,
		3.00781,
		118.516,
		3.20312,
		118.719,
		3.40625,
		118.914,
		3.60938,
		119.117,
		3.80469,
		119.32,
		4.00781,
		119.523,
		4.21094,
		119.719,
		4.40625,
		119.922,
		4.60938,
		120.117,
		4.80469	],
	"ImageOrientationPatientDICOM": [
		0.999743,
		-2.05103e-10,
		-0.0226873,
		2.05051e-10,
		1,
		-4.65325e-12	],
	"InPlanePhaseEncodingDirectionDICOM": "ROW",
	"ConversionSoftware": "dcm2niix",
	"ConversionSoftwareVersion": "v1.0.20211006"
}
