{
	"Modality": "MR",
	"MagneticFieldStrength": 1.5,
	"ImagingFrequency": 63.6652,
	"Manufacturer": "Siemens",
	"ManufacturersModelName": "Symphony",
	"InstitutionName": "WHITNEY",
	"DeviceSerialNumber": "4_CTRFrBXs6I",
	"PatientPosition": "HFS",
	"SoftwareVersions": "syngo MR A30 4VA30A",
	"MRAcquisitionType": "2D",
	"SeriesDescription": "FLAIR AXIAL",
	"ProtocolName": "FLAIR AXIAL",
	"ScanningSequence": "IR\\SE",
	"SequenceVariant": "SK\\SP\\MP\\OSP",
	"ScanOptions": "IR",
	"SequenceName": "*tir2d1_21",
	"ImageType": ["ORIGINAL", "PRIMARY", "M", "ND"],
	"SeriesNumber": 6,
	"AcquisitionTime": "08:01:17.347490",
	"AcquisitionNumber": 1,
	"SliceThickness": 5,
	"SpacingBetweenSlices": 7,
	"SAR": 0.440906,
	"EchoTime": 0.127,
	"RepetitionTime": 8.4,
	"SpoilingState": true,
	"InversionTime": 2.5,
	"FlipAngle": 180,
	"PartialFourier": 1,
	"Interpolation2D": 1,
	"BaseResolution": 256,
	"ShimSetting": [
		265,
		-57,
		-205,
		-227,
		753,
		-11,
		641,
		93	],
	"TxRefAmp": 306.704,
	"PhaseResolution": 0.76,
	"ReceiveCoilName": "CP_HeadArray",
	"PulseSequenceDetails": "%SiemensSeq%\\tse",
	"MatrixCoilMode": "SENSE",
	"PercentPhaseFOV": 75,
	"PercentSampling": 76,
	"EchoTrainLength": 21,
	"PhaseEncodingSteps": 147,
	"AcquisitionMatrixPE": 146,
	"ReconMatrixPE": 384,
	"PixelBandwidth": 130,
	"PhaseEncodingDirection": "i",
	"SliceTiming": [
		0,
		75.6094,
		4.35938,
		79.8047,
		0.3125,
		75.9141,
		4.67188,
		80.1172,
		0.625,
		76.2266,
		4.97656,
		80.4219,
		0.92969,
		76.5312,
		5.28906,
		80.7344,
		1.24219,
		76.8438,
		5.59375,
		81.0391,
		1.54688	],
	"ImageOrientationPatientDICOM": [
		0.999657,
		-0.00146182,
		0.0261326,
		1.47471e-10,
		0.998439,
		0.0558512	],
	"InPlanePhaseEncodingDirectionDICOM": "ROW",
	"ConversionSoftware": "dcm2niix",
	"ConversionSoftwareVersion": "v1.0.20211006"
}
