{
	"Modality": "MR",
	"MagneticFieldStrength": 3,
	"ImagingFrequency": 123.252,
	"Manufacturer": "Siemens",
	"ManufacturersModelName": "TrioTim",
	"InstitutionName": "El Camino Hospital MV",
	"DeviceSerialNumber": "4QUtXxpHmND_",
	"BodyPartExamined": "HEAD",
	"PatientPosition": "HFS",
	"SoftwareVersions": "syngo MR B17",
	"MRAcquisitionType": "2D",
	"SeriesDescription": "Axial PD-T2 TSE",
	"ProtocolName": "Axial PD-T2 TSE",
	"ScanningSequence": "SE",
	"SequenceVariant": "SK\\SP\\OSP",
	"SequenceName": "tse2d2_7",
	"ImageType": ["ORIGINAL", "PRIMARY", "M", "ND", "NORM"],
	"SeriesNumber": 9,
	"AcquisitionTime": "15:35:18.705000",
	"AcquisitionNumber": 1,
	"SliceThickness": 3,
	"SpacingBetweenSlices": 3,
	"SAR": 0.539908,
	"EchoNumber": 2,
	"EchoTime": 0.101,
	"RepetitionTime": 3,
	"SpoilingState": true,
	"FlipAngle": 150,
	"PartialFourier": 1,
	"BaseResolution": 256,
	"ShimSetting": [
		-3613,
		-11460,
		-16701,
		515,
		327,
		-573,
		23,
		-240	],
	"TxRefAmp": 288.052,
	"PhaseResolution": 1,
	"ReceiveCoilName": "HeadMatrix",
	"PulseSequenceDetails": "%SiemensSeq%\\tse",
	"CoilCombinationMethod": "Adaptive Combine",
	"MatrixCoilMode": "SENSE",
	"PercentPhaseFOV": 79.6875,
	"PercentSampling": 100,
	"EchoTrainLength": 7,
	"PhaseEncodingSteps": 210,
	"AcquisitionMatrixPE": 204,
	"ReconMatrixPE": 204,
	"PixelBandwidth": 186,
	"DwellTime": 1.05e-05,
	"PhaseEncodingDirection": "i",
	"SliceTiming": [
		0,
		93.375,
		146.75,
		0.17188,
		93.5469,
		146.922,
		0.35938,
		93.7344,
		147.109,
		0.53125,
		93.9062,
		147.281,
		0.70312,
		94.0781,
		147.453,
		0.89062,
		94.2656,
		147.641,
		1.0625,
		94.4375,
		147.812,
		1.23438,
		94.6094,
		147.984,
		1.42188,
		94.7969,
		148.172,
		1.59375,
		94.9688,
		148.344,
		1.76562,
		95.1406,
		148.516,
		1.95312,
		95.3281,
		148.703,
		2.125,
		95.5,
		148.875,
		2.29688,
		95.6719,
		149.047,
		2.48438,
		95.8594,
		149.234,
		2.65625,
		96.0312,
		149.406,
		2.84375,
		96.2031,
		149.578	],
	"ImageOrientationPatientDICOM": [
		0.992504,
		-0.121594,
		0.0123099,
		0.120106,
		0.989047,
		0.0857995	],
	"InPlanePhaseEncodingDirectionDICOM": "ROW",
	"ConversionSoftware": "dcm2niix",
	"ConversionSoftwareVersion": "v1.0.20211006"
}
