{
	"Modality": "MR",
	"MagneticFieldStrength": 3,
	"ImagingFrequency": 123.258,
	"Manufacturer": "Siemens",
	"ManufacturersModelName": "TrioTim",
	"InstitutionName": "Harborview Medical Center",
	"DeviceSerialNumber": "40xF4PXyyH86",
	"BodyPartExamined": "HEAD",
	"PatientPosition": "HFS",
	"SoftwareVersions": "syngo MR B17",
	"MRAcquisitionType": "2D",
	"SeriesDescription": "AX PD + T2",
	"ProtocolName": "AX PD + T2",
	"ScanningSequence": "SE",
	"SequenceVariant": "SK\\SP\\OSP",
	"SequenceName": "*tse2d2rs8",
	"ImageType": ["ORIGINAL", "PRIMARY", "M", "ND", "NORM"],
	"SeriesNumber": 4,
	"AcquisitionTime": "08:26:54.137500",
	"AcquisitionNumber": 1,
	"SliceThickness": 4,
	"SpacingBetweenSlices": 5,
	"SAR": 0.87564,
	"EchoNumber": 2,
	"EchoTime": 0.095,
	"RepetitionTime": 4.82,
	"SpoilingState": true,
	"FlipAngle": 120,
	"PartialFourier": 1,
	"Interpolation2D": 1,
	"BaseResolution": 256,
	"ShimSetting": [
		7260,
		-4958,
		-5735,
		208,
		-103,
		-30,
		-107,
		-50	],
	"TxRefAmp": 285.317,
	"PhaseResolution": 1,
	"PhaseOversampling": 0.5,
	"ReceiveCoilName": "HeadMatrix",
	"PulseSequenceDetails": "%SiemensSeq%\\tse",
	"CoilCombinationMethod": "Adaptive Combine",
	"MatrixCoilMode": "SENSE",
	"PercentPhaseFOV": 100,
	"PercentSampling": 100,
	"EchoTrainLength": 8,
	"PhaseEncodingSteps": 384,
	"AcquisitionMatrixPE": 256,
	"ReconMatrixPE": 512,
	"PixelBandwidth": 250,
	"DwellTime": 7.8e-06,
	"PhaseEncodingDirection": "j-",
	"SliceTiming": [
		2.42188,
		0,
		2.59375,
		0.17188,
		2.76562,
		0.34375,
		2.9375,
		0.51562,
		3.10938,
		0.6875,
		3.28125,
		0.86719,
		3.45312,
		1.03906,
		3.625,
		1.21094,
		3.80469,
		1.38281,
		3.97656,
		1.55469,
		4.14844,
		1.72656,
		4.32031,
		1.89844,
		4.49219,
		2.07031,
		4.66406,
		2.25	],
	"ImageOrientationPatientDICOM": [
		0.999123,
		0.00626186,
		0.0414048,
		2.5601e-08,
		0.988756,
		-0.149535	],
	"InPlanePhaseEncodingDirectionDICOM": "COL",
	"ConversionSoftware": "dcm2niix",
	"ConversionSoftwareVersion": "v1.0.20211006"
}
