{
	"Modality": "MR",
	"MagneticFieldStrength": 3,
	"ImagingFrequency": 123.208,
	"Manufacturer": "Siemens",
	"ManufacturersModelName": "TrioTim",
	"InstitutionName": "Emory University",
	"DeviceSerialNumber": "4PHs8MR4da1w",
	"BodyPartExamined": "HEAD",
	"PatientPosition": "HFS",
	"SoftwareVersions": "syngo MR B17",
	"MRAcquisitionType": "2D",
	"SeriesDescription": "Axial PD-T2 TSE",
	"ProtocolName": "Axial PD-T2 TSE",
	"ScanningSequence": "SE",
	"SequenceVariant": "SK\\SP\\OSP",
	"SequenceName": "*tse2d2_7",
	"ImageType": ["ORIGINAL", "PRIMARY", "M", "ND", "NORM"],
	"SeriesNumber": 10,
	"AcquisitionTime": "10:51:55.812500",
	"AcquisitionNumber": 1,
	"SliceThickness": 3,
	"SpacingBetweenSlices": 3,
	"SAR": 0.543662,
	"EchoNumber": 2,
	"EchoTime": 0.101,
	"RepetitionTime": 3,
	"SpoilingState": true,
	"FlipAngle": 150,
	"PartialFourier": 1,
	"BaseResolution": 256,
	"ShimSetting": [
		2259,
		7338,
		9508,
		211,
		-99,
		-26,
		-39,
		-86	],
	"TxRefAmp": 414.298,
	"PhaseResolution": 1,
	"ReceiveCoilName": "HeadMatrix",
	"PulseSequenceDetails": "%SiemensSeq%\\tse",
	"CoilCombinationMethod": "Adaptive Combine",
	"MatrixCoilMode": "SENSE",
	"PercentPhaseFOV": 89.0625,
	"PercentSampling": 100,
	"EchoTrainLength": 7,
	"PhaseEncodingSteps": 231,
	"AcquisitionMatrixPE": 228,
	"ReconMatrixPE": 228,
	"PixelBandwidth": 186,
	"DwellTime": 1.05e-05,
	"PhaseEncodingDirection": "i",
	"SliceTiming": [
		0,
		62.4062,
		124.82,
		0.16406,
		62.5859,
		124.992,
		0.33594,
		62.7656,
		125.172,
		0.5,
		62.9375,
		125.352,
		0.66406,
		63.1172,
		125.531,
		0.83594,
		63.2969,
		125.703,
		1,
		63.4688,
		125.883,
		1.17188,
		63.6484,
		126.055,
		1.33594,
		63.8281,
		126.234,
		1.50781,
		64,
		126.414,
		1.67188,
		64.1797,
		126.594,
		1.84375,
		64.3594,
		126.766,
		2.00781,
		64.5312,
		126.945,
		2.17188,
		64.7109,
		127.125,
		2.34375,
		64.8906,
		127.297,
		2.50781,
		65.0625,
		127.477,
		2.67188,
		65.2422,
		127.656,
		2.84375	],
	"ImageOrientationPatientDICOM": [
		0.999619,
		0.00408331,
		0.0273114,
		1.52085e-10,
		0.989007,
		-0.147866	],
	"InPlanePhaseEncodingDirectionDICOM": "ROW",
	"ConversionSoftware": "dcm2niix",
	"ConversionSoftwareVersion": "v1.0.20211006"
}
