{
	"Modality": "MR",
	"MagneticFieldStrength": 3,
	"ImagingFrequency": 123.258,
	"Manufacturer": "Siemens",
	"ManufacturersModelName": "TrioTim",
	"InstitutionName": "Harborview Med Ctr 3T x42460",
	"DeviceSerialNumber": "40xF4PXyyH86",
	"BodyPartExamined": "HEAD",
	"PatientPosition": "HFS",
	"SoftwareVersions": "syngo MR B17",
	"MRAcquisitionType": "2D",
	"SeriesDescription": "AX PD + T2",
	"ProtocolName": "AX PD + T2",
	"ScanningSequence": "SE",
	"SequenceVariant": "SK\\SP\\OSP",
	"SequenceName": "*tse2d2rs8",
	"ImageType": ["ORIGINAL", "PRIMARY", "M", "ND", "NORM"],
	"SeriesNumber": 4,
	"AcquisitionTime": "16:10:14.587500",
	"AcquisitionNumber": 1,
	"SliceThickness": 4,
	"SpacingBetweenSlices": 5,
	"SAR": 0.806333,
	"EchoNumber": 2,
	"EchoTime": 0.095,
	"RepetitionTime": 4.82,
	"SpoilingState": true,
	"FlipAngle": 120,
	"PartialFourier": 1,
	"Interpolation2D": 1,
	"BaseResolution": 256,
	"ShimSetting": [
		7260,
		-4958,
		-5735,
		208,
		-103,
		-30,
		-107,
		-50	],
	"TxRefAmp": 386.778,
	"PhaseResolution": 0.85,
	"PhaseOversampling": 0.5,
	"ReceiveCoilName": "HeadMatrix",
	"PulseSequenceDetails": "%SiemensSeq%\\tse",
	"CoilCombinationMethod": "Adaptive Combine",
	"MatrixCoilMode": "SENSE",
	"PercentPhaseFOV": 100,
	"PercentSampling": 85,
	"EchoTrainLength": 8,
	"PhaseEncodingSteps": 328,
	"AcquisitionMatrixPE": 218,
	"ReconMatrixPE": 512,
	"PixelBandwidth": 250,
	"DwellTime": 7.8e-06,
	"PhaseEncodingDirection": "j-",
	"SliceTiming": [
		0,
		123.25,
		0.3125,
		123.594,
		0.64062,
		123.938,
		0.96875,
		124.281,
		1.28125,
		124.625,
		1.60938,
		124.969,
		1.9375,
		125.328,
		2.25,
		125.672,
		2.57812,
		126.016,
		2.90625,
		126.359,
		3.21875,
		126.703,
		3.54688,
		127.047,
		3.85938,
		127.391,
		4.1875,
		127.734,
		4.51562	],
	"ImageOrientationPatientDICOM": [
		0.999624,
		-0.00509588,
		-0.0269588,
		-2.07917e-08,
		0.9826,
		-0.185737	],
	"InPlanePhaseEncodingDirectionDICOM": "COL",
	"ConversionSoftware": "dcm2niix",
	"ConversionSoftwareVersion": "v1.0.20211006"
}
