{
	"Modality": "MR",
	"MagneticFieldStrength": 3,
	"ImagingFrequency": 123.24,
	"Manufacturer": "Siemens",
	"ManufacturersModelName": "TrioTim",
	"InstitutionName": "CCHS Cleveland Clinic",
	"DeviceSerialNumber": "4unZHpIRO.jw",
	"BodyPartExamined": "HEAD",
	"PatientPosition": "HFS",
	"SoftwareVersions": "syngo MR B17",
	"MRAcquisitionType": "2D",
	"SeriesDescription": "Axial PD-T2 TSE",
	"ProtocolName": "Axial PD-T2 TSE",
	"ScanningSequence": "SE",
	"SequenceVariant": "SK\\SP\\OSP",
	"SequenceName": "*tse2d2_7",
	"ImageType": ["ORIGINAL", "PRIMARY", "M", "NORM", "DIS2D"],
	"SeriesNumber": 13,
	"AcquisitionTime": "16:14:34.835000",
	"AcquisitionNumber": 1,
	"SliceThickness": 3,
	"SpacingBetweenSlices": 3,
	"SAR": 0.451223,
	"EchoNumber": 2,
	"EchoTime": 0.101,
	"RepetitionTime": 3,
	"SpoilingState": true,
	"FlipAngle": 150,
	"PartialFourier": 1,
	"BaseResolution": 256,
	"ShimSetting": [
		-1471,
		-2497,
		8952,
		615,
		-204,
		-529,
		189,
		-31	],
	"TxRefAmp": 358.674,
	"PhaseResolution": 1,
	"ReceiveCoilName": "HeadMatrix",
	"PulseSequenceDetails": "%SiemensSeq%\\tse",
	"CoilCombinationMethod": "Adaptive Combine",
	"MatrixCoilMode": "SENSE",
	"PercentPhaseFOV": 89.0625,
	"PercentSampling": 100,
	"EchoTrainLength": 7,
	"PhaseEncodingSteps": 231,
	"AcquisitionMatrixPE": 228,
	"ReconMatrixPE": 228,
	"PixelBandwidth": 186,
	"DwellTime": 1.05e-05,
	"PhaseEncodingDirection": "i",
	"SliceTiming": [
		0,
		62.4219,
		124.828,
		0.20312,
		62.6094,
		125.016,
		0.39062,
		62.7969,
		125.203,
		0.57812,
		62.9844,
		125.391,
		0.76562,
		63.1719,
		125.578,
		0.95312,
		63.3594,
		125.766,
		1.14062,
		63.5469,
		125.953,
		1.32812,
		63.7344,
		126.141,
		1.51562,
		63.9219,
		126.328,
		1.70312,
		64.1094,
		126.516,
		1.89062,
		64.2969,
		126.703,
		2.07812,
		64.4844,
		126.891,
		2.26562,
		64.6719,
		127.094,
		2.45312,
		64.8594,
		127.281,
		2.64062,
		65.0469,
		127.469,
		2.82812,
		65.2344,
		127.656	],
	"ImageOrientationPatientDICOM": [
		1,
		-2.05103e-10,
		0,
		2.05103e-10,
		1,
		0	],
	"InPlanePhaseEncodingDirectionDICOM": "ROW",
	"ConversionSoftware": "dcm2niix",
	"ConversionSoftwareVersion": "v1.0.20211006"
}
