{
	"Modality": "MR",
	"MagneticFieldStrength": 3,
	"ImagingFrequency": 123.159,
	"Manufacturer": "Siemens",
	"ManufacturersModelName": "TrioTim",
	"InstitutionName": "NU Tuna",
	"DeviceSerialNumber": "4g2h6cJJRxbg",
	"PatientPosition": "HFS",
	"SoftwareVersions": "syngo MR B17",
	"MRAcquisitionType": "2D",
	"SeriesDescription": "Axial PD-T2 TSE",
	"ProtocolName": "Axial PD-T2 TSE",
	"ScanningSequence": "SE",
	"SequenceVariant": "SK\\SP\\OSP",
	"SequenceName": "*tse2d2_7",
	"ImageType": ["ORIGINAL", "PRIMARY", "M", "ND", "NORM"],
	"SeriesNumber": 10,
	"AcquisitionTime": "08:52:32.840000",
	"AcquisitionNumber": 1,
	"SliceThickness": 3,
	"SpacingBetweenSlices": 3,
	"SAR": 0.396843,
	"EchoNumber": 2,
	"EchoTime": 0.101,
	"RepetitionTime": 3,
	"SpoilingState": true,
	"FlipAngle": 150,
	"PartialFourier": 1,
	"BaseResolution": 256,
	"ShimSetting": [
		3603,
		15610,
		-15640,
		281,
		280,
		-190,
		-183,
		100	],
	"TxRefAmp": 285.501,
	"PhaseResolution": 1,
	"ReceiveCoilName": "HeadMatrix",
	"PulseSequenceDetails": "%SiemensSeq%\\tse",
	"CoilCombinationMethod": "Adaptive Combine",
	"MatrixCoilMode": "SENSE",
	"PercentPhaseFOV": 89.0625,
	"PercentSampling": 100,
	"EchoTrainLength": 7,
	"PhaseEncodingSteps": 231,
	"AcquisitionMatrixPE": 228,
	"ReconMatrixPE": 228,
	"PixelBandwidth": 186,
	"DwellTime": 1.05e-05,
	"PhaseEncodingDirection": "i",
	"SliceTiming": [
		0,
		62.4062,
		124.812,
		0.1875,
		62.5938,
		125,
		0.375,
		62.7812,
		125.188,
		0.5625,
		62.9688,
		125.375,
		0.75,
		63.1562,
		125.57,
		0.9375,
		63.3438,
		125.758,
		1.125,
		63.5312,
		125.945,
		1.3125,
		63.7266,
		126.133,
		1.5,
		63.9141,
		126.32,
		1.6875,
		64.1016,
		126.508,
		1.875,
		64.2891,
		126.695,
		2.0625,
		64.4766,
		126.883,
		2.25,
		64.6641,
		127.07,
		2.44531,
		64.8516,
		127.258,
		2.63281,
		65.0391,
		127.453,
		2.82031,
		65.2266,
		127.641	],
	"ImageOrientationPatientDICOM": [
		1,
		-1.94618e-10,
		6.47407e-11,
		2.05103e-10,
		0.948876,
		-0.315649	],
	"InPlanePhaseEncodingDirectionDICOM": "ROW",
	"ConversionSoftware": "dcm2niix",
	"ConversionSoftwareVersion": "v1.0.20211006"
}
