{
	"Modality": "MR",
	"MagneticFieldStrength": 3,
	"ImagingFrequency": 123.252,
	"Manufacturer": "Siemens",
	"ManufacturersModelName": "TrioTim",
	"InstitutionName": "El Camino Hospital MV",
	"DeviceSerialNumber": "4QUtXxpHmND_",
	"BodyPartExamined": "HEAD",
	"PatientPosition": "HFS",
	"SoftwareVersions": "syngo MR B17",
	"MRAcquisitionType": "2D",
	"SeriesDescription": "Axial PD-T2 TSE",
	"ProtocolName": "Axial PD-T2 TSE",
	"ScanningSequence": "SE",
	"SequenceVariant": "SK\\SP\\OSP",
	"SequenceName": "*tse2d2_7",
	"ImageType": ["ORIGINAL", "PRIMARY", "M", "ND", "NORM"],
	"SeriesNumber": 10,
	"AcquisitionTime": "15:59:24.007500",
	"AcquisitionNumber": 1,
	"SliceThickness": 3,
	"SpacingBetweenSlices": 3,
	"SAR": 0.514658,
	"EchoNumber": 2,
	"EchoTime": 0.101,
	"RepetitionTime": 3,
	"SpoilingState": true,
	"FlipAngle": 150,
	"PartialFourier": 1,
	"BaseResolution": 256,
	"ShimSetting": [
		-3649,
		-11280,
		-16704,
		205,
		52,
		-443,
		99,
		-200	],
	"TxRefAmp": 396.084,
	"PhaseResolution": 1,
	"ReceiveCoilName": "HeadMatrix",
	"PulseSequenceDetails": "%SiemensSeq%\\tse",
	"CoilCombinationMethod": "Adaptive Combine",
	"MatrixCoilMode": "SENSE",
	"PercentPhaseFOV": 79.6875,
	"PercentSampling": 100,
	"EchoTrainLength": 7,
	"PhaseEncodingSteps": 210,
	"AcquisitionMatrixPE": 204,
	"ReconMatrixPE": 204,
	"PixelBandwidth": 186,
	"DwellTime": 1.05e-05,
	"PhaseEncodingDirection": "i",
	"SliceTiming": [
		0,
		93.375,
		146.75,
		0.1875,
		93.5625,
		146.938,
		0.39062,
		93.75,
		147.125,
		0.57812,
		93.9375,
		147.312,
		0.76562,
		94.1406,
		147.5,
		0.95312,
		94.3281,
		147.688,
		1.14062,
		94.5156,
		147.891,
		1.32812,
		94.7031,
		148.078,
		1.51562,
		94.8906,
		148.266,
		1.70312,
		95.0781,
		148.453,
		1.89062,
		95.2656,
		148.641,
		2.07812,
		95.4531,
		148.828,
		2.26562,
		95.6406,
		149.016,
		2.45312,
		95.8281,
		149.203,
		2.64062,
		96.0156,
		149.391,
		2.82812,
		96.2031,
		149.578	],
	"ImageOrientationPatientDICOM": [
		0.999328,
		0.0316658,
		-0.0184694,
		-0.0331511,
		0.995691,
		-0.0866017	],
	"InPlanePhaseEncodingDirectionDICOM": "ROW",
	"ConversionSoftware": "dcm2niix",
	"ConversionSoftwareVersion": "v1.0.20211006"
}
