{
	"Modality": "MR",
	"MagneticFieldStrength": 3,
	"ImagingFrequency": 123.258,
	"Manufacturer": "Siemens",
	"ManufacturersModelName": "TrioTim",
	"InstitutionName": "HMC",
	"DeviceSerialNumber": "40xF4PXyyH86",
	"BodyPartExamined": "HEAD",
	"PatientPosition": "HFS",
	"SoftwareVersions": "syngo MR B17",
	"MRAcquisitionType": "2D",
	"SeriesDescription": "AX PD + T2",
	"ProtocolName": "AX PD + T2",
	"ScanningSequence": "SE",
	"SequenceVariant": "SK\\SP\\OSP",
	"SequenceName": "*tse2d2rs8",
	"ImageType": ["ORIGINAL", "PRIMARY", "M", "ND", "NORM"],
	"SeriesNumber": 4,
	"AcquisitionTime": "15:10:13.062500",
	"AcquisitionNumber": 1,
	"SliceThickness": 4,
	"SpacingBetweenSlices": 5,
	"SAR": 0.636888,
	"EchoNumber": 2,
	"EchoTime": 0.095,
	"RepetitionTime": 4.82,
	"SpoilingState": true,
	"FlipAngle": 120,
	"PartialFourier": 1,
	"Interpolation2D": 1,
	"BaseResolution": 256,
	"ShimSetting": [
		7265,
		-4984,
		-5739,
		203,
		-104,
		-24,
		-120,
		-46	],
	"TxRefAmp": 345.947,
	"PhaseResolution": 1,
	"PhaseOversampling": 0.5,
	"ReceiveCoilName": "HeadMatrix",
	"PulseSequenceDetails": "%SiemensSeq%\\tse",
	"CoilCombinationMethod": "Adaptive Combine",
	"MatrixCoilMode": "SENSE",
	"PercentPhaseFOV": 100,
	"PercentSampling": 100,
	"EchoTrainLength": 8,
	"PhaseEncodingSteps": 384,
	"AcquisitionMatrixPE": 256,
	"ReconMatrixPE": 512,
	"PixelBandwidth": 250,
	"DwellTime": 7.8e-06,
	"PhaseEncodingDirection": "j-",
	"SliceTiming": [
		0,
		157.125,
		0.32812,
		157.469,
		0.64062,
		157.812,
		0.96875,
		158.172,
		1.29688,
		158.516,
		1.60938,
		158.859,
		1.9375,
		159.203,
		2.25,
		159.547,
		2.57812,
		159.891,
		2.90625,
		160.234,
		3.21875,
		160.578,
		3.54688,
		160.938,
		3.875,
		161.281,
		4.1875,
		161.625,
		4.51562	],
	"ImageOrientationPatientDICOM": [
		1,
		0,
		0,
		0,
		0.988494,
		-0.151261	],
	"InPlanePhaseEncodingDirectionDICOM": "COL",
	"ConversionSoftware": "dcm2niix",
	"ConversionSoftwareVersion": "v1.0.20211006"
}
