{
	"Modality": "MR",
	"MagneticFieldStrength": 1.5,
	"ImagingFrequency": 63.5563,
	"Manufacturer": "Siemens",
	"ManufacturersModelName": "Symphony",
	"DeviceSerialNumber": "4M_55ADQuJaA",
	"PatientPosition": "HFS",
	"SoftwareVersions": "syngo MR A30 4VA30A",
	"MRAcquisitionType": "2D",
	"SeriesDescription": "PD-T2 DUAL AXIAL TSE",
	"ProtocolName": "PD-T2 DUAL AXIAL TSE",
	"ScanningSequence": "SE",
	"SequenceVariant": "SK\\SP\\OSP",
	"ScanOptions": "FS",
	"SequenceName": "*tse2d2rs7",
	"ImageType": ["ORIGINAL", "PRIMARY", "M", "ND"],
	"SeriesNumber": 3,
	"AcquisitionTime": "13:57:53.930010",
	"AcquisitionNumber": 1,
	"SliceThickness": 3,
	"SpacingBetweenSlices": 3,
	"SAR": 0.4054,
	"EchoTime": 0.12,
	"RepetitionTime": 4.07,
	"SpoilingState": true,
	"FlipAngle": 180,
	"PartialFourier": 1,
	"BaseResolution": 256,
	"ShimSetting": [
		-1,
		1,
		118,
		0,
		0,
		0,
		0,
		0	],
	"TxRefAmp": 187.035,
	"PhaseResolution": 0.75,
	"ReceiveCoilName": "DoubleLoopArrayLeft",
	"PulseSequenceDetails": "%SiemensSeq%\\tse",
	"MatrixCoilMode": "SENSE",
	"PercentPhaseFOV": 75,
	"PercentSampling": 75,
	"EchoTrainLength": 7,
	"PhaseEncodingSteps": 147,
	"AcquisitionMatrixPE": 144,
	"ReconMatrixPE": 192,
	"PixelBandwidth": 130,
	"PhaseEncodingDirection": "i",
	"SliceTiming": [
		0,
		93.6094,
		143.141,
		0.23438,
		93.8438,
		143.391,
		0.46875,
		94.0781,
		143.656,
		0.70312,
		94.3125,
		143.906,
		0.95312,
		94.5625,
		144.156,
		1.1875,
		94.7969,
		144.422,
		1.42188,
		95.0469,
		144.672,
		1.67188,
		95.2812,
		144.922,
		1.90625,
		95.5156,
		145.172,
		2.14062,
		95.75,
		145.438,
		2.39062,
		96,
		145.688,
		2.625,
		96.2344,
		145.938,
		2.85938,
		96.4688,
		146.188,
		3.10938,
		96.7188,
		146.453,
		3.34375,
		96.9531,
		146.703,
		3.57812,
		97.1875,
		146.953,
		3.82812,
		97.4375	],
	"ImageOrientationPatientDICOM": [
		0.99962,
		-0.00339656,
		-0.0273419,
		3.50085e-10,
		0.992372,
		-0.123278	],
	"InPlanePhaseEncodingDirectionDICOM": "ROW",
	"ConversionSoftware": "dcm2niix",
	"ConversionSoftwareVersion": "v1.0.20211006"
}
