{
	"Modality": "MR",
	"MagneticFieldStrength": 3,
	"ImagingFrequency": 123.252,
	"Manufacturer": "Siemens",
	"ManufacturersModelName": "TrioTim",
	"InstitutionName": "El Camino Hospital MV",
	"DeviceSerialNumber": "4QUtXxpHmND_",
	"BodyPartExamined": "HEAD",
	"PatientPosition": "HFS",
	"SoftwareVersions": "syngo MR B17",
	"MRAcquisitionType": "2D",
	"SeriesDescription": "Axial PD-T2 TSE",
	"ProtocolName": "Axial PD-T2 TSE",
	"ScanningSequence": "SE",
	"SequenceVariant": "SK\\SP\\OSP",
	"SequenceName": "*tse2d2_7",
	"ImageType": ["ORIGINAL", "PRIMARY", "M", "ND", "NORM"],
	"SeriesNumber": 9,
	"AcquisitionTime": "11:51:47.635000",
	"AcquisitionNumber": 1,
	"SliceThickness": 3,
	"SpacingBetweenSlices": 3,
	"SAR": 0.570527,
	"EchoNumber": 2,
	"EchoTime": 0.101,
	"RepetitionTime": 3,
	"SpoilingState": true,
	"FlipAngle": 150,
	"PartialFourier": 1,
	"BaseResolution": 256,
	"ShimSetting": [
		-3668,
		-11399,
		-16661,
		322,
		38,
		-226,
		-205,
		10	],
	"TxRefAmp": 305.543,
	"PhaseResolution": 1,
	"ReceiveCoilName": "HeadMatrix",
	"PulseSequenceDetails": "%SiemensSeq%\\tse",
	"CoilCombinationMethod": "Adaptive Combine",
	"MatrixCoilMode": "SENSE",
	"PercentPhaseFOV": 79.6875,
	"PercentSampling": 100,
	"EchoTrainLength": 7,
	"PhaseEncodingSteps": 210,
	"AcquisitionMatrixPE": 204,
	"ReconMatrixPE": 204,
	"PixelBandwidth": 186,
	"DwellTime": 1.05e-05,
	"PhaseEncodingDirection": "i",
	"SliceTiming": [
		0,
		93.375,
		146.75,
		0.17188,
		93.5547,
		146.93,
		0.33594,
		93.7266,
		147.102,
		0.50781,
		93.9062,
		147.281,
		0.67188,
		94.0859,
		147.461,
		0.83594,
		94.2656,
		147.633,
		1.00781,
		94.4375,
		147.812,
		1.17188,
		94.6172,
		147.992,
		1.34375,
		94.7891,
		148.164,
		1.50781,
		94.9688,
		148.344,
		1.67188,
		95.1484,
		148.523,
		1.84375,
		95.3281,
		148.695,
		2.00781,
		95.5,
		148.875,
		2.17969,
		95.6797,
		149.055,
		2.34375,
		95.8594,
		149.227,
		2.51562,
		96.0312,
		149.406,
		2.67969,
		96.2109,
		149.586,
		2.84375	],
	"ImageOrientationPatientDICOM": [
		0.999945,
		-0.0101993,
		0.00237344,
		0.0104718,
		0.973923,
		-0.226639	],
	"InPlanePhaseEncodingDirectionDICOM": "ROW",
	"ConversionSoftware": "dcm2niix",
	"ConversionSoftwareVersion": "v1.0.20211006"
}
