{
	"Modality": "MR",
	"MagneticFieldStrength": 1.5,
	"ImagingFrequency": 63.6467,
	"Manufacturer": "Siemens",
	"ManufacturersModelName": "Espree",
	"InstitutionName": "Whitney Imaging Center",
	"DeviceSerialNumber": "4mw7XDhCkzgc",
	"BodyPartExamined": "HEAD",
	"PatientPosition": "HFS",
	"SoftwareVersions": "syngo MR B17",
	"MRAcquisitionType": "2D",
	"SeriesDescription": "t2 weighted double echo",
	"ProtocolName": "t2 weighted double echo",
	"ScanningSequence": "SE",
	"SequenceVariant": "SK\\SP\\OSP",
	"ScanOptions": "FS",
	"SequenceName": "*tse2d2rs5",
	"ImageType": ["ORIGINAL", "PRIMARY", "M", "ND"],
	"SeriesNumber": 3,
	"AcquisitionTime": "07:58:36.350000",
	"AcquisitionNumber": 1,
	"SliceThickness": 5,
	"SpacingBetweenSlices": 6,
	"SAR": 0.0774537,
	"EchoNumber": 2,
	"EchoTime": 0.114,
	"RepetitionTime": 4,
	"SpoilingState": true,
	"FlipAngle": 150,
	"PartialFourier": 1,
	"BaseResolution": 256,
	"ShimSetting": [
		8025,
		-2652,
		16080,
		-34,
		154,
		-40,
		246,
		65	],
	"TxRefAmp": 313.337,
	"PhaseResolution": 0.75,
	"ReceiveCoilName": "HeadMatrix",
	"PulseSequenceDetails": "%SiemensSeq%\\tse",
	"CoilCombinationMethod": "Adaptive Combine",
	"MatrixCoilMode": "SENSE",
	"PercentPhaseFOV": 75,
	"PercentSampling": 75,
	"EchoTrainLength": 5,
	"PhaseEncodingSteps": 145,
	"AcquisitionMatrixPE": 144,
	"ReconMatrixPE": 192,
	"PixelBandwidth": 130,
	"DwellTime": 1.5e-05,
	"PhaseEncodingDirection": "i",
	"SliceTiming": [
		84.5,
		0,
		84.8047,
		0.30469,
		85.1172,
		0.61719,
		85.4219,
		0.92969,
		85.7344,
		1.23438,
		86.0391,
		1.54688,
		86.3516,
		1.85156,
		86.6641,
		2.16406,
		86.9688,
		2.46875,
		87.2812,
		2.78125,
		87.5859,
		3.08594,
		87.8984,
		3.39844,
		88.2031,
		3.70312	],
	"ImageOrientationPatientDICOM": [
		1,
		-2.05098e-10,
		-1.4319e-12,
		2.05103e-10,
		0.999976,
		0.00698126	],
	"InPlanePhaseEncodingDirectionDICOM": "ROW",
	"ConversionSoftware": "dcm2niix",
	"ConversionSoftwareVersion": "v1.0.20211006"
}
