{
	"Modality": "MR",
	"MagneticFieldStrength": 1.5,
	"ImagingFrequency": 63.6467,
	"Manufacturer": "Siemens",
	"ManufacturersModelName": "Espree",
	"InstitutionName": "Whitney Imaging Center",
	"DeviceSerialNumber": "4mw7XDhCkzgc",
	"BodyPartExamined": "HEAD",
	"PatientPosition": "HFS",
	"SoftwareVersions": "syngo MR B17",
	"MRAcquisitionType": "2D",
	"SeriesDescription": "t2 weighted double echo",
	"ProtocolName": "t2 weighted double echo",
	"ScanningSequence": "SE",
	"SequenceVariant": "SK\\SP\\OSP",
	"ScanOptions": "FS",
	"SequenceName": "*tse2d2rs5",
	"ImageType": ["ORIGINAL", "PRIMARY", "M", "ND"],
	"SeriesNumber": 3,
	"AcquisitionTime": "11:39:55.492500",
	"AcquisitionNumber": 1,
	"SliceThickness": 5,
	"SpacingBetweenSlices": 6,
	"SAR": 0.055588,
	"EchoNumber": 2,
	"EchoTime": 0.114,
	"RepetitionTime": 5,
	"SpoilingState": true,
	"FlipAngle": 150,
	"PartialFourier": 1,
	"BaseResolution": 256,
	"ShimSetting": [
		8047,
		-2706,
		16155,
		642,
		238,
		64,
		97,
		47	],
	"TxRefAmp": 306.132,
	"PhaseResolution": 0.75,
	"ReceiveCoilName": "HeadMatrix",
	"PulseSequenceDetails": "%SiemensSeq%\\tse",
	"CoilCombinationMethod": "Adaptive Combine",
	"MatrixCoilMode": "SENSE",
	"PercentPhaseFOV": 75,
	"PercentSampling": 75,
	"EchoTrainLength": 5,
	"PhaseEncodingSteps": 145,
	"AcquisitionMatrixPE": 144,
	"ReconMatrixPE": 192,
	"PixelBandwidth": 130,
	"DwellTime": 1.5e-05,
	"PhaseEncodingDirection": "i",
	"SliceTiming": [
		115.625,
		0,
		116.016,
		0.39062,
		116.398,
		0.77344,
		116.789,
		1.16406,
		117.172,
		1.54688,
		117.555,
		1.9375,
		117.945,
		2.32031,
		118.328,
		2.70312,
		118.719,
		3.09375,
		119.102,
		3.47656,
		119.484,
		3.86719,
		119.875,
		4.25,
		120.258,
		4.64062	],
	"ImageOrientationPatientDICOM": [
		1,
		-2.04354e-10,
		-1.75193e-11,
		2.05103e-10,
		0.996345,
		0.0854169	],
	"InPlanePhaseEncodingDirectionDICOM": "ROW",
	"ConversionSoftware": "dcm2niix",
	"ConversionSoftwareVersion": "v1.0.20211006"
}
