{
	"Modality": "MR",
	"MagneticFieldStrength": 1.5,
	"ImagingFrequency": 63.551,
	"Manufacturer": "Siemens",
	"ManufacturersModelName": "Symphony",
	"DeviceSerialNumber": "4M_55ADQuJaA",
	"PatientPosition": "HFS",
	"SoftwareVersions": "syngo MR A30 4VA30A",
	"MRAcquisitionType": "2D",
	"SeriesDescription": "PD-T2 DUAL AXIAL TSE",
	"ProtocolName": "PD-T2 DUAL AXIAL TSE",
	"ScanningSequence": "SE",
	"SequenceVariant": "SK\\SP\\OSP",
	"ScanOptions": "FS",
	"SequenceName": "*tse2d2rs7",
	"ImageType": ["ORIGINAL", "PRIMARY", "M", "ND"],
	"SeriesNumber": 3,
	"AcquisitionTime": "10:44:58.957510",
	"AcquisitionNumber": 1,
	"SliceThickness": 3,
	"SpacingBetweenSlices": 3,
	"SAR": 0.287872,
	"EchoTime": 0.12,
	"RepetitionTime": 4.07,
	"SpoilingState": true,
	"FlipAngle": 180,
	"PartialFourier": 1,
	"BaseResolution": 256,
	"ShimSetting": [
		7,
		6,
		106,
		0,
		0,
		0,
		0,
		0	],
	"TxRefAmp": 181.601,
	"PhaseResolution": 0.75,
	"ReceiveCoilName": "DoubleLoopArrayLeft",
	"PulseSequenceDetails": "%SiemensSeq%\\tse",
	"MatrixCoilMode": "SENSE",
	"PercentPhaseFOV": 75,
	"PercentSampling": 75,
	"EchoTrainLength": 7,
	"PhaseEncodingSteps": 147,
	"AcquisitionMatrixPE": 144,
	"ReconMatrixPE": 192,
	"PixelBandwidth": 130,
	"PhaseEncodingDirection": "i",
	"SliceTiming": [
		0,
		93.6094,
		143.148,
		0.23438,
		93.8438,
		143.398,
		0.47656,
		94.0859,
		143.656,
		0.71094,
		94.3281,
		143.914,
		0.95312,
		94.5625,
		144.164,
		1.19531,
		94.8047,
		144.422,
		1.4375,
		95.0469,
		144.672,
		1.67188,
		95.2812,
		144.93,
		1.91406,
		95.5234,
		145.188,
		2.14844,
		95.7578,
		145.438,
		2.39062,
		96,
		145.695,
		2.63281,
		96.2422,
		145.945,
		2.86719,
		96.4766,
		146.203,
		3.10938,
		96.7188,
		146.453,
		3.35156,
		96.9609,
		146.711,
		3.58594,
		97.1953,
		146.961,
		3.82812,
		97.4375	],
	"ImageOrientationPatientDICOM": [
		0.997931,
		0.0291575,
		-0.0573066,
		-0.0383366,
		0.985338,
		-0.166251	],
	"InPlanePhaseEncodingDirectionDICOM": "ROW",
	"ConversionSoftware": "dcm2niix",
	"ConversionSoftwareVersion": "v1.0.20211006"
}
