{
	"Modality": "MR",
	"MagneticFieldStrength": 3,
	"ImagingFrequency": 123.122,
	"Manufacturer": "Siemens",
	"ManufacturersModelName": "Verio",
	"DeviceSerialNumber": "4_cgQWZauzpI",
	"PatientPosition": "HFS",
	"SoftwareVersions": "syngo MR B17",
	"MRAcquisitionType": "2D",
	"SeriesDescription": "Axial PD-T2 TSE",
	"ProtocolName": "Axial PD-T2 TSE",
	"ScanningSequence": "SE",
	"SequenceVariant": "SK\\SP\\OSP",
	"SequenceName": "*tse2d2_7",
	"ImageType": ["ORIGINAL", "PRIMARY", "M", "ND", "NORM"],
	"SeriesNumber": 10,
	"AcquisitionTime": "08:53:51.047500",
	"AcquisitionNumber": 1,
	"SliceThickness": 3,
	"SpacingBetweenSlices": 3,
	"SAR": 0.196273,
	"EchoNumber": 2,
	"EchoTime": 0.101,
	"RepetitionTime": 3,
	"SpoilingState": true,
	"FlipAngle": 150,
	"PartialFourier": 1,
	"BaseResolution": 256,
	"ShimSetting": [
		-65,
		-2376,
		6535,
		214,
		242,
		903,
		-30,
		0	],
	"TxRefAmp": 402.152,
	"PhaseResolution": 1,
	"ReceiveCoilName": "HeadMatrix",
	"PulseSequenceDetails": "%SiemensSeq%\\tse",
	"CoilCombinationMethod": "Adaptive Combine",
	"MatrixCoilMode": "SENSE",
	"PercentPhaseFOV": 89.0625,
	"PercentSampling": 100,
	"EchoTrainLength": 7,
	"PhaseEncodingSteps": 231,
	"AcquisitionMatrixPE": 228,
	"ReconMatrixPE": 228,
	"PixelBandwidth": 186,
	"DwellTime": 1.05e-05,
	"PhaseEncodingDirection": "i",
	"SliceTiming": [
		0,
		62.4141,
		124.82,
		0.1875,
		62.6016,
		125.008,
		0.375,
		62.7891,
		125.195,
		0.5625,
		62.9766,
		125.383,
		0.75,
		63.1641,
		125.57,
		0.94531,
		63.3516,
		125.758,
		1.13281,
		63.5391,
		125.953,
		1.32031,
		63.7266,
		126.141,
		1.50781,
		63.9219,
		126.328,
		1.69531,
		64.1094,
		126.516,
		1.88281,
		64.2969,
		126.703,
		2.07031,
		64.4844,
		126.891,
		2.25781,
		64.6719,
		127.078,
		2.44531,
		64.8594,
		127.266,
		2.63281,
		65.0469,
		127.453,
		2.82812,
		65.2344,
		127.648	],
	"ImageOrientationPatientDICOM": [
		0.998247,
		-0.024208,
		0.054011,
		0.0278836,
		0.99727,
		-0.0683703	],
	"InPlanePhaseEncodingDirectionDICOM": "ROW",
	"ConversionSoftware": "dcm2niix",
	"ConversionSoftwareVersion": "v1.0.20211006"
}
