{
	"Modality": "MR",
	"MagneticFieldStrength": 3,
	"ImagingFrequency": 123.209,
	"Manufacturer": "Siemens",
	"ManufacturersModelName": "TrioTim",
	"InstitutionName": "Emory University",
	"DeviceSerialNumber": "4PHs8MR4da1w",
	"PatientPosition": "HFS",
	"SoftwareVersions": "syngo MR B17",
	"MRAcquisitionType": "2D",
	"SeriesDescription": "Axial PD-T2 TSE FS",
	"ProtocolName": "Axial PD-T2 TSE FS",
	"ScanningSequence": "SE",
	"SequenceVariant": "SK\\SP\\OSP",
	"ScanOptions": "FS",
	"SequenceName": "*tse2d2_7",
	"ImageType": ["ORIGINAL", "PRIMARY", "M", "ND", "NORM"],
	"SeriesNumber": 11,
	"AcquisitionTime": "10:31:59.395000",
	"AcquisitionNumber": 1,
	"SliceThickness": 3,
	"SpacingBetweenSlices": 3,
	"SAR": 0.464185,
	"EchoNumber": 2,
	"EchoTime": 0.101,
	"RepetitionTime": 3.27,
	"SpoilingState": true,
	"FlipAngle": 150,
	"PartialFourier": 1,
	"BaseResolution": 256,
	"ShimSetting": [
		1918,
		7644,
		9404,
		536,
		-76,
		-456,
		102,
		-713	],
	"TxRefAmp": 384.246,
	"PhaseResolution": 1,
	"ReceiveCoilName": "HeadMatrix",
	"PulseSequenceDetails": "%SiemensSeq%\\tse",
	"CoilCombinationMethod": "Adaptive Combine",
	"MatrixCoilMode": "SENSE",
	"PercentPhaseFOV": 89.0625,
	"PercentSampling": 100,
	"EchoTrainLength": 7,
	"PhaseEncodingSteps": 231,
	"AcquisitionMatrixPE": 228,
	"ReconMatrixPE": 228,
	"PixelBandwidth": 186,
	"DwellTime": 1.05e-05,
	"PhaseEncodingDirection": "i",
	"SliceTiming": [
		0,
		71.625,
		143.25,
		0.17969,
		71.8047,
		143.438,
		0.35938,
		71.9922,
		143.617,
		0.54688,
		72.1719,
		143.797,
		0.72656,
		72.3516,
		143.977,
		0.90625,
		72.5391,
		144.164,
		1.09375,
		72.7188,
		144.344,
		1.27344,
		72.8984,
		144.523,
		1.45312,
		73.0859,
		144.711,
		1.64062,
		73.2656,
		144.891,
		1.82031,
		73.4453,
		145.07,
		2.00781,
		73.6328,
		145.258,
		2.1875,
		73.8125,
		145.438,
		2.36719,
		73.9922,
		145.625,
		2.55469,
		74.1797,
		145.805,
		2.73438,
		74.3594,
		145.984,
		2.91406,
		74.5391,
		146.172,
		3.10156,
		74.7266,
		146.352	],
	"ImageOrientationPatientDICOM": [
		1,
		-2.02797e-10,
		3.06702e-11,
		2.05103e-10,
		0.988756,
		-0.149535	],
	"InPlanePhaseEncodingDirectionDICOM": "ROW",
	"ConversionSoftware": "dcm2niix",
	"ConversionSoftwareVersion": "v1.0.20211006"
}
