{
	"Modality": "MR",
	"MagneticFieldStrength": 3,
	"ImagingFrequency": 123.245,
	"Manufacturer": "Siemens",
	"ManufacturersModelName": "Verio",
	"InstitutionName": "Macquarie Medical Imaging",
	"DeviceSerialNumber": "4OJXl_XZUoVc",
	"PatientPosition": "HFS",
	"SoftwareVersions": "syngo MR B19",
	"MRAcquisitionType": "2D",
	"SeriesDescription": "Axial PD-T2 TSE FS",
	"ProtocolName": "Axial PD-T2 TSE FS",
	"ScanningSequence": "SE",
	"SequenceVariant": "SK\\SP\\OSP",
	"ScanOptions": "FS",
	"SequenceName": "*tse2d2_7",
	"ImageType": ["ORIGINAL", "PRIMARY", "M", "ND", "NORM"],
	"SeriesNumber": 9,
	"AcquisitionTime": "12:18:57.277500",
	"AcquisitionNumber": 1,
	"SliceThickness": 3,
	"SpacingBetweenSlices": 3,
	"SAR": 0.305627,
	"EchoNumber": 2,
	"EchoTime": 0.101,
	"RepetitionTime": 3.27,
	"SpoilingState": true,
	"FlipAngle": 150,
	"PartialFourier": 1,
	"BaseResolution": 256,
	"ShimSetting": [
		-1367,
		-5145,
		-14874,
		227,
		138,
		-384,
		68,
		-253	],
	"TxRefAmp": 446.801,
	"PhaseResolution": 1,
	"ReceiveCoilName": "NeckMatrix",
	"PulseSequenceDetails": "%SiemensSeq%\\tse",
	"CoilCombinationMethod": "Adaptive Combine",
	"MatrixCoilMode": "SENSE",
	"PercentPhaseFOV": 89.0625,
	"PercentSampling": 100,
	"EchoTrainLength": 7,
	"PhaseEncodingSteps": 231,
	"AcquisitionMatrixPE": 228,
	"ReconMatrixPE": 228,
	"PixelBandwidth": 186,
	"DwellTime": 1.05e-05,
	"PhaseEncodingDirection": "i",
	"SliceTiming": [
		0,
		71.625,
		143.25,
		0.17969,
		71.8047,
		143.43,
		0.35938,
		71.9844,
		143.617,
		0.54688,
		72.1719,
		143.797,
		0.72656,
		72.3516,
		143.977,
		0.90625,
		72.5312,
		144.164,
		1.08594,
		72.7188,
		144.344,
		1.27344,
		72.8984,
		144.523,
		1.45312,
		73.0781,
		144.711,
		1.63281,
		73.2656,
		144.891,
		1.82031,
		73.4453,
		145.07,
		2,
		73.625,
		145.25,
		2.1875,
		73.8125,
		145.438,
		2.36719,
		73.9922,
		145.617,
		2.54688,
		74.1797,
		145.805,
		2.73438,
		74.3594,
		145.984,
		2.91406,
		74.5391,
		146.164,
		3.09375,
		74.7266,
		146.352	],
	"ImageOrientationPatientDICOM": [
		1,
		-1.96246e-10,
		5.9624e-11,
		2.05103e-10,
		0.956814,
		-0.290702	],
	"InPlanePhaseEncodingDirectionDICOM": "ROW",
	"ConversionSoftware": "dcm2niix",
	"ConversionSoftwareVersion": "v1.0.20211006"
}
