{
	"Modality": "MR",
	"MagneticFieldStrength": 3,
	"ImagingFrequency": 123.245,
	"Manufacturer": "Siemens",
	"ManufacturersModelName": "Verio",
	"InstitutionName": "Macquarie Medical Imaging",
	"DeviceSerialNumber": "4OJXl_XZUoVc",
	"PatientPosition": "HFS",
	"SoftwareVersions": "syngo MR B19",
	"MRAcquisitionType": "2D",
	"SeriesDescription": "Axial PD-T2 TSE FS",
	"ProtocolName": "Axial PD-T2 TSE FS",
	"ScanningSequence": "SE",
	"SequenceVariant": "SK\\SP\\OSP",
	"ScanOptions": "FS",
	"SequenceName": "*tse2d2_7",
	"ImageType": ["ORIGINAL", "PRIMARY", "M", "ND", "NORM"],
	"SeriesNumber": 9,
	"AcquisitionTime": "13:45:3.255000",
	"AcquisitionNumber": 1,
	"SliceThickness": 3,
	"SpacingBetweenSlices": 3,
	"SAR": 0.243545,
	"EchoNumber": 2,
	"EchoTime": 0.101,
	"RepetitionTime": 3.27,
	"SpoilingState": true,
	"FlipAngle": 150,
	"PartialFourier": 1,
	"BaseResolution": 256,
	"ShimSetting": [
		-1473,
		-5252,
		-14913,
		154,
		-73,
		-495,
		157,
		-358	],
	"TxRefAmp": 480.789,
	"PhaseResolution": 1,
	"ReceiveCoilName": "NeckMatrix",
	"PulseSequenceDetails": "%SiemensSeq%\\tse",
	"CoilCombinationMethod": "Adaptive Combine",
	"MatrixCoilMode": "SENSE",
	"PercentPhaseFOV": 89.0625,
	"PercentSampling": 100,
	"EchoTrainLength": 7,
	"PhaseEncodingSteps": 231,
	"AcquisitionMatrixPE": 228,
	"ReconMatrixPE": 228,
	"PixelBandwidth": 186,
	"DwellTime": 1.05e-05,
	"PhaseEncodingDirection": "i",
	"SliceTiming": [
		0,
		71.625,
		143.25,
		0.1875,
		71.8125,
		143.438,
		0.375,
		72,
		143.625,
		0.54688,
		72.1719,
		143.812,
		0.73438,
		72.3594,
		143.984,
		0.92188,
		72.5469,
		144.172,
		1.09375,
		72.7188,
		144.359,
		1.28125,
		72.9062,
		144.531,
		1.46875,
		73.0938,
		144.719,
		1.64062,
		73.2656,
		144.906,
		1.82812,
		73.4531,
		145.078,
		2.01562,
		73.6406,
		145.266,
		2.1875,
		73.8125,
		145.453,
		2.375,
		74,
		145.625,
		2.5625,
		74.1875,
		145.812,
		2.73438,
		74.375,
		146,
		2.92188,
		74.5469,
		146.172,
		3.10938,
		74.7344,
		146.359	],
	"ImageOrientationPatientDICOM": [
		0.99889,
		0.0431005,
		-0.0190096,
		-0.0471064,
		0.913944,
		-0.403097	],
	"InPlanePhaseEncodingDirectionDICOM": "ROW",
	"ConversionSoftware": "dcm2niix",
	"ConversionSoftwareVersion": "v1.0.20211006"
}
