{
	"Modality": "MR",
	"MagneticFieldStrength": 1.5,
	"ImagingFrequency": 63.6653,
	"Manufacturer": "Siemens",
	"ManufacturersModelName": "Symphony",
	"InstitutionName": "WHITNEY",
	"DeviceSerialNumber": "4_CTRFrBXs6I",
	"PatientPosition": "HFS",
	"SoftwareVersions": "syngo MR A30 4VA30A",
	"MRAcquisitionType": "2D",
	"SeriesDescription": "AX DE TSE",
	"ProtocolName": "AX DE TSE",
	"ScanningSequence": "SE",
	"SequenceVariant": "SK\\SP\\OSP",
	"ScanOptions": "FS",
	"SequenceName": "*tse2d2rs5",
	"ImageType": ["ORIGINAL", "PRIMARY", "M", "ND"],
	"SeriesNumber": 3,
	"AcquisitionTime": "11:51:18.057510",
	"AcquisitionNumber": 1,
	"SliceThickness": 3,
	"SpacingBetweenSlices": 3,
	"SAR": 0.238553,
	"EchoTime": 0.118,
	"RepetitionTime": 5.81,
	"SpoilingState": true,
	"FlipAngle": 150,
	"PartialFourier": 1,
	"BaseResolution": 256,
	"ShimSetting": [
		65,
		-15,
		-65,
		-49,
		1131,
		-211,
		825,
		52	],
	"TxRefAmp": 292.375,
	"PhaseResolution": 0.75,
	"ReceiveCoilName": "CP_HeadArray",
	"PulseSequenceDetails": "%SiemensSeq%\\tse",
	"MatrixCoilMode": "SENSE",
	"PercentPhaseFOV": 75,
	"PercentSampling": 75,
	"EchoTrainLength": 5,
	"PhaseEncodingSteps": 145,
	"AcquisitionMatrixPE": 144,
	"ReconMatrixPE": 192,
	"PixelBandwidth": 130,
	"PhaseEncodingDirection": "i",
	"SliceTiming": [
		140.109,
		0,
		140.312,
		0.20312,
		140.516,
		0.39844,
		140.711,
		0.60156,
		140.914,
		0.80469,
		141.117,
		1.00781,
		141.312,
		1.20312,
		141.516,
		1.40625,
		141.719,
		1.60156,
		141.914,
		1.80469,
		142.117,
		2.00781,
		142.32,
		2.20312,
		142.516,
		2.40625,
		142.719,
		2.60938,
		142.914,
		2.80469,
		143.117,
		3.00781,
		143.32,
		3.21094,
		143.523,
		3.40625,
		143.719,
		3.60938,
		143.922,
		3.80469,
		144.117,
		4.00781,
		144.32,
		4.21094,
		144.523,
		4.40625,
		144.719,
		4.60938,
		144.922,
		4.8125,
		145.125,
		5.00781,
		145.32,
		5.21094,
		145.523,
		5.41406,
		145.719,
		5.60938	],
	"ImageOrientationPatientDICOM": [
		0.998047,
		0.00468566,
		0.0622866,
		3.1413e-10,
		0.997182,
		-0.0750155	],
	"InPlanePhaseEncodingDirectionDICOM": "ROW",
	"ConversionSoftware": "dcm2niix",
	"ConversionSoftwareVersion": "v1.0.20211006"
}
