{
	"Modality": "MR",
	"MagneticFieldStrength": 1.5,
	"ImagingFrequency": 63.5752,
	"Manufacturer": "Siemens",
	"ManufacturersModelName": "Symphony",
	"DeviceSerialNumber": "4M_55ADQuJaA",
	"PatientPosition": "HFS",
	"SoftwareVersions": "syngo MR A30 4VA30A",
	"MRAcquisitionType": "2D",
	"SeriesDescription": "PD-T2 DUAL AXIAL TSE",
	"ProtocolName": "PD-T2 DUAL AXIAL TSE",
	"ScanningSequence": "SE",
	"SequenceVariant": "SK\\SP\\OSP",
	"ScanOptions": "FS",
	"SequenceName": "*tse2d2rs7",
	"ImageType": ["ORIGINAL", "PRIMARY", "M", "ND"],
	"SeriesNumber": 3,
	"AcquisitionTime": "15:15:19.000000",
	"AcquisitionNumber": 1,
	"SliceThickness": 3,
	"SpacingBetweenSlices": 3,
	"SAR": 0.405391,
	"EchoTime": 0.12,
	"RepetitionTime": 4.07,
	"SpoilingState": true,
	"FlipAngle": 180,
	"PartialFourier": 1,
	"BaseResolution": 256,
	"ShimSetting": [
		-2,
		-12,
		105,
		0,
		0,
		0,
		0,
		0	],
	"TxRefAmp": 187.017,
	"PhaseResolution": 0.75,
	"ReceiveCoilName": "DoubleLoopArrayLeft",
	"PulseSequenceDetails": "%SiemensSeq%\\tse",
	"MatrixCoilMode": "SENSE",
	"PercentPhaseFOV": 75,
	"PercentSampling": 75,
	"EchoTrainLength": 7,
	"PhaseEncodingSteps": 147,
	"AcquisitionMatrixPE": 144,
	"ReconMatrixPE": 192,
	"PixelBandwidth": 130,
	"PhaseEncodingDirection": "i",
	"SliceTiming": [
		0,
		94,
		144,
		1,
		94,
		144,
		1,
		95,
		144,
		1,
		95,
		144,
		1,
		95,
		145,
		2,
		95,
		145,
		2,
		95,
		145,
		2,
		96,
		145,
		2,
		96,
		146,
		3,
		96,
		146,
		3,
		96,
		146,
		3,
		97,
		146,
		3,
		97,
		147,
		4,
		97,
		147,
		4,
		97,
		147,
		4,
		98,
		147,
		4,
		98	],
	"ImageOrientationPatientDICOM": [
		0.997721,
		-0.00622274,
		-0.0671885,
		4.04898e-10,
		0.995739,
		-0.0922214	],
	"InPlanePhaseEncodingDirectionDICOM": "ROW",
	"ConversionSoftware": "dcm2niix",
	"ConversionSoftwareVersion": "v1.0.20211006"
}
