{
	"Modality": "MR",
	"MagneticFieldStrength": 3,
	"ImagingFrequency": 123.245,
	"Manufacturer": "Siemens",
	"ManufacturersModelName": "TrioTim",
	"InstitutionName": "JHU MR01 Trio",
	"DeviceSerialNumber": "4xi1crLtyp9U",
	"PatientPosition": "HFS",
	"SoftwareVersions": "syngo MR B17",
	"MRAcquisitionType": "2D",
	"SeriesDescription": "Axial PD-T2 TSE_AC/PC line",
	"ProtocolName": "Axial PD-T2 TSE_AC/PC line",
	"ScanningSequence": "SE",
	"SequenceVariant": "SK\\SP\\OSP",
	"SequenceName": "*tse2d2_7",
	"ImageType": ["ORIGINAL", "PRIMARY", "M", "ND", "NORM"],
	"SeriesNumber": 10,
	"AcquisitionTime": "12:45:33.722500",
	"AcquisitionNumber": 1,
	"SliceThickness": 3,
	"SpacingBetweenSlices": 3,
	"SAR": 0.551137,
	"EchoNumber": 2,
	"EchoTime": 0.101,
	"RepetitionTime": 3,
	"SpoilingState": true,
	"FlipAngle": 150,
	"PartialFourier": 1,
	"BaseResolution": 256,
	"ShimSetting": [
		15697,
		-13390,
		-977,
		245,
		53,
		-137,
		-96,
		-47	],
	"TxRefAmp": 451.906,
	"PhaseResolution": 1,
	"ReceiveCoilName": "HeadMatrix",
	"PulseSequenceDetails": "%SiemensSeq%\\tse",
	"CoilCombinationMethod": "Adaptive Combine",
	"MatrixCoilMode": "SENSE",
	"PercentPhaseFOV": 89.0625,
	"PercentSampling": 100,
	"EchoTrainLength": 7,
	"PhaseEncodingSteps": 231,
	"AcquisitionMatrixPE": 228,
	"ReconMatrixPE": 228,
	"PixelBandwidth": 186,
	"DwellTime": 1.05e-05,
	"PhaseEncodingDirection": "i",
	"SliceTiming": [
		0,
		62.4141,
		124.82,
		0.19531,
		62.6016,
		125.008,
		0.38281,
		62.7891,
		125.203,
		0.57031,
		62.9766,
		125.391,
		0.75781,
		63.1641,
		125.578,
		0.94531,
		63.3594,
		125.766,
		1.13281,
		63.5469,
		125.953,
		1.32031,
		63.7344,
		126.141,
		1.50781,
		63.9219,
		126.328,
		1.69531,
		64.1094,
		126.516,
		1.88281,
		64.2969,
		126.703,
		2.07812,
		64.4844,
		126.891,
		2.26562,
		64.6719,
		127.086,
		2.45312,
		64.8594,
		127.273,
		2.64062,
		65.0547,
		127.461,
		2.82812,
		65.2422,
		127.648	],
	"ImageOrientationPatientDICOM": [
		0.999085,
		0.0231764,
		-0.0359468,
		-0.0296521,
		0.981019,
		-0.191631	],
	"InPlanePhaseEncodingDirectionDICOM": "ROW",
	"ConversionSoftware": "dcm2niix",
	"ConversionSoftwareVersion": "v1.0.20211006"
}
