{
	"Modality": "MR",
	"MagneticFieldStrength": 1.5,
	"ImagingFrequency": 63.6446,
	"Manufacturer": "Siemens",
	"ManufacturersModelName": "PMOD",
	"InstitutionName": "WHITNEY IMAGING CENTER",
	"DeviceSerialNumber": "0",
	"BodyPartExamined": "HEAD",
	"PatientPosition": "HFS",
	"SoftwareVersions": "3.405",
	"MRAcquisitionType": "2D",
	"SeriesDescription": "Axial PD-T2 TSE",
	"ProtocolName": "Axial PD-T2 TSE",
	"ScanningSequence": "SE",
	"SequenceVariant": "SK\\SP\\OSP",
	"SequenceName": "*tse2d2_7",
	"ImageType": ["ORIGINAL", "PRIMARY", "M", "ND", "NORM"],
	"SeriesNumber": 7,
	"AcquisitionTime": "08:34:4.032500",
	"AcquisitionNumber": 1,
	"SliceThickness": 3,
	"SpacingBetweenSlices": 3,
	"SAR": 0.0676188,
	"EchoNumber": 2,
	"EchoTime": 0.134,
	"RepetitionTime": 3.21,
	"SpoilingState": true,
	"FlipAngle": 150,
	"PartialFourier": 1,
	"BaseResolution": 256,
	"ShimSetting": [
		8277,
		-2818,
		15872,
		35,
		-776,
		-375,
		-73,
		-24	],
	"TxRefAmp": 296.699,
	"PhaseResolution": 1,
	"ReceiveCoilName": "HeadMatrix",
	"PulseSequenceDetails": "%SiemensSeq%\\tse",
	"CoilCombinationMethod": "Sum of Squares",
	"MatrixCoilMode": "SENSE",
	"PercentPhaseFOV": 89.0625,
	"PercentSampling": 100,
	"EchoTrainLength": 7,
	"PhaseEncodingSteps": 231,
	"AcquisitionMatrixPE": 228,
	"ReconMatrixPE": 228,
	"PixelBandwidth": 163,
	"DwellTime": 1.2e-05,
	"PhaseEncodingDirection": "i",
	"SliceTiming": [
		0,
		69.5781,
		139.156,
		208.734,
		0.27344,
		69.8516,
		139.43,
		209.008,
		0.53906,
		70.1172,
		139.695,
		209.273,
		0.8125,
		70.3828,
		139.961,
		209.547,
		1.07812,
		70.6562,
		140.234,
		209.812,
		1.34375,
		70.9219,
		140.5,
		210.078,
		1.61719,
		71.1875,
		140.773,
		210.352,
		1.88281,
		71.4609,
		141.039,
		210.617,
		2.14844,
		71.7266,
		141.305,
		210.883,
		2.42188,
		72,
		141.578,
		211.156,
		2.6875,
		72.2656,
		141.844,
		211.422,
		2.95312,
		72.5312,
		142.117,
		211.688	],
	"ImageOrientationPatientDICOM": [
		0.999743,
		-2.05103e-10,
		0.0226873,
		2.05051e-10,
		1,
		4.653e-12	],
	"InPlanePhaseEncodingDirectionDICOM": "ROW",
	"ConversionSoftware": "dcm2niix",
	"ConversionSoftwareVersion": "v1.0.20211006"
}
