{
	"Modality": "MR",
	"MagneticFieldStrength": 1.5,
	"ImagingFrequency": 63.6093,
	"Manufacturer": "Siemens",
	"ManufacturersModelName": "PMOD",
	"DeviceSerialNumber": "0",
	"PatientPosition": "HFS",
	"SoftwareVersions": "3.405",
	"MRAcquisitionType": "2D",
	"SeriesDescription": "T2",
	"ProtocolName": "AXIAL PD-T2 TSE",
	"ScanningSequence": "SE",
	"SequenceVariant": "SK\\SP\\OSP",
	"SequenceName": "*tse2d2_7",
	"ImageType": ["ORIGINAL", "PRIMARY", "M", "ND"],
	"SeriesNumber": 6,
	"AcquisitionTime": "09:58:49.927500",
	"AcquisitionNumber": 1,
	"SliceThickness": 3,
	"SpacingBetweenSlices": 3,
	"SAR": 0.208731,
	"EchoTime": 0.102,
	"RepetitionTime": 3,
	"SpoilingState": true,
	"FlipAngle": 150,
	"PartialFourier": 1,
	"BaseResolution": 256,
	"ShimSetting": [
		-1,
		12,
		156,
		0,
		0,
		0,
		0,
		0	],
	"TxRefAmp": 196.214,
	"PhaseResolution": 1,
	"ReceiveCoilName": "CP_HeadArray",
	"PulseSequenceDetails": "%SiemensSeq%\\tse",
	"MatrixCoilMode": "SENSE",
	"PercentPhaseFOV": 89.0625,
	"PercentSampling": 100,
	"EchoTrainLength": 7,
	"PhaseEncodingSteps": 231,
	"AcquisitionMatrixPE": 228,
	"ReconMatrixPE": 228,
	"PixelBandwidth": 165,
	"PhaseEncodingDirection": "i",
	"SliceTiming": [
		0,
		65,
		127,
		189,
		0.25,
		65.25,
		127.25,
		189.25,
		0.5,
		65.5,
		127.5,
		189.5,
		0.75,
		65.75,
		127.75,
		189.75,
		1,
		66,
		128,
		190,
		1.25,
		66.25,
		128.25,
		190.25,
		1.5,
		66.5,
		128.5,
		190.5,
		1.75,
		66.75,
		128.75,
		190.75,
		2,
		67,
		129,
		191,
		2.25,
		67.25,
		129.25,
		191.25,
		2.5,
		67.5,
		129.5,
		191.5,
		2.75,
		67.75,
		129.75,
		191.75	],
	"ImageOrientationPatientDICOM": [
		1,
		-2.05033e-10,
		5.36898e-12,
		2.05103e-10,
		0.999657,
		-0.0261769	],
	"InPlanePhaseEncodingDirectionDICOM": "ROW",
	"ConversionSoftware": "dcm2niix",
	"ConversionSoftwareVersion": "v1.0.20211006"
}
