{
	"Modality": "MR",
	"MagneticFieldStrength": 3,
	"ImagingFrequency": 123.26,
	"Manufacturer": "Siemens",
	"ManufacturersModelName": "Prisma_fit",
	"InstitutionName": "CCHS CLEVELAND CLINIC",
	"DeviceSerialNumber": "45CVgnUD9zOQ",
	"BodyPartExamined": "HEAD",
	"PatientPosition": "HFS",
	"SoftwareVersions": "syngo MR D13D",
	"MRAcquisitionType": "2D",
	"SeriesDescription": "AXIAL PD-T2 TSE FS",
	"ProtocolName": "AXIAL PD-T2 TSE FS",
	"ScanningSequence": "SE",
	"SequenceVariant": "SK\\SP\\OSP",
	"ScanOptions": "FS",
	"SequenceName": "*tse2d2_7",
	"ImageType": ["ORIGINAL", "PRIMARY", "M", "ND", "NORM"],
	"SeriesNumber": 11,
	"AcquisitionTime": "11:43:14.335000",
	"AcquisitionNumber": 1,
	"SliceThickness": 3,
	"SpacingBetweenSlices": 3,
	"SAR": 0.521761,
	"EchoNumber": 2,
	"EchoTime": 0.103,
	"RepetitionTime": 3.27,
	"SpoilingState": true,
	"FlipAngle": 150,
	"PartialFourier": 1,
	"BaseResolution": 256,
	"ShimSetting": [
		-1388,
		564,
		4429,
		295,
		10,
		-209,
		19,
		-56	],
	"TxRefAmp": 303.92,
	"PhaseResolution": 1,
	"ReceiveCoilName": "HeadNeck_20",
	"ReceiveCoilActiveElements": "HE1-4",
	"PulseSequenceDetails": "%SiemensSeq%\\tse",
	"CoilCombinationMethod": "Adaptive Combine",
	"ConsistencyInfo": "N4_VD13D_LATEST_20130810",
	"MatrixCoilMode": "SENSE",
	"PercentPhaseFOV": 90.625,
	"PercentSampling": 100,
	"EchoTrainLength": 14,
	"PhaseEncodingSteps": 238,
	"AcquisitionMatrixPE": 232,
	"ReconMatrixPE": 232,
	"PixelBandwidth": 185,
	"DwellTime": 1.05e-05,
	"PhaseEncodingDirection": "i",
	"SliceTiming": [
		0,
		74.4453,
		148.898,
		0.17969,
		74.6328,
		149.078,
		0.36719,
		74.8125,
		149.266,
		0.54688,
		74.9922,
		149.445,
		0.72656,
		75.1797,
		149.625,
		0.90625,
		75.3594,
		149.812,
		1.08594,
		75.5391,
		149.992,
		1.27344,
		75.7188,
		150.172,
		1.45312,
		75.9062,
		150.352,
		1.63281,
		76.0859,
		150.531,
		1.82031,
		76.2656,
		150.719,
		2,
		76.4453,
		150.898,
		2.17969,
		76.6328,
		151.078,
		2.35938,
		76.8125,
		151.258,
		2.54688,
		76.9922,
		151.445,
		2.72656,
		77.1719,
		151.625,
		2.90625,
		77.3594,
		151.805,
		3.08594,
		77.5391,
		151.992	],
	"ImageOrientationPatientDICOM": [
		1,
		-2.05103e-10,
		0,
		2.05103e-10,
		1,
		0	],
	"InPlanePhaseEncodingDirectionDICOM": "ROW",
	"ConversionSoftware": "dcm2niix",
	"ConversionSoftwareVersion": "v1.0.20211006"
}
