{
	"Modality": "MR",
	"MagneticFieldStrength": 3,
	"ImagingFrequency": 123.204,
	"Manufacturer": "Siemens",
	"ManufacturersModelName": "Verio",
	"InstitutionName": "PPMI",
	"DeviceSerialNumber": "4pq4cHC4b63_",
	"PatientPosition": "HFS",
	"SoftwareVersions": "syngo MR B17",
	"MRAcquisitionType": "2D",
	"SeriesDescription": "Axial PD-T2 TSE FS",
	"ProtocolName": "Axial PD-T2 TSE FS",
	"ScanningSequence": "SE",
	"SequenceVariant": "SK\\SP\\OSP",
	"ScanOptions": "FS",
	"SequenceName": "*tse2d2_7",
	"ImageType": ["ORIGINAL", "PRIMARY", "M", "ND", "NORM"],
	"SeriesNumber": 10,
	"AcquisitionTime": "17:56:15.460000",
	"AcquisitionNumber": 1,
	"SliceThickness": 3,
	"SpacingBetweenSlices": 3,
	"SAR": 0.208068,
	"EchoNumber": 2,
	"EchoTime": 0.101,
	"RepetitionTime": 3.27,
	"SpoilingState": true,
	"FlipAngle": 150,
	"PartialFourier": 0.0307018,
	"PercentPhaseFOV": 89.0625,
	"PercentSampling": 100,
	"EchoTrainLength": 7,
	"PhaseEncodingSteps": 231,
	"AcquisitionMatrixPE": 228,
	"ReconMatrixPE": 228,
	"PixelBandwidth": 186,
	"PhaseEncodingAxis": "i",
	"SliceTiming": [
		0,
		71.625,
		143.266,
		0.1875,
		71.8125,
		143.438,
		0.375,
		72,
		143.625,
		0.54688,
		72.1719,
		143.812,
		0.73438,
		72.3594,
		143.984,
		0.92188,
		72.5469,
		144.172,
		1.10938,
		72.7344,
		144.359,
		1.28125,
		72.9062,
		144.531,
		1.46875,
		73.0938,
		144.719,
		1.64062,
		73.2812,
		144.906,
		1.82812,
		73.4531,
		145.078,
		2.01562,
		73.6406,
		145.266,
		2.1875,
		73.8281,
		145.453,
		2.375,
		74,
		145.625,
		2.5625,
		74.1875,
		145.812,
		2.73438,
		74.375,
		146,
		2.92188,
		74.5469,
		146.172,
		3.10938,
		74.7344,
		146.359	],
	"ImageOrientationPatientDICOM": [
		1,
		-2.02291e-10,
		3.38518e-11,
		2.05103e-10,
		0.986286,
		-0.165048	],
	"InPlanePhaseEncodingDirectionDICOM": "ROW",
	"ConversionSoftware": "dcm2niix",
	"ConversionSoftwareVersion": "v1.0.20211006"
}
