{
	"Modality": "MR",
	"MagneticFieldStrength": 3,
	"ImagingFrequency": 123.198,
	"Manufacturer": "Siemens",
	"ManufacturersModelName": "Biograph_mMR",
	"InstitutionName": "PPMI_Imaging_Core",
	"DeviceSerialNumber": "45crOm.NGxso",
	"BodyPartExamined": "BRAIN",
	"PatientPosition": "HFS",
	"SoftwareVersions": "syngo MR E11",
	"MRAcquisitionType": "2D",
	"SeriesDescription": "Axial PD-T2 TSE FS",
	"ProtocolName": "Axial PD-T2 TSE FS",
	"ScanningSequence": "SE",
	"SequenceVariant": "SK\\SP\\OSP",
	"ScanOptions": "FS",
	"SequenceName": "*tse2d2_7",
	"ImageType": ["ORIGINAL", "PRIMARY", "M", "ND", "NORM"],
	"SeriesNumber": 9,
	"AcquisitionTime": "14:52:19.375000",
	"AcquisitionNumber": 1,
	"SliceThickness": 3,
	"SpacingBetweenSlices": 3,
	"SAR": 0.369885,
	"EchoNumber": 2,
	"EchoTime": 0.101,
	"RepetitionTime": 3.27,
	"SpoilingState": true,
	"FlipAngle": 150,
	"PartialFourier": 1,
	"BaseResolution": 256,
	"ShimSetting": [
		-7741,
		14430,
		16030,
		200,
		-241,
		1384,
		-137,
		34	],
	"TxRefAmp": 297.009,
	"PhaseResolution": 1,
	"ReceiveCoilName": "HeadNeck_MRPET",
	"ReceiveCoilActiveElements": "HEA;HEP;NEP",
	"PulseSequenceDetails": "%SiemensSeq%\\tse",
	"CoilCombinationMethod": "Adaptive Combine",
	"ConsistencyInfo": "N4_VE11P_LATEST_20161021",
	"MatrixCoilMode": "SENSE",
	"PercentPhaseFOV": 90.625,
	"PercentSampling": 100,
	"EchoTrainLength": 14,
	"PhaseEncodingSteps": 238,
	"AcquisitionMatrixPE": 232,
	"ReconMatrixPE": 232,
	"PixelBandwidth": 185,
	"DwellTime": 1.05e-05,
	"PhaseEncodingDirection": "i",
	"SliceTiming": [
		0,
		74.4531,
		148.906,
		0.1875,
		74.625,
		149.078,
		0.35938,
		74.8125,
		149.266,
		0.54688,
		75,
		149.438,
		0.73438,
		75.1719,
		149.625,
		0.90625,
		75.3594,
		149.812,
		1.09375,
		75.5469,
		149.984,
		1.26562,
		75.7188,
		150.172,
		1.45312,
		75.9062,
		150.359,
		1.64062,
		76.0781,
		150.531,
		1.8125,
		76.2656,
		150.719,
		2,
		76.4531,
		150.906,
		2.1875,
		76.625,
		151.078,
		2.35938,
		76.8125,
		151.266,
		2.54688,
		77,
		151.438,
		2.71875,
		77.1719,
		151.625,
		2.90625,
		77.3594,
		151.812,
		3.09375,
		77.5469,
		151.984	],
	"ImageOrientationPatientDICOM": [
		1,
		4.7e-12,
		-1.374e-12,
		-4.897e-12,
		0.959805,
		-0.280667	],
	"InPlanePhaseEncodingDirectionDICOM": "ROW",
	"ConversionSoftware": "dcm2niix",
	"ConversionSoftwareVersion": "v1.0.20211006"
}
