{
	"Modality": "MR",
	"MagneticFieldStrength": 3,
	"ImagingFrequency": 123.262,
	"Manufacturer": "Siemens",
	"ManufacturersModelName": "Prisma_fit",
	"InstitutionName": "PPMI_2-0_Imaging_Core",
	"DeviceSerialNumber": "4z_aSSVlaYsY",
	"BodyPartExamined": "BRAIN",
	"PatientPosition": "HFS",
	"SoftwareVersions": "syngo MR E11",
	"MRAcquisitionType": "2D",
	"SeriesDescription": "NM-MT",
	"ProtocolName": "Anon",
	"ScanningSequence": "GR",
	"SequenceVariant": "MTC\\SS",
	"ScanOptions": "MT",
	"SequenceName": "fi2d1",
	"ImageType": ["ORIGINAL", "PRIMARY", "M", "NORM", "DIS2D"],
	"SeriesNumber": 7,
	"AcquisitionTime": "17:07:18.702500",
	"AcquisitionNumber": 4,
	"SliceThickness": 1.5,
	"SpacingBetweenSlices": 1.5,
	"SAR": 0.744618,
	"EchoTime": 0.00348,
	"RepetitionTime": 0.465,
	"FlipAngle": 27,
	"PercentPhaseFOV": 100,
	"PercentSampling": 100,
	"PhaseEncodingSteps": 448,
	"AcquisitionMatrixPE": 448,
	"ReconMatrixPE": 448,
	"PixelBandwidth": 400,
	"PhaseEncodingAxis": "i",
	"SliceTiming": [
		0.23438,
		0,
		0.26562,
		0.03125,
		0.29688,
		0.0625,
		0.32812,
		0.09375,
		0.34375,
		0.10938,
		0.375,
		0.14062,
		0.40625,
		0.17188,
		0.4375,
		0.20312	],
	"ImageOrientationPatientDICOM": [
		0.998645,
		0.0385267,
		-0.0349822,
		-0.0401097,
		0.998148,
		-0.0457394	],
	"InPlanePhaseEncodingDirectionDICOM": "ROW",
	"ConversionSoftware": "dcm2niix",
	"ConversionSoftwareVersion": "v1.0.20211006"
}
