{
	"Modality": "MR",
	"MagneticFieldStrength": 3,
	"ImagingFrequency": 123.236,
	"Manufacturer": "Siemens",
	"ManufacturersModelName": "Skyra",
	"InstitutionName": "PPMI_2-0_Imaging_Core",
	"BodyPartExamined": "BRAIN",
	"SoftwareVersions": "syngo MR E11",
	"MRAcquisitionType": "2D",
	"SeriesDescription": "DTI_B0_PA",
	"ProtocolName": "Anon",
	"ScanningSequence": "EP",
	"SequenceVariant": "SK\\SP",
	"ScanOptions": "PFP\\FS",
	"SequenceName": "*ep_b0",
	"ImageType": ["ORIGINAL", "PRIMARY", "DIFFUSION", "NONE", "ND", "NORM"],
	"SeriesNumber": 23,
	"AcquisitionTime": "16:11:57.715000",
	"AcquisitionNumber": 1,
	"SliceThickness": 2,
	"SpacingBetweenSlices": 2,
	"SAR": 0.239884,
	"EchoTime": 0.101,
	"RepetitionTime": 4.3,
	"SpoilingState": true,
	"FlipAngle": 90,
	"PartialFourier": 0.75,
	"MultibandAccelerationFactor": 3,
	"PercentPhaseFOV": 100,
	"PercentSampling": 100,
	"EchoTrainLength": 87,
	"PhaseEncodingSteps": 87,
	"AcquisitionMatrixPE": 116,
	"ReconMatrixPE": 116,
	"PixelBandwidth": 1660,
	"PhaseEncodingAxis": "j",
	"SliceTiming": [
		2.0625,
		4.125,
		1.90625,
		3.96875,
		1.75,
		3.79688,
		1.57812,
		3.64062,
		1.42188,
		3.48438,
		1.26562,
		3.32812,
		1.10938,
		3.17188,
		0.95312,
		3.01562,
		0.79688,
		2.84375,
		0.64062,
		2.6875,
		0.46875,
		2.53125,
		0.3125,
		2.375,
		0.15625,
		2.21875,
		0,
		2.0625,
		4.125,
		1.90625,
		3.96875,
		1.75,
		3.79688,
		1.57812,
		3.64062,
		1.42188,
		3.48438,
		1.26562,
		3.32812,
		1.10938,
		3.17188,
		0.95312,
		3.01562,
		0.79688,
		2.84375,
		0.64062,
		2.6875,
		0.46875,
		2.53125,
		0.3125,
		2.375,
		0.15625,
		2.21875,
		0,
		2.0625,
		4.125,
		1.90625,
		3.96875,
		1.75,
		3.79688,
		1.57812,
		3.64062,
		1.42188,
		3.48438,
		1.26562,
		3.32812,
		1.10938,
		3.17188,
		0.95312,
		3.01562,
		0.79688,
		2.84375,
		0.64062,
		2.6875,
		0.46875,
		2.53125,
		0.3125,
		2.375,
		0.15625,
		2.21875,
		0	],
	"ImageOrientationPatientDICOM": [
		1,
		0,
		0,
		0,
		1,
		0	],
	"InPlanePhaseEncodingDirectionDICOM": "COL",
	"ConversionSoftware": "dcm2niix",
	"ConversionSoftwareVersion": "v1.0.20211006"
}
