{
	"Modality": "MR",
	"MagneticFieldStrength": 3,
	"ImagingFrequency": 123.259,
	"Manufacturer": "Siemens",
	"ManufacturersModelName": "Prisma",
	"InstitutionName": "PPMI_2-0_Imaging_Core",
	"DeviceSerialNumber": "43NyV_ZZjSAI",
	"BodyPartExamined": "BRAIN",
	"PatientPosition": "HFS",
	"SoftwareVersions": "syngo MR E11",
	"MRAcquisitionType": "2D",
	"SeriesDescription": "2D GRE-NM",
	"ProtocolName": "Anon",
	"ScanningSequence": "GR",
	"SequenceVariant": "MTC\\SS",
	"ScanOptions": "MT",
	"SequenceName": "*fi2d1",
	"ImageType": ["ORIGINAL", "PRIMARY", "M", "NORM", "DIS2D"],
	"SeriesNumber": 26,
	"AcquisitionTime": "14:06:39.317500",
	"AcquisitionNumber": 3,
	"SliceThickness": 1.5,
	"SpacingBetweenSlices": 1.5,
	"SAR": 0.574101,
	"EchoTime": 0.00337,
	"RepetitionTime": 0.498,
	"FlipAngle": 16,
	"PartialFourier": 1,
	"BaseResolution": 448,
	"ShimSetting": [
		-3057,
		-9834,
		1758,
		-6,
		-40,
		-88,
		-271,
		-14	],
	"TxRefAmp": 299.962,
	"PhaseResolution": 1,
	"ReceiveCoilName": "HeadNeck_20",
	"ReceiveCoilActiveElements": "HE1-4",
	"PulseSequenceDetails": "%SiemensSeq%\\gre",
	"RefLinesPE": 24,
	"CoilCombinationMethod": "Adaptive Combine",
	"MTState": true,
	"ConsistencyInfo": "N4_VE11C_LATEST_20160120",
	"MatrixCoilMode": "GRAPPA",
	"PercentPhaseFOV": 100,
	"PercentSampling": 100,
	"PhaseEncodingSteps": 448,
	"AcquisitionMatrixPE": 448,
	"ReconMatrixPE": 448,
	"ParallelReductionFactorInPlane": 2,
	"PixelBandwidth": 505,
	"DwellTime": 2.2e-06,
	"PhaseEncodingDirection": "i",
	"SliceTiming": [
		0.25,
		0,
		0.28125,
		0.03125,
		0.3125,
		0.0625,
		0.34375,
		0.09375,
		0.375,
		0.125,
		0.40625,
		0.15625,
		0.4375,
		0.1875,
		0.46875,
		0.21875	],
	"ImageOrientationPatientDICOM": [
		0.997422,
		0.0717253,
		0.0023078,
		-0.0679974,
		0.954883,
		-0.289094	],
	"ImageOrientationText": "Tra>Cor(-16.8)>Sag(1.3)",
	"InPlanePhaseEncodingDirectionDICOM": "ROW",
	"ConversionSoftware": "dcm2niix",
	"ConversionSoftwareVersion": "v1.0.20211006"
}
