{
	"Modality": "MR",
	"MagneticFieldStrength": 3,
	"ImagingFrequency": 123.229,
	"Manufacturer": "Siemens",
	"ManufacturersModelName": "Skyra",
	"InstitutionName": "PPMI_2-0_Imaging_Core",
	"DeviceSerialNumber": "44WMxRcrMFEw",
	"BodyPartExamined": "BRAIN",
	"PatientPosition": "HFS",
	"SoftwareVersions": "syngo MR E11",
	"MRAcquisitionType": "2D",
	"SeriesDescription": "2D GRE-MT_ACPC",
	"ProtocolName": "Anon",
	"ScanningSequence": "GR",
	"SequenceVariant": "MTC\\SS",
	"ScanOptions": "MT",
	"SequenceName": "*fi2d1",
	"ImageType": ["ORIGINAL", "PRIMARY", "M", "NORM", "DIS2D"],
	"SeriesNumber": 9,
	"AcquisitionTime": "09:20:33.337500",
	"AcquisitionNumber": 3,
	"SliceThickness": 1.5,
	"SpacingBetweenSlices": 1.5,
	"SAR": 0.640408,
	"EchoTime": 0.005,
	"RepetitionTime": 0.465,
	"FlipAngle": 26,
	"PartialFourier": 1,
	"BaseResolution": 448,
	"ShimSetting": [
		527,
		-1015,
		-15394,
		35,
		328,
		108,
		-120,
		58	],
	"TxRefAmp": 420.268,
	"PhaseResolution": 1,
	"ReceiveCoilName": "HeadNeck_20",
	"ReceiveCoilActiveElements": "HE1-4;NE1,2",
	"PulseSequenceDetails": "%SiemensSeq%\\gre",
	"RefLinesPE": 24,
	"CoilCombinationMethod": "Adaptive Combine",
	"MTState": true,
	"ConsistencyInfo": "N4_VE11C_LATEST_20160120",
	"MatrixCoilMode": "GRAPPA",
	"PercentPhaseFOV": 100,
	"PercentSampling": 100,
	"PhaseEncodingSteps": 448,
	"AcquisitionMatrixPE": 448,
	"ReconMatrixPE": 448,
	"ParallelReductionFactorInPlane": 2,
	"PixelBandwidth": 485,
	"DwellTime": 2.3e-06,
	"PhaseEncodingDirection": "i",
	"SliceTiming": [
		0.23438,
		0,
		0.26562,
		0.03125,
		0.29688,
		0.0625,
		0.32031,
		0.09375,
		0.35156,
		0.11719,
		0.38281,
		0.14844,
		0.41406,
		0.17969,
		0.4375,
		0.21094	],
	"ImageOrientationPatientDICOM": [
		1,
		4.821e-12,
		-8.59e-13,
		-4.897e-12,
		0.984503,
		-0.175367	],
	"ImageOrientationText": "Tra>Cor(-10.1)",
	"InPlanePhaseEncodingDirectionDICOM": "ROW",
	"ConversionSoftware": "dcm2niix",
	"ConversionSoftwareVersion": "v1.0.20211006"
}
