{
	"Modality": "MR",
	"MagneticFieldStrength": 3,
	"ImagingFrequency": 123.259,
	"Manufacturer": "Siemens",
	"ManufacturersModelName": "Prisma",
	"InstitutionName": "PPMI_2-0_Imaging_Core",
	"DeviceSerialNumber": "4x3euhj7hlvk",
	"BodyPartExamined": "BRAIN",
	"PatientPosition": "HFS",
	"SoftwareVersions": "syngo MR E11",
	"MRAcquisitionType": "2D",
	"SeriesDescription": "2D GRE MT",
	"ProtocolName": "Anon",
	"ScanningSequence": "GR",
	"SequenceVariant": "MTC\\SS",
	"ScanOptions": "MT",
	"SequenceName": "*fi2d1",
	"ImageType": ["ORIGINAL", "PRIMARY", "M", "NORM", "DIS2D"],
	"SeriesNumber": 7,
	"AcquisitionTime": "15:43:2.760000",
	"AcquisitionNumber": 2,
	"SliceThickness": 1.5,
	"SpacingBetweenSlices": 1.5,
	"SAR": 0.588792,
	"EchoTime": 0.00339,
	"RepetitionTime": 0.479,
	"FlipAngle": 20,
	"PartialFourier": 1,
	"BaseResolution": 448,
	"ShimSetting": [
		5054,
		-8792,
		4866,
		48,
		-40,
		23,
		-49,
		-28	],
	"TxRefAmp": 302.363,
	"PhaseResolution": 1,
	"ReceiveCoilName": "HeadNeck_20",
	"ReceiveCoilActiveElements": "HE1-4",
	"PulseSequenceDetails": "%SiemensSeq%\\gre",
	"RefLinesPE": 24,
	"CoilCombinationMethod": "Adaptive Combine",
	"MTState": true,
	"ConsistencyInfo": "N4_VE11C_LATEST_20160120",
	"MatrixCoilMode": "GRAPPA",
	"PercentPhaseFOV": 100,
	"PercentSampling": 100,
	"PhaseEncodingSteps": 448,
	"AcquisitionMatrixPE": 448,
	"ReconMatrixPE": 448,
	"ParallelReductionFactorInPlane": 2,
	"PixelBandwidth": 485,
	"DwellTime": 2.3e-06,
	"PhaseEncodingDirection": "i",
	"SliceTiming": [
		0.25,
		0,
		0.28125,
		0.03125,
		0.29688,
		0.0625,
		0.32812,
		0.09375,
		0.35938,
		0.125,
		0.39062,
		0.15625,
		0.42188,
		0.1875,
		0.45312,
		0.21875	],
	"ImageOrientationPatientDICOM": [
		0.999948,
		-0.00106118,
		-0.0101448,
		-1.5311e-11,
		0.994574,
		-0.104035	],
	"ImageOrientationText": "Tra>Cor(-6.0)>Sag(-0.6)",
	"InPlanePhaseEncodingDirectionDICOM": "ROW",
	"ConversionSoftware": "dcm2niix",
	"ConversionSoftwareVersion": "v1.0.20211006"
}
