{
	"Modality": "MR",
	"MagneticFieldStrength": 3,
	"ImagingFrequency": 123.208,
	"Manufacturer": "Siemens",
	"ManufacturersModelName": "Verio",
	"InstitutionName": "PPMI",
	"DeviceSerialNumber": "4pq4cHC4b63_",
	"PatientPosition": "HFS",
	"SoftwareVersions": "syngo MR B17",
	"MRAcquisitionType": "2D",
	"SeriesDescription": "Axial PD-T2 TSE FS",
	"ProtocolName": "Axial PD-T2 TSE FS",
	"ScanningSequence": "SE",
	"SequenceVariant": "SK\\SP\\OSP",
	"ScanOptions": "FS",
	"SequenceName": "*tse2d2_7",
	"ImageType": ["ORIGINAL", "PRIMARY", "M", "ND", "NORM"],
	"SeriesNumber": 10,
	"AcquisitionTime": "09:10:16.260000",
	"AcquisitionNumber": 1,
	"SliceThickness": 3,
	"SpacingBetweenSlices": 3,
	"SAR": 0.21208,
	"EchoNumber": 2,
	"EchoTime": 0.101,
	"RepetitionTime": 3.27,
	"SpoilingState": true,
	"FlipAngle": 150,
	"PartialFourier": 0.0307018,
	"PercentPhaseFOV": 89.0625,
	"PercentSampling": 100,
	"EchoTrainLength": 7,
	"PhaseEncodingSteps": 231,
	"AcquisitionMatrixPE": 228,
	"ReconMatrixPE": 228,
	"PixelBandwidth": 186,
	"PhaseEncodingAxis": "i",
	"SliceTiming": [
		0,
		71.625,
		143.258,
		0.1875,
		71.8125,
		143.438,
		0.36719,
		71.9922,
		143.617,
		0.54688,
		72.1719,
		143.805,
		0.72656,
		72.3594,
		143.984,
		0.91406,
		72.5391,
		144.164,
		1.09375,
		72.7188,
		144.344,
		1.27344,
		72.9062,
		144.531,
		1.46094,
		73.0859,
		144.711,
		1.64062,
		73.2734,
		144.898,
		1.82812,
		73.4531,
		145.078,
		2.00781,
		73.6328,
		145.258,
		2.1875,
		73.8203,
		145.445,
		2.375,
		74,
		145.625,
		2.55469,
		74.1797,
		145.805,
		2.73438,
		74.3594,
		145.992,
		2.92188,
		74.5469,
		146.172,
		3.10156,
		74.7266,
		146.352	],
	"ImageOrientationPatientDICOM": [
		1,
		-2.00006e-10,
		4.54404e-11,
		2.05103e-10,
		0.975149,
		-0.221548	],
	"InPlanePhaseEncodingDirectionDICOM": "ROW",
	"ConversionSoftware": "dcm2niix",
	"ConversionSoftwareVersion": "v1.0.20211006"
}
