{
	"Modality": "MR",
	"MagneticFieldStrength": 1.5,
	"ImagingFrequency": 63.6447,
	"Manufacturer": "Siemens",
	"ManufacturersModelName": "PMOD",
	"InstitutionName": "WHITNEY IMAGING CENTER",
	"DeviceSerialNumber": "0",
	"BodyPartExamined": "HEAD",
	"PatientPosition": "HFS",
	"SoftwareVersions": "3.707",
	"MRAcquisitionType": "2D",
	"SeriesDescription": "T2",
	"ProtocolName": "Axial PD-T2 TSE",
	"ScanningSequence": "SE",
	"SequenceVariant": "SK\\SP\\OSP",
	"SequenceName": "*tse2d2_7",
	"ImageType": ["ORIGINAL", "PRIMARY", "M", "ND", "NORM"],
	"SeriesNumber": 6,
	"AcquisitionTime": "15:07:25.067500",
	"AcquisitionNumber": 1,
	"SliceThickness": 3,
	"SpacingBetweenSlices": 3,
	"SAR": 0.0984131,
	"EchoNumber": 2,
	"EchoTime": 0.134,
	"RepetitionTime": 3.21,
	"SpoilingState": true,
	"FlipAngle": 150,
	"PartialFourier": 1,
	"BaseResolution": 256,
	"ShimSetting": [
		8199,
		-2804,
		15631,
		-464,
		-979,
		-157,
		-112,
		-2	],
	"TxRefAmp": 301.214,
	"PhaseResolution": 1,
	"ReceiveCoilName": "HeadMatrix",
	"PulseSequenceDetails": "%SiemensSeq%\\tse",
	"CoilCombinationMethod": "Sum of Squares",
	"MatrixCoilMode": "SENSE",
	"PercentPhaseFOV": 89.0625,
	"PercentSampling": 100,
	"EchoTrainLength": 7,
	"PhaseEncodingSteps": 231,
	"AcquisitionMatrixPE": 228,
	"ReconMatrixPE": 228,
	"PixelBandwidth": 163,
	"DwellTime": 1.2e-05,
	"PhaseEncodingDirection": "i",
	"SliceTiming": [
		0,
		69.5781,
		139.156,
		208.734,
		0.25,
		69.8281,
		139.438,
		209.016,
		0.5,
		70.0781,
		139.703,
		209.281,
		0.75,
		70.3281,
		139.969,
		209.547,
		1,
		70.5781,
		140.234,
		209.812,
		1.25,
		70.8281,
		140.5,
		210.078,
		1.5,
		71.0781,
		140.766,
		210.359,
		1.73438,
		71.3125,
		141.047,
		210.625,
		1.98438,
		71.5625,
		141.312,
		210.891,
		2.23438,
		71.8125,
		141.578,
		211.156,
		2.48438,
		72.0625,
		141.844,
		211.422,
		2.73438,
		72.3125,
		142.125,
		211.688,
		2.98438,
		72.5625	],
	"ImageOrientationPatientDICOM": [
		1,
		-2.04193e-10,
		-1.9302e-11,
		2.05103e-10,
		0.995562,
		0.0941083	],
	"InPlanePhaseEncodingDirectionDICOM": "ROW",
	"ConversionSoftware": "dcm2niix",
	"ConversionSoftwareVersion": "v1.0.20211006"
}
