{
	"Modality": "MR",
	"MagneticFieldStrength": 3,
	"ImagingFrequency": 123.261,
	"Manufacturer": "Siemens",
	"ManufacturersModelName": "Prisma_fit",
	"InstitutionName": "JHH MRI",
	"DeviceSerialNumber": "4W6gvlpCay2w",
	"BodyPartExamined": "BRAIN",
	"PatientPosition": "HFS",
	"SoftwareVersions": "syngo MR E11",
	"MRAcquisitionType": "2D",
	"SeriesDescription": "Axial PD-T2 TSE_AC PC line",
	"ProtocolName": "Axial PD-T2 TSE_AC PC line",
	"ScanningSequence": "SE",
	"SequenceVariant": "SK\\SP\\OSP",
	"SequenceName": "*tse2d2_7",
	"ImageType": ["ORIGINAL", "PRIMARY", "M", "ND", "NORM"],
	"SeriesNumber": 16,
	"AcquisitionTime": "14:06:59.310000",
	"AcquisitionNumber": 1,
	"SliceThickness": 3,
	"SpacingBetweenSlices": 3,
	"SAR": 0.301863,
	"EchoNumber": 2,
	"EchoTime": 0.101,
	"RepetitionTime": 3,
	"SpoilingState": true,
	"FlipAngle": 150,
	"PartialFourier": 1,
	"BaseResolution": 256,
	"ShimSetting": [
		8459,
		-6436,
		-312,
		476,
		31,
		101,
		93,
		-6	],
	"TxRefAmp": 242.41,
	"PhaseResolution": 1,
	"ReceiveCoilName": "HeadNeck_20",
	"ReceiveCoilActiveElements": "HE1-4;NE1,2",
	"PulseSequenceDetails": "%SiemensSeq%\\tse",
	"CoilCombinationMethod": "Adaptive Combine",
	"ConsistencyInfo": "N4_VE11B_LATEST_20150530",
	"MatrixCoilMode": "SENSE",
	"PercentPhaseFOV": 90.625,
	"PercentSampling": 100,
	"EchoTrainLength": 14,
	"PhaseEncodingSteps": 238,
	"AcquisitionMatrixPE": 232,
	"ReconMatrixPE": 232,
	"PixelBandwidth": 185,
	"DwellTime": 1.05e-05,
	"PhaseEncodingDirection": "i",
	"SliceTiming": [
		0,
		65,
		130,
		0.1875,
		65.1875,
		130.188,
		0.375,
		65.375,
		130.375,
		0.5625,
		65.5625,
		130.562,
		0.75,
		65.75,
		130.75,
		0.9375,
		65.9375,
		130.938,
		1.125,
		66.125,
		131.125,
		1.3125,
		66.3125,
		131.312,
		1.5,
		66.5,
		131.5,
		1.6875,
		66.6875,
		131.688,
		1.875,
		66.875,
		131.875,
		2.0625,
		67.0625,
		132.062,
		2.25,
		67.25,
		132.25,
		2.4375,
		67.4375,
		132.438,
		2.625,
		67.625,
		132.625,
		2.8125,
		67.8125,
		132.812	],
	"ImageOrientationPatientDICOM": [
		0.99785,
		0.0570719,
		-0.0322168,
		-0.0603319,
		0.991937,
		-0.111448	],
	"InPlanePhaseEncodingDirectionDICOM": "ROW",
	"ConversionSoftware": "dcm2niix",
	"ConversionSoftwareVersion": "v1.0.20211006"
}
