{
	"Modality": "MR",
	"MagneticFieldStrength": 1.5,
	"ImagingFrequency": 63.6444,
	"Manufacturer": "Siemens",
	"ManufacturersModelName": "PMOD",
	"InstitutionName": "Whitney Imaging Center",
	"DeviceSerialNumber": "0",
	"BodyPartExamined": "HEAD",
	"PatientPosition": "HFS",
	"SoftwareVersions": "3.707",
	"MRAcquisitionType": "2D",
	"SeriesDescription": "REPEAT-Axial PD-T2 TSE",
	"ProtocolName": "REPEAT-Axial PD-T2 TSE",
	"ScanningSequence": "SE",
	"SequenceVariant": "SK\\SP\\OSP",
	"SequenceName": "*tse2d2_7",
	"ImageType": ["ORIGINAL", "PRIMARY", "M", "ND", "NORM"],
	"SeriesNumber": 7,
	"AcquisitionTime": "15:01:58.637500",
	"AcquisitionNumber": 1,
	"SliceThickness": 3,
	"SpacingBetweenSlices": 3,
	"SAR": 0.0827412,
	"EchoNumber": 2,
	"EchoTime": 0.134,
	"RepetitionTime": 3.452,
	"SpoilingState": true,
	"FlipAngle": 150,
	"PartialFourier": 1,
	"BaseResolution": 256,
	"ShimSetting": [
		8213,
		-2789,
		16100,
		189,
		-906,
		-189,
		11,
		-93	],
	"TxRefAmp": 287.864,
	"PhaseResolution": 1,
	"ReceiveCoilName": "HeadMatrix",
	"PulseSequenceDetails": "%SiemensSeq%\\tse",
	"CoilCombinationMethod": "Sum of Squares",
	"MatrixCoilMode": "SENSE",
	"PercentPhaseFOV": 89.0625,
	"PercentSampling": 100,
	"EchoTrainLength": 7,
	"PhaseEncodingSteps": 231,
	"AcquisitionMatrixPE": 228,
	"ReconMatrixPE": 228,
	"PixelBandwidth": 163,
	"DwellTime": 1.2e-05,
	"PhaseEncodingDirection": "i",
	"SliceTiming": [
		0,
		77.8438,
		155.672,
		233.516,
		0.25,
		78.0781,
		155.938,
		233.781,
		0.48438,
		78.3281,
		156.203,
		234.047,
		0.73438,
		78.5781,
		156.484,
		234.312,
		0.98438,
		78.8281,
		156.734,
		234.578,
		1.23438,
		79.0781,
		157.016,
		234.844,
		1.48438,
		79.3281,
		157.281,
		235.109,
		1.73438,
		79.5625,
		157.547,
		235.375,
		1.98438,
		79.8125,
		157.812,
		235.656,
		2.23438,
		80.0625,
		158.078,
		235.922,
		2.46875,
		80.3125,
		158.344,
		236.188,
		2.71875,
		80.5625,
		158.609,
		236.453,
		2.96875,
		80.8125,
		158.875,
		236.719,
		3.21875,
		81.0469	],
	"ImageOrientationPatientDICOM": [
		1,
		-2.03661e-10,
		-2.4285e-11,
		2.05103e-10,
		0.992966,
		0.118404	],
	"InPlanePhaseEncodingDirectionDICOM": "ROW",
	"ConversionSoftware": "dcm2niix",
	"ConversionSoftwareVersion": "v1.0.20211006"
}
