{
	"Modality": "MR",
	"MagneticFieldStrength": 1.5,
	"ImagingFrequency": 63.6445,
	"Manufacturer": "Siemens",
	"ManufacturersModelName": "PMOD",
	"InstitutionName": "Whitney Imaging Center",
	"DeviceSerialNumber": "0",
	"BodyPartExamined": "HEAD",
	"PatientPosition": "HFS",
	"SoftwareVersions": "3.707",
	"MRAcquisitionType": "2D",
	"SeriesDescription": "Axial PD-T2 TSE",
	"ProtocolName": "Axial PD-T2 TSE",
	"ScanningSequence": "SE",
	"SequenceVariant": "SK\\SP\\OSP",
	"SequenceName": "*tse2d2_7",
	"ImageType": ["ORIGINAL", "PRIMARY", "M", "ND", "NORM"],
	"SeriesNumber": 7,
	"AcquisitionTime": "10:19:28.312500",
	"AcquisitionNumber": 1,
	"SliceThickness": 3,
	"SpacingBetweenSlices": 3,
	"SAR": 0.0903324,
	"EchoNumber": 2,
	"EchoTime": 0.134,
	"RepetitionTime": 3.4521,
	"SpoilingState": true,
	"FlipAngle": 150,
	"PartialFourier": 1,
	"BaseResolution": 256,
	"ShimSetting": [
		8197,
		-2800,
		16085,
		363,
		-940,
		-19,
		0,
		-7	],
	"TxRefAmp": 292.74,
	"PhaseResolution": 1,
	"ReceiveCoilName": "HeadMatrix",
	"PulseSequenceDetails": "%SiemensSeq%\\tse",
	"CoilCombinationMethod": "Sum of Squares",
	"MatrixCoilMode": "SENSE",
	"PercentPhaseFOV": 89.0625,
	"PercentSampling": 100,
	"EchoTrainLength": 7,
	"PhaseEncodingSteps": 231,
	"AcquisitionMatrixPE": 228,
	"ReconMatrixPE": 228,
	"PixelBandwidth": 163,
	"DwellTime": 1.2e-05,
	"PhaseEncodingDirection": "i",
	"SliceTiming": [
		0,
		77.8438,
		155.688,
		233.531,
		0.25,
		78.0938,
		155.953,
		233.797,
		0.49219,
		78.3359,
		156.219,
		234.062,
		0.74219,
		78.5859,
		156.484,
		234.328,
		0.99219,
		78.8359,
		156.75,
		234.594,
		1.23438,
		79.0781,
		157.016,
		234.859,
		1.48438,
		79.3281,
		157.281,
		235.125,
		1.73438,
		79.5781,
		157.555,
		235.398,
		1.97656,
		79.8203,
		157.82,
		235.656,
		2.22656,
		80.0703,
		158.086,
		235.93,
		2.47656,
		80.3203,
		158.352,
		236.195,
		2.71875,
		80.5625,
		158.617,
		236.461,
		2.96875,
		80.8125,
		158.883,
		236.727,
		3.21875,
		81.0625	],
	"ImageOrientationPatientDICOM": [
		0.990674,
		-0.0860697,
		-0.105623,
		0.0988825,
		0.987497,
		0.122764	],
	"InPlanePhaseEncodingDirectionDICOM": "ROW",
	"ConversionSoftware": "dcm2niix",
	"ConversionSoftwareVersion": "v1.0.20211006"
}
