{
	"Modality": "MR",
	"MagneticFieldStrength": 1.5,
	"ImagingFrequency": 63.6445,
	"Manufacturer": "Siemens",
	"ManufacturersModelName": "PMOD",
	"InstitutionName": "Whitney Imaging Center",
	"DeviceSerialNumber": "0",
	"BodyPartExamined": "HEAD",
	"PatientPosition": "HFS",
	"SoftwareVersions": "3.707",
	"MRAcquisitionType": "2D",
	"SeriesDescription": "Axial PD-T2 TSE",
	"ProtocolName": "Axial PD-T2 TSE",
	"ScanningSequence": "SE",
	"SequenceVariant": "SK\\SP\\OSP",
	"SequenceName": "*tse2d2_7",
	"ImageType": ["ORIGINAL", "PRIMARY", "M", "ND", "NORM"],
	"SeriesNumber": 6,
	"AcquisitionTime": "12:40:24.062500",
	"AcquisitionNumber": 1,
	"SliceThickness": 3,
	"SpacingBetweenSlices": 3,
	"SAR": 0.0603811,
	"EchoNumber": 2,
	"EchoTime": 0.134,
	"RepetitionTime": 3.21,
	"SpoilingState": true,
	"FlipAngle": 150,
	"PartialFourier": 1,
	"BaseResolution": 256,
	"ShimSetting": [
		8170,
		-2759,
		16009,
		351,
		-1102,
		-210,
		46,
		-104	],
	"TxRefAmp": 285.427,
	"PhaseResolution": 1,
	"ReceiveCoilName": "HeadMatrix",
	"PulseSequenceDetails": "%SiemensSeq%\\tse",
	"CoilCombinationMethod": "Sum of Squares",
	"MatrixCoilMode": "SENSE",
	"PercentPhaseFOV": 89.0625,
	"PercentSampling": 100,
	"EchoTrainLength": 7,
	"PhaseEncodingSteps": 231,
	"AcquisitionMatrixPE": 228,
	"ReconMatrixPE": 228,
	"PixelBandwidth": 163,
	"DwellTime": 1.2e-05,
	"PhaseEncodingDirection": "i",
	"SliceTiming": [
		0,
		69.5781,
		139.156,
		208.734,
		0.25,
		69.8281,
		139.406,
		208.984,
		0.49219,
		70.0781,
		139.656,
		209.227,
		0.74219,
		70.3203,
		139.898,
		209.477,
		0.99219,
		70.5703,
		140.148,
		209.727,
		1.24219,
		70.8203,
		140.398,
		209.977,
		1.48438,
		71.0625,
		140.648,
		210.219,
		1.73438,
		71.3125,
		140.891,
		210.469,
		1.98438,
		71.5625,
		141.141,
		210.719,
		2.22656,
		71.8125,
		141.391,
		210.969,
		2.47656,
		72.0547,
		141.633,
		211.219,
		2.72656,
		72.3047,
		141.883,
		211.461,
		2.97656,
		72.5547,
		142.133,
		211.711	],
	"ImageOrientationPatientDICOM": [
		1,
		-2.02465e-10,
		3.2792e-11,
		2.05103e-10,
		0.987136,
		-0.159881	],
	"InPlanePhaseEncodingDirectionDICOM": "ROW",
	"ConversionSoftware": "dcm2niix",
	"ConversionSoftwareVersion": "v1.0.20211006"
}
