{
	"Modality": "MR",
	"MagneticFieldStrength": 3,
	"ImagingFrequency": 123.257,
	"Manufacturer": "Siemens",
	"ManufacturersModelName": "Prisma_fit",
	"InstitutionName": "Emory University",
	"DeviceSerialNumber": "4fquOkzcyjw_",
	"BodyPartExamined": "BRAIN",
	"PatientPosition": "HFS",
	"SoftwareVersions": "syngo MR E11",
	"MRAcquisitionType": "2D",
	"SeriesDescription": "Axial PD-T2 TSE FS",
	"ProtocolName": "Axial PD-T2 TSE FS",
	"ScanningSequence": "SE",
	"SequenceVariant": "SK\\SP\\OSP",
	"ScanOptions": "FS",
	"SequenceName": "*tse2d2_7",
	"ImageType": ["ORIGINAL", "PRIMARY", "M", "ND"],
	"SeriesNumber": 9,
	"AcquisitionTime": "08:57:57.770000",
	"AcquisitionNumber": 1,
	"SliceThickness": 3,
	"SpacingBetweenSlices": 3,
	"SAR": 0.368584,
	"EchoNumber": 2,
	"EchoTime": 0.101,
	"RepetitionTime": 3.27,
	"SpoilingState": true,
	"FlipAngle": 150,
	"PartialFourier": 1,
	"BaseResolution": 256,
	"ShimSetting": [
		816,
		4101,
		4430,
		-27,
		-53,
		-451,
		-25,
		-107	],
	"TxRefAmp": 310.026,
	"PhaseResolution": 1,
	"ReceiveCoilName": "HeadNeck_20",
	"ReceiveCoilActiveElements": "HE1-4;NE1,2",
	"PulseSequenceDetails": "%SiemensSeq%\\tse",
	"CoilCombinationMethod": "Adaptive Combine",
	"ConsistencyInfo": "N4_VE11C_LATEST_20160120",
	"MatrixCoilMode": "SENSE",
	"PercentPhaseFOV": 90.625,
	"PercentSampling": 100,
	"EchoTrainLength": 14,
	"PhaseEncodingSteps": 238,
	"AcquisitionMatrixPE": 232,
	"ReconMatrixPE": 232,
	"PixelBandwidth": 185,
	"DwellTime": 1.05e-05,
	"PhaseEncodingDirection": "i",
	"SliceTiming": [
		0,
		74.4453,
		148.898,
		0.17969,
		74.6328,
		149.078,
		0.35938,
		74.8125,
		149.258,
		0.53906,
		74.9922,
		149.445,
		0.72656,
		75.1719,
		149.625,
		0.90625,
		75.3516,
		149.805,
		1.08594,
		75.5391,
		149.984,
		1.26562,
		75.7188,
		150.172,
		1.44531,
		75.8984,
		150.352,
		1.63281,
		76.0781,
		150.531,
		1.8125,
		76.2656,
		150.711,
		1.99219,
		76.4453,
		150.891,
		2.17969,
		76.625,
		151.078,
		2.35938,
		76.8125,
		151.258,
		2.53906,
		76.9922,
		151.438,
		2.71875,
		77.1719,
		151.625,
		2.90625,
		77.3516,
		151.805,
		3.08594,
		77.5312,
		151.984	],
	"ImageOrientationPatientDICOM": [
		1,
		0,
		0,
		0,
		0.977046,
		-0.21303	],
	"InPlanePhaseEncodingDirectionDICOM": "ROW",
	"ConversionSoftware": "dcm2niix",
	"ConversionSoftwareVersion": "v1.0.20211006"
}
