{
	"Modality": "MR",
	"MagneticFieldStrength": 1.5,
	"ImagingFrequency": 63.6445,
	"Manufacturer": "Siemens",
	"ManufacturersModelName": "PMOD",
	"InstitutionName": "Whitney Imaging Center",
	"DeviceSerialNumber": "0",
	"BodyPartExamined": "HEAD",
	"PatientPosition": "HFS",
	"SoftwareVersions": "3.707",
	"MRAcquisitionType": "2D",
	"SeriesDescription": "Axial PD-T2 TSE",
	"ProtocolName": "Axial PD-T2 TSE",
	"ScanningSequence": "SE",
	"SequenceVariant": "SK\\SP\\OSP",
	"SequenceName": "*tse2d2_7",
	"ImageType": ["ORIGINAL", "PRIMARY", "M", "ND", "NORM"],
	"SeriesNumber": 6,
	"AcquisitionTime": "10:08:50.050000",
	"AcquisitionNumber": 1,
	"SliceThickness": 3,
	"SpacingBetweenSlices": 3,
	"SAR": 0.0558192,
	"EchoNumber": 2,
	"EchoTime": 0.134,
	"RepetitionTime": 3.21,
	"SpoilingState": true,
	"FlipAngle": 150,
	"PartialFourier": 1,
	"BaseResolution": 256,
	"ShimSetting": [
		8203,
		-2654,
		15941,
		-74,
		-1336,
		-341,
		-102,
		23	],
	"TxRefAmp": 275.408,
	"PhaseResolution": 1,
	"ReceiveCoilName": "HeadMatrix",
	"PulseSequenceDetails": "%SiemensSeq%\\tse",
	"CoilCombinationMethod": "Sum of Squares",
	"MatrixCoilMode": "SENSE",
	"PercentPhaseFOV": 89.0625,
	"PercentSampling": 100,
	"EchoTrainLength": 7,
	"PhaseEncodingSteps": 231,
	"AcquisitionMatrixPE": 228,
	"ReconMatrixPE": 228,
	"PixelBandwidth": 163,
	"DwellTime": 1.2e-05,
	"PhaseEncodingDirection": "i",
	"SliceTiming": [
		0,
		69.5859,
		139.164,
		208.734,
		0.25,
		69.8281,
		139.406,
		208.984,
		0.5,
		70.0781,
		139.656,
		209.234,
		0.75,
		70.3281,
		139.906,
		209.484,
		0.99219,
		70.5703,
		140.156,
		209.734,
		1.24219,
		70.8203,
		140.398,
		209.977,
		1.49219,
		71.0703,
		140.648,
		210.227,
		1.74219,
		71.3203,
		140.898,
		210.477,
		1.98438,
		71.5625,
		141.141,
		210.727,
		2.23438,
		71.8125,
		141.391,
		210.969,
		2.48438,
		72.0625,
		141.641,
		211.219,
		2.73438,
		72.3125,
		141.891,
		211.469,
		2.97656,
		72.5547,
		142.133,
		211.711	],
	"ImageOrientationPatientDICOM": [
		0.995888,
		0.0652,
		-0.0629014,
		-0.0731334,
		0.988359,
		-0.133411	],
	"InPlanePhaseEncodingDirectionDICOM": "ROW",
	"ConversionSoftware": "dcm2niix",
	"ConversionSoftwareVersion": "v1.0.20211006"
}
