{
	"Modality": "MR",
	"MagneticFieldStrength": 1.5,
	"ImagingFrequency": 63.6445,
	"Manufacturer": "Siemens",
	"ManufacturersModelName": "PMOD",
	"InstitutionName": "Whitney Imaging Center",
	"DeviceSerialNumber": "0",
	"BodyPartExamined": "HEAD",
	"PatientPosition": "HFS",
	"SoftwareVersions": "3.707",
	"MRAcquisitionType": "2D",
	"SeriesDescription": "Axial PD-T2 TSE",
	"ProtocolName": "Axial PD-T2 TSE",
	"ScanningSequence": "SE",
	"SequenceVariant": "SK\\SP\\OSP",
	"SequenceName": "*tse2d2_7",
	"ImageType": ["ORIGINAL", "PRIMARY", "M", "ND", "NORM"],
	"SeriesNumber": 6,
	"AcquisitionTime": "12:51:45.052500",
	"AcquisitionNumber": 1,
	"SliceThickness": 3,
	"SpacingBetweenSlices": 3,
	"SAR": 0.0702501,
	"EchoNumber": 2,
	"EchoTime": 0.134,
	"RepetitionTime": 3.21,
	"SpoilingState": true,
	"FlipAngle": 150,
	"PartialFourier": 1,
	"BaseResolution": 256,
	"ShimSetting": [
		8221,
		-2666,
		16020,
		-122,
		-1163,
		-259,
		48,
		-53	],
	"TxRefAmp": 286.018,
	"PhaseResolution": 1,
	"ReceiveCoilName": "HeadMatrix",
	"PulseSequenceDetails": "%SiemensSeq%\\tse",
	"CoilCombinationMethod": "Sum of Squares",
	"MatrixCoilMode": "SENSE",
	"PercentPhaseFOV": 89.0625,
	"PercentSampling": 100,
	"EchoTrainLength": 7,
	"PhaseEncodingSteps": 231,
	"AcquisitionMatrixPE": 228,
	"ReconMatrixPE": 228,
	"PixelBandwidth": 163,
	"DwellTime": 1.2e-05,
	"PhaseEncodingDirection": "i",
	"SliceTiming": [
		0,
		69.5781,
		139.156,
		208.734,
		0.24219,
		69.8281,
		139.422,
		209,
		0.49219,
		70.0703,
		139.695,
		209.273,
		0.74219,
		70.3203,
		139.961,
		209.539,
		0.99219,
		70.5703,
		140.227,
		209.805,
		1.23438,
		70.8125,
		140.5,
		210.078,
		1.48438,
		71.0625,
		140.766,
		210.344,
		1.73438,
		71.3125,
		141.039,
		210.609,
		1.98438,
		71.5625,
		141.305,
		210.883,
		2.22656,
		71.8047,
		141.57,
		211.148,
		2.47656,
		72.0547,
		141.844,
		211.422,
		2.72656,
		72.3047,
		142.109,
		211.688,
		2.97656,
		72.5547	],
	"ImageOrientationPatientDICOM": [
		0.999203,
		0.00410667,
		0.0397074,
		1.23291e-10,
		0.994694,
		-0.102875	],
	"InPlanePhaseEncodingDirectionDICOM": "ROW",
	"ConversionSoftware": "dcm2niix",
	"ConversionSoftwareVersion": "v1.0.20211006"
}
