{
	"Modality": "MR",
	"MagneticFieldStrength": 1.5,
	"ImagingFrequency": 63.6379,
	"Manufacturer": "Siemens",
	"ManufacturersModelName": "PMOD",
	"DeviceSerialNumber": "0",
	"PatientPosition": "HFS",
	"SoftwareVersions": "3.405",
	"MRAcquisitionType": "2D",
	"SeriesDescription": "PD-T2 DUAL AXIAL TSE",
	"ProtocolName": "PD-T2 DUAL AXIAL TSE",
	"ScanningSequence": "SE",
	"SequenceVariant": "SK\\SP\\OSP",
	"ScanOptions": "FS",
	"SequenceName": "*tse2d2rs7",
	"ImageType": ["ORIGINAL", "PRIMARY", "M", "ND"],
	"SeriesNumber": 3,
	"AcquisitionTime": "09:41:57.937500",
	"AcquisitionNumber": 1,
	"SliceThickness": 3,
	"SpacingBetweenSlices": 3,
	"SAR": 0.474208,
	"EchoTime": 0.12,
	"RepetitionTime": 4.07,
	"SpoilingState": true,
	"FlipAngle": 180,
	"PartialFourier": 1,
	"BaseResolution": 256,
	"ShimSetting": [
		15,
		-2,
		148,
		0,
		0,
		0,
		0,
		0	],
	"TxRefAmp": 171.743,
	"PhaseResolution": 0.75,
	"ReceiveCoilName": "DoubleLoopArrayLeft",
	"PulseSequenceDetails": "%SiemensSeq%\\tse",
	"MatrixCoilMode": "SENSE",
	"PercentPhaseFOV": 75,
	"PercentSampling": 75,
	"EchoTrainLength": 7,
	"PhaseEncodingSteps": 147,
	"AcquisitionMatrixPE": 144,
	"ReconMatrixPE": 192,
	"PixelBandwidth": 130,
	"PhaseEncodingDirection": "i",
	"SliceTiming": [
		0,
		93.6094,
		143.148,
		0.23438,
		93.8516,
		143.406,
		0.47656,
		94.0938,
		143.656,
		0.71875,
		94.3281,
		143.914,
		0.96094,
		94.5703,
		144.164,
		1.19531,
		94.8047,
		144.422,
		1.4375,
		95.0469,
		144.68,
		1.67188,
		95.2812,
		144.93,
		1.91406,
		95.5234,
		145.188,
		2.15625,
		95.7656,
		145.438,
		2.39062,
		96.0078,
		145.695,
		2.63281,
		96.2422,
		145.953,
		2.875,
		96.4844,
		146.203,
		3.10938,
		96.7188,
		146.461,
		3.35156,
		96.9609,
		146.711,
		3.59375,
		97.2031,
		146.969,
		3.82812,
		97.4375	],
	"ImageOrientationPatientDICOM": [
		0.999993,
		4.58614e-05,
		0.00385792,
		2.05677e-10,
		0.999929,
		-0.0118868	],
	"InPlanePhaseEncodingDirectionDICOM": "ROW",
	"ConversionSoftware": "dcm2niix",
	"ConversionSoftwareVersion": "v1.0.20211006"
}
