{
	"Modality": "MR",
	"MagneticFieldStrength": 3,
	"ImagingFrequency": 123.207,
	"Manufacturer": "Siemens",
	"ManufacturersModelName": "Verio",
	"InstitutionName": "PPMI",
	"DeviceSerialNumber": "4pq4cHC4b63_",
	"PatientPosition": "HFS",
	"SoftwareVersions": "syngo MR B17",
	"MRAcquisitionType": "2D",
	"SeriesDescription": "Axial PD-T2 TSE FS",
	"ProtocolName": "Axial PD-T2 TSE FS",
	"ScanningSequence": "SE",
	"SequenceVariant": "SK\\SP\\OSP",
	"ScanOptions": "FS",
	"SequenceName": "*tse2d2_7",
	"ImageType": ["ORIGINAL", "PRIMARY", "M", "ND", "NORM"],
	"SeriesNumber": 18,
	"AcquisitionTime": "19:22:29.482500",
	"AcquisitionNumber": 1,
	"SliceThickness": 3,
	"SpacingBetweenSlices": 3,
	"SAR": 0.233493,
	"EchoNumber": 2,
	"EchoTime": 0.101,
	"RepetitionTime": 3.27,
	"SpoilingState": true,
	"FlipAngle": 150,
	"PartialFourier": 0.0307018,
	"PercentPhaseFOV": 89.0625,
	"PercentSampling": 100,
	"EchoTrainLength": 7,
	"PhaseEncodingSteps": 231,
	"AcquisitionMatrixPE": 228,
	"ReconMatrixPE": 228,
	"PixelBandwidth": 186,
	"PhaseEncodingAxis": "i",
	"SliceTiming": [
		0,
		71.625,
		143.25,
		0.1875,
		71.8125,
		143.438,
		0.35938,
		71.9844,
		143.609,
		0.54688,
		72.1719,
		143.797,
		0.73438,
		72.3594,
		143.984,
		0.90625,
		72.5312,
		144.156,
		1.09375,
		72.7188,
		144.344,
		1.26562,
		72.9062,
		144.531,
		1.45312,
		73.0781,
		144.703,
		1.64062,
		73.2656,
		144.891,
		1.82812,
		73.4531,
		145.078,
		2,
		73.625,
		145.25,
		2.1875,
		73.8125,
		145.438,
		2.375,
		74,
		145.625,
		2.54688,
		74.1719,
		145.797,
		2.73438,
		74.3594,
		145.984,
		2.92188,
		74.5469,
		146.172,
		3.09375,
		74.7188,
		146.344	],
	"ImageOrientationPatientDICOM": [
		1,
		-2.00621e-10,
		4.26434e-11,
		2.05103e-10,
		0.978148,
		-0.207912	],
	"InPlanePhaseEncodingDirectionDICOM": "ROW",
	"ConversionSoftware": "dcm2niix",
	"ConversionSoftwareVersion": "v1.0.20211006"
}
