{
	"Modality": "MR",
	"MagneticFieldStrength": 3,
	"ImagingFrequency": 123.198,
	"Manufacturer": "Siemens",
	"ManufacturersModelName": "Biograph_mMR",
	"InstitutionName": "Mount Sinai MRI",
	"DeviceSerialNumber": "45crOm.NGxso",
	"BodyPartExamined": "BRAIN",
	"PatientPosition": "HFS",
	"SoftwareVersions": "syngo MR E11",
	"MRAcquisitionType": "2D",
	"SeriesDescription": "Axial PD-T2 TSE FS",
	"ProtocolName": "Axial PD-T2 TSE FS",
	"ScanningSequence": "SE",
	"SequenceVariant": "SK\\SP\\OSP",
	"ScanOptions": "FS",
	"SequenceName": "*tse2d2_7",
	"ImageType": ["ORIGINAL", "PRIMARY", "M", "ND", "NORM"],
	"SeriesNumber": 9,
	"AcquisitionTime": "11:28:39.012500",
	"AcquisitionNumber": 1,
	"SliceThickness": 3,
	"SpacingBetweenSlices": 3,
	"SAR": 0.342835,
	"EchoNumber": 2,
	"EchoTime": 0.101,
	"RepetitionTime": 3.39,
	"SpoilingState": true,
	"FlipAngle": 150,
	"PartialFourier": 1,
	"BaseResolution": 256,
	"ShimSetting": [
		-7801,
		14402,
		15943,
		161,
		-416,
		1162,
		-73,
		244	],
	"TxRefAmp": 317.044,
	"PhaseResolution": 1,
	"ReceiveCoilName": "HeadNeck_MRPET",
	"ReceiveCoilActiveElements": "HEA;HEP;NEP",
	"PulseSequenceDetails": "%SiemensSeq%\\tse",
	"CoilCombinationMethod": "Adaptive Combine",
	"ConsistencyInfo": "N4_VE11P_LATEST_20161021",
	"MatrixCoilMode": "SENSE",
	"PercentPhaseFOV": 90.625,
	"PercentSampling": 100,
	"EchoTrainLength": 14,
	"PhaseEncodingSteps": 238,
	"AcquisitionMatrixPE": 232,
	"ReconMatrixPE": 232,
	"PixelBandwidth": 185,
	"DwellTime": 1.05e-05,
	"PhaseEncodingDirection": "i",
	"SliceTiming": [
		0,
		78.6484,
		157.297,
		0.17188,
		78.8359,
		157.484,
		0.35156,
		79.0234,
		157.672,
		0.53125,
		79.2109,
		157.859,
		0.71094,
		79.3984,
		158.047,
		0.89062,
		79.5859,
		158.234,
		1.07031,
		79.7734,
		158.43,
		1.24219,
		79.9609,
		158.617,
		1.42188,
		80.1484,
		158.805,
		1.60156,
		80.3438,
		158.992,
		1.78125,
		80.5312,
		159.18,
		1.96094,
		80.7188,
		159.367,
		2.14062,
		80.9062,
		159.555,
		2.32031,
		81.0938,
		159.742,
		2.49219,
		81.2812,
		159.93,
		2.67188,
		81.4688,
		160.125,
		2.85156,
		81.6562,
		160.312,
		3.03125,
		81.8438,
		160.5,
		3.20312	],
	"ImageOrientationPatientDICOM": [
		1,
		0,
		0,
		0,
		0.897258,
		-0.441506	],
	"InPlanePhaseEncodingDirectionDICOM": "ROW",
	"ConversionSoftware": "dcm2niix",
	"ConversionSoftwareVersion": "v1.0.20211006"
}
