{
	"Modality": "MR",
	"MagneticFieldStrength": 3,
	"ImagingFrequency": 123.212,
	"Manufacturer": "Siemens",
	"ManufacturersModelName": "Skyra",
	"InstitutionName": "PPMI_2-0_Imaging_Core",
	"DeviceSerialNumber": "44WMxRcrMFEw",
	"BodyPartExamined": "BRAIN",
	"PatientPosition": "HFS",
	"SoftwareVersions": "syngo MR E11",
	"MRAcquisitionType": "2D",
	"SeriesDescription": "2D GRE-MT_ACPC",
	"ProtocolName": "Anon",
	"ScanningSequence": "GR",
	"SequenceVariant": "MTC\\SS",
	"ScanOptions": "MT",
	"SequenceName": "*fi2d1",
	"ImageType": ["ORIGINAL", "PRIMARY", "M", "NORM", "DIS2D"],
	"SeriesNumber": 11,
	"AcquisitionTime": "09:33:27.815000",
	"AcquisitionNumber": 5,
	"SliceThickness": 1.5,
	"SpacingBetweenSlices": 1.5,
	"SAR": 0.538813,
	"EchoTime": 0.005,
	"RepetitionTime": 0.465,
	"FlipAngle": 6,
	"PartialFourier": 1,
	"BaseResolution": 448,
	"ShimSetting": [
		515,
		-1028,
		-15524,
		-106,
		171,
		199,
		-202,
		124	],
	"TxRefAmp": 391.258,
	"PhaseResolution": 1,
	"ReceiveCoilName": "HeadNeck_20",
	"ReceiveCoilActiveElements": "HE1-4",
	"PulseSequenceDetails": "%SiemensSeq%\\gre",
	"RefLinesPE": 24,
	"CoilCombinationMethod": "Adaptive Combine",
	"MTState": true,
	"ConsistencyInfo": "N4_VE11C_LATEST_20160120",
	"MatrixCoilMode": "GRAPPA",
	"PercentPhaseFOV": 100,
	"PercentSampling": 100,
	"PhaseEncodingSteps": 448,
	"AcquisitionMatrixPE": 448,
	"ReconMatrixPE": 448,
	"ParallelReductionFactorInPlane": 2,
	"PixelBandwidth": 485,
	"DwellTime": 2.3e-06,
	"PhaseEncodingDirection": "i",
	"SliceTiming": [
		0.22656,
		0,
		0.25781,
		0.02344,
		0.28906,
		0.05469,
		0.32031,
		0.08594,
		0.34375,
		0.11719,
		0.375,
		0.14062,
		0.40625,
		0.17188,
		0.4375,
		0.20312	],
	"ImageOrientationPatientDICOM": [
		1,
		4.7e-12,
		-1.374e-12,
		-4.897e-12,
		0.959805,
		-0.280667	],
	"InPlanePhaseEncodingDirectionDICOM": "ROW",
	"ConversionSoftware": "dcm2niix",
	"ConversionSoftwareVersion": "v1.0.20211006"
}
