{
	"Modality": "MR",
	"MagneticFieldStrength": 1.5,
	"ImagingFrequency": 63.6652,
	"Manufacturer": "Siemens",
	"ManufacturersModelName": "Symphony",
	"InstitutionName": "WHITNEY",
	"DeviceSerialNumber": "4_CTRFrBXs6I",
	"PatientPosition": "HFS",
	"SoftwareVersions": "syngo MR A30 4VA30A",
	"MRAcquisitionType": "2D",
	"SeriesDescription": "FLAIR AXIAL",
	"ProtocolName": "FLAIR AXIAL",
	"ScanningSequence": "IR\\SE",
	"SequenceVariant": "SK\\SP\\MP\\OSP",
	"ScanOptions": "IR",
	"SequenceName": "*tir2d1_21",
	"ImageType": ["ORIGINAL", "PRIMARY", "M", "ND"],
	"SeriesNumber": 4,
	"AcquisitionTime": "11:54:13.355010",
	"AcquisitionNumber": 1,
	"SliceThickness": 5,
	"SpacingBetweenSlices": 7,
	"SAR": 0.220317,
	"EchoTime": 0.127,
	"RepetitionTime": 9.64,
	"SpoilingState": true,
	"InversionTime": 2.5,
	"FlipAngle": 180,
	"PartialFourier": 1,
	"Interpolation2D": 1,
	"BaseResolution": 256,
	"ShimSetting": [
		265,
		-57,
		-205,
		-227,
		753,
		-11,
		641,
		93	],
	"TxRefAmp": 292.375,
	"PhaseResolution": 0.76,
	"ReceiveCoilName": "CP_HeadArray",
	"PulseSequenceDetails": "%SiemensSeq%\\tse",
	"MatrixCoilMode": "SENSE",
	"PercentPhaseFOV": 75,
	"PercentSampling": 76,
	"EchoTrainLength": 21,
	"PhaseEncodingSteps": 147,
	"AcquisitionMatrixPE": 146,
	"ReconMatrixPE": 384,
	"PixelBandwidth": 130,
	"PhaseEncodingDirection": "i",
	"SliceTiming": [
		0,
		86.7656,
		4.82031,
		91.5859,
		0.3125,
		87.0703,
		5.13281,
		91.8906,
		0.61719,
		87.3828,
		5.4375,
		92.2031,
		0.92969,
		87.6875,
		5.75,
		92.5078,
		1.24219,
		88,
		6.05469,
		92.8203,
		1.54688,
		88.3047,
		6.36719,
		93.125	],
	"ImageOrientationPatientDICOM": [
		0.998047,
		0.00468566,
		0.0622866,
		3.1413e-10,
		0.997182,
		-0.0750155	],
	"InPlanePhaseEncodingDirectionDICOM": "ROW",
	"ConversionSoftware": "dcm2niix",
	"ConversionSoftwareVersion": "v1.0.20211006"
}
