{
	"Modality": "MR",
	"MagneticFieldStrength": 1.5,
	"ImagingFrequency": 63.6653,
	"Manufacturer": "Siemens",
	"ManufacturersModelName": "Symphony",
	"InstitutionName": "WHITNEY",
	"DeviceSerialNumber": "4_CTRFrBXs6I",
	"PatientPosition": "HFS",
	"SoftwareVersions": "syngo MR A30 4VA30A",
	"MRAcquisitionType": "2D",
	"SeriesDescription": "AX DE TSE",
	"ProtocolName": "AX DE TSE",
	"ScanningSequence": "SE",
	"SequenceVariant": "SK\\SP\\OSP",
	"ScanOptions": "FS",
	"SequenceName": "*tse2d2rs5",
	"ImageType": ["ORIGINAL", "PRIMARY", "M", "ND"],
	"SeriesNumber": 4,
	"AcquisitionTime": "11:28:10.939990",
	"AcquisitionNumber": 1,
	"SliceThickness": 3,
	"SpacingBetweenSlices": 3,
	"SAR": 0.34072,
	"EchoTime": 0.118,
	"RepetitionTime": 5.61,
	"SpoilingState": true,
	"FlipAngle": 150,
	"PartialFourier": 1,
	"BaseResolution": 256,
	"ShimSetting": [
		215,
		109,
		-103,
		1104,
		780,
		678,
		261,
		-199	],
	"TxRefAmp": 299.682,
	"PhaseResolution": 0.75,
	"ReceiveCoilName": "CP_HeadArray",
	"PulseSequenceDetails": "%SiemensSeq%\\tse",
	"MatrixCoilMode": "SENSE",
	"PercentPhaseFOV": 75,
	"PercentSampling": 75,
	"EchoTrainLength": 5,
	"PhaseEncodingSteps": 145,
	"AcquisitionMatrixPE": 144,
	"ReconMatrixPE": 192,
	"PixelBandwidth": 130,
	"PhaseEncodingDirection": "i",
	"SliceTiming": [
		0,
		133.914,
		0.20312,
		134.125,
		0.40625,
		134.328,
		0.60156,
		134.539,
		0.80469,
		134.742,
		1.00781,
		134.953,
		1.20312,
		135.156,
		1.40625,
		135.367,
		1.60156,
		135.578,
		1.80469,
		135.781,
		2.00781,
		135.992,
		2.21094,
		136.203,
		2.40625,
		136.406,
		2.60938,
		136.617,
		2.80469,
		136.82,
		3.00781,
		137.031,
		3.21094,
		137.234,
		3.40625,
		137.445,
		3.60938,
		137.656,
		3.8125,
		137.859,
		4.00781,
		138.07,
		4.21094,
		138.281,
		4.40625,
		138.484,
		4.60938,
		138.695,
		4.8125,
		138.898,
		5.01562,
		139.109,
		5.21094,
		139.32,
		5.41406	],
	"ImageOrientationPatientDICOM": [
		0.998714,
		0.00715128,
		-0.0501969,
		2.13696e-10,
		0.990004,
		0.14104	],
	"InPlanePhaseEncodingDirectionDICOM": "ROW",
	"ConversionSoftware": "dcm2niix",
	"ConversionSoftwareVersion": "v1.0.20211006"
}
