{
	"Modality": "MR",
	"MagneticFieldStrength": 3,
	"ImagingFrequency": 123.258,
	"Manufacturer": "Siemens",
	"ManufacturersModelName": "TrioTim",
	"InstitutionName": "Harborview Medical Center",
	"DeviceSerialNumber": "40xF4PXyyH86",
	"BodyPartExamined": "HEAD",
	"PatientPosition": "HFS",
	"SoftwareVersions": "syngo MR B17",
	"MRAcquisitionType": "2D",
	"SeriesDescription": "AX PD + T2",
	"ProtocolName": "AX PD + T2",
	"ScanningSequence": "SE",
	"SequenceVariant": "SK\\SP\\OSP",
	"SequenceName": "*tse2d2rs8",
	"ImageType": ["ORIGINAL", "PRIMARY", "M", "ND", "NORM"],
	"SeriesNumber": 4,
	"AcquisitionTime": "09:48:38.965000",
	"AcquisitionNumber": 1,
	"SliceThickness": 4,
	"SpacingBetweenSlices": 5,
	"SAR": 0.846569,
	"EchoNumber": 2,
	"EchoTime": 0.095,
	"RepetitionTime": 2.2,
	"SpoilingState": true,
	"FlipAngle": 120,
	"PartialFourier": 1,
	"Interpolation2D": 1,
	"BaseResolution": 256,
	"ShimSetting": [
		7260,
		-4958,
		-5735,
		208,
		-103,
		-30,
		-107,
		-50	],
	"TxRefAmp": 368.904,
	"PhaseResolution": 1,
	"PhaseOversampling": 0.5,
	"ReceiveCoilName": "HeadMatrix",
	"PulseSequenceDetails": "%SiemensSeq%\\tse",
	"CoilCombinationMethod": "Adaptive Combine",
	"MatrixCoilMode": "SENSE",
	"PercentPhaseFOV": 100,
	"PercentSampling": 100,
	"EchoTrainLength": 8,
	"PhaseEncodingSteps": 384,
	"AcquisitionMatrixPE": 256,
	"ReconMatrixPE": 512,
	"PixelBandwidth": 250,
	"DwellTime": 7.8e-06,
	"PhaseEncodingDirection": "j-",
	"SliceTiming": [
		0,
		68.2266,
		136.461,
		204.695,
		0.27344,
		68.5469,
		136.773,
		205.008,
		0.54688,
		68.8594,
		137.094,
		205.328,
		0.82031,
		69.1797,
		137.406,
		205.641,
		1.10156,
		69.4922,
		137.727,
		205.953,
		1.375,
		69.8047,
		138.039,
		206.273,
		1.64844,
		70.125,
		138.352,
		206.586,
		1.92969	],
	"ImageOrientationPatientDICOM": [
		0.999123,
		-0.0416899,
		0.00394085,
		0.0418757,
		0.994689,
		-0.0940258	],
	"InPlanePhaseEncodingDirectionDICOM": "COL",
	"ConversionSoftware": "dcm2niix",
	"ConversionSoftwareVersion": "v1.0.20211006"
}
