{
	"Modality": "MR",
	"MagneticFieldStrength": 3,
	"ImagingFrequency": 123.245,
	"Manufacturer": "Siemens",
	"ManufacturersModelName": "TrioTim",
	"InstitutionName": "JHU MR01 Trio",
	"DeviceSerialNumber": "4xi1crLtyp9U",
	"PatientPosition": "HFS",
	"SoftwareVersions": "syngo MR B17",
	"MRAcquisitionType": "2D",
	"SeriesDescription": "Axial PD-T2 TSE_AC/PC line",
	"ProtocolName": "Axial PD-T2 TSE_AC/PC line",
	"ScanningSequence": "SE",
	"SequenceVariant": "SK\\SP\\OSP",
	"SequenceName": "*tse2d2_7",
	"ImageType": ["ORIGINAL", "PRIMARY", "M", "ND", "NORM"],
	"SeriesNumber": 10,
	"AcquisitionTime": "15:43:40.617500",
	"AcquisitionNumber": 1,
	"SliceThickness": 3,
	"SpacingBetweenSlices": 3,
	"SAR": 0.537024,
	"EchoNumber": 2,
	"EchoTime": 0.101,
	"RepetitionTime": 3,
	"SpoilingState": true,
	"FlipAngle": 150,
	"PartialFourier": 1,
	"BaseResolution": 256,
	"ShimSetting": [
		15662,
		-13443,
		-1029,
		357,
		168,
		-281,
		-12,
		-38	],
	"TxRefAmp": 418.658,
	"PhaseResolution": 1,
	"ReceiveCoilName": "HeadMatrix",
	"PulseSequenceDetails": "%SiemensSeq%\\tse",
	"CoilCombinationMethod": "Adaptive Combine",
	"MatrixCoilMode": "SENSE",
	"PercentPhaseFOV": 89.0625,
	"PercentSampling": 100,
	"EchoTrainLength": 7,
	"PhaseEncodingSteps": 231,
	"AcquisitionMatrixPE": 228,
	"ReconMatrixPE": 228,
	"PixelBandwidth": 186,
	"DwellTime": 1.05e-05,
	"PhaseEncodingDirection": "i",
	"SliceTiming": [
		0,
		62.4062,
		124.812,
		0.15625,
		62.5781,
		124.984,
		0.32812,
		62.75,
		125.172,
		0.5,
		62.9375,
		125.344,
		0.65625,
		63.1094,
		125.516,
		0.82812,
		63.2812,
		125.703,
		1,
		63.4688,
		125.875,
		1.15625,
		63.6406,
		126.047,
		1.32812,
		63.8125,
		126.234,
		1.5,
		64,
		126.406,
		1.67188,
		64.1719,
		126.578,
		1.82812,
		64.3438,
		126.766,
		2,
		64.5312,
		126.938,
		2.17188,
		64.7031,
		127.109,
		2.32812,
		64.875,
		127.297,
		2.5,
		65.0625,
		127.469,
		2.67188,
		65.2344,
		127.641,
		2.82812	],
	"ImageOrientationPatientDICOM": [
		0.998348,
		-0.0210774,
		-0.0534605,
		0.0104551,
		0.981401,
		-0.191685	],
	"InPlanePhaseEncodingDirectionDICOM": "ROW",
	"ConversionSoftware": "dcm2niix",
	"ConversionSoftwareVersion": "v1.0.20211006"
}
