{
	"Modality": "MR",
	"MagneticFieldStrength": 3,
	"ImagingFrequency": 123.258,
	"Manufacturer": "Siemens",
	"ManufacturersModelName": "TrioTim",
	"InstitutionName": "Harborview Med Ctr 3T x42460",
	"DeviceSerialNumber": "40xF4PXyyH86",
	"BodyPartExamined": "HEAD",
	"PatientPosition": "HFS",
	"SoftwareVersions": "syngo MR B17",
	"MRAcquisitionType": "2D",
	"SeriesDescription": "AX PD + T2",
	"ProtocolName": "AX PD + T2",
	"ScanningSequence": "SE",
	"SequenceVariant": "SK\\SP\\OSP",
	"SequenceName": "*tse2d2rs8",
	"ImageType": ["ORIGINAL", "PRIMARY", "M", "ND", "NORM"],
	"SeriesNumber": 4,
	"AcquisitionTime": "11:32:2.155000",
	"AcquisitionNumber": 1,
	"SliceThickness": 4,
	"SpacingBetweenSlices": 5,
	"SAR": 0.845546,
	"EchoNumber": 2,
	"EchoTime": 0.095,
	"RepetitionTime": 4.82,
	"SpoilingState": true,
	"FlipAngle": 120,
	"PartialFourier": 1,
	"Interpolation2D": 1,
	"BaseResolution": 256,
	"ShimSetting": [
		7260,
		-4958,
		-5735,
		208,
		-103,
		-30,
		-107,
		-50	],
	"TxRefAmp": 287.959,
	"PhaseResolution": 1,
	"PhaseOversampling": 0.5,
	"ReceiveCoilName": "HeadMatrix",
	"PulseSequenceDetails": "%SiemensSeq%\\tse",
	"CoilCombinationMethod": "Adaptive Combine",
	"MatrixCoilMode": "SENSE",
	"PercentPhaseFOV": 100,
	"PercentSampling": 100,
	"EchoTrainLength": 8,
	"PhaseEncodingSteps": 384,
	"AcquisitionMatrixPE": 256,
	"ReconMatrixPE": 512,
	"PixelBandwidth": 250,
	"DwellTime": 7.8e-06,
	"PhaseEncodingDirection": "j-",
	"SliceTiming": [
		2.42188,
		0,
		2.58594,
		0.16406,
		2.74219,
		0.32812,
		2.90625,
		0.48438,
		3.07031,
		0.64844,
		3.22656,
		0.80469,
		3.39062,
		0.96875,
		3.54688,
		1.13281,
		3.71094,
		1.29688,
		3.875,
		1.45312,
		4.03906,
		1.61719,
		4.19531,
		1.77344,
		4.35938,
		1.9375,
		4.51562,
		2.10156,
		4.67969,
		2.25781	],
	"ImageOrientationPatientDICOM": [
		0.999286,
		-0.00675811,
		-0.0371597,
		7.15019e-08,
		0.983862,
		-0.17893	],
	"InPlanePhaseEncodingDirectionDICOM": "COL",
	"ConversionSoftware": "dcm2niix",
	"ConversionSoftwareVersion": "v1.0.20211006"
}
