{
	"Modality": "MR",
	"MagneticFieldStrength": 1.5,
	"ImagingFrequency": 63.6133,
	"Manufacturer": "Siemens",
	"ManufacturersModelName": "Symphony",
	"InstitutionName": "WHITNEY",
	"DeviceSerialNumber": "4_CTRFrBXs6I",
	"PatientPosition": "HFS",
	"SoftwareVersions": "syngo MR A30 4VA30A",
	"MRAcquisitionType": "2D",
	"SeriesDescription": "FLAIR AXIAL",
	"ProtocolName": "FLAIR AXIAL",
	"ScanningSequence": "IR\\SE",
	"SequenceVariant": "SK\\SP\\MP\\OSP",
	"ScanOptions": "IR",
	"SequenceName": "*tir2d1_21",
	"ImageType": ["ORIGINAL", "PRIMARY", "M", "ND"],
	"SeriesNumber": 4,
	"AcquisitionTime": "10:13:56.310000",
	"AcquisitionNumber": 1,
	"SliceThickness": 5,
	"SpacingBetweenSlices": 7,
	"SAR": 0.407789,
	"EchoTime": 0.127,
	"RepetitionTime": 8.4,
	"SpoilingState": true,
	"InversionTime": 2.5,
	"FlipAngle": 180,
	"PartialFourier": 1,
	"Interpolation2D": 1,
	"BaseResolution": 256,
	"ShimSetting": [
		142,
		-44,
		-36,
		23,
		393,
		138,
		775,
		-297	],
	"TxRefAmp": 305.909,
	"PhaseResolution": 0.76,
	"ReceiveCoilName": "CP_HeadArray",
	"PulseSequenceDetails": "%SiemensSeq%\\tse",
	"MatrixCoilMode": "SENSE",
	"PercentPhaseFOV": 75,
	"PercentSampling": 76,
	"EchoTrainLength": 21,
	"PhaseEncodingSteps": 147,
	"AcquisitionMatrixPE": 146,
	"ReconMatrixPE": 384,
	"PixelBandwidth": 130,
	"PhaseEncodingDirection": "i",
	"SliceTiming": [
		0,
		75.5938,
		4.35156,
		79.7969,
		0.30469,
		75.9062,
		4.65625,
		80.1094,
		0.61719,
		76.2188,
		4.96875,
		80.4141,
		0.92188,
		76.5234,
		5.28125,
		80.7266,
		1.23438,
		76.8359,
		5.58594,
		81.0312,
		1.53906	],
	"ImageOrientationPatientDICOM": [
		0.999392,
		0.000122521,
		-0.0348563,
		2.05684e-10,
		0.999994,
		0.00351501	],
	"InPlanePhaseEncodingDirectionDICOM": "ROW",
	"ConversionSoftware": "dcm2niix",
	"ConversionSoftwareVersion": "v1.0.20211006"
}
