{
	"Modality": "MR",
	"MagneticFieldStrength": 1.5,
	"ImagingFrequency": 63.6129,
	"Manufacturer": "Siemens",
	"ManufacturersModelName": "Symphony",
	"InstitutionName": "WHITNEY",
	"DeviceSerialNumber": "4_CTRFrBXs6I",
	"PatientPosition": "HFS",
	"SoftwareVersions": "syngo MR A30 4VA30A",
	"MRAcquisitionType": "2D",
	"SeriesDescription": "FLAIR AXIAL",
	"ProtocolName": "FLAIR AXIAL",
	"ScanningSequence": "IR\\SE",
	"SequenceVariant": "SK\\SP\\MP\\OSP",
	"ScanOptions": "IR",
	"SequenceName": "*tir2d1_21",
	"ImageType": ["ORIGINAL", "PRIMARY", "M", "ND"],
	"SeriesNumber": 4,
	"AcquisitionTime": "19:48:27.344990",
	"AcquisitionNumber": 1,
	"SliceThickness": 5,
	"SpacingBetweenSlices": 7,
	"SAR": 0.28105,
	"EchoTime": 0.127,
	"RepetitionTime": 8.4,
	"SpoilingState": true,
	"InversionTime": 2.5,
	"FlipAngle": 180,
	"PartialFourier": 1,
	"Interpolation2D": 1,
	"BaseResolution": 256,
	"ShimSetting": [
		268,
		-23,
		-85,
		228,
		505,
		183,
		542,
		-171	],
	"TxRefAmp": 301.174,
	"PhaseResolution": 0.76,
	"ReceiveCoilName": "CP_HeadArray",
	"PulseSequenceDetails": "%SiemensSeq%\\tse",
	"MatrixCoilMode": "SENSE",
	"PercentPhaseFOV": 75,
	"PercentSampling": 76,
	"EchoTrainLength": 21,
	"PhaseEncodingSteps": 147,
	"AcquisitionMatrixPE": 146,
	"ReconMatrixPE": 384,
	"PixelBandwidth": 130,
	"PhaseEncodingDirection": "i",
	"SliceTiming": [
		0,
		75.5938,
		4.35938,
		79.7969,
		0.3125,
		75.9062,
		4.65625,
		80.1094,
		0.625,
		76.2188,
		4.96875,
		80.4219,
		0.92188,
		76.5312,
		5.28125,
		80.7344,
		1.23438,
		76.8438,
		5.59375,
		81.0312,
		1.54688	],
	"ImageOrientationPatientDICOM": [
		0.999987,
		2.72938e-05,
		-0.00519348,
		2.04823e-10,
		0.999986,
		0.00525536	],
	"InPlanePhaseEncodingDirectionDICOM": "ROW",
	"ConversionSoftware": "dcm2niix",
	"ConversionSoftwareVersion": "v1.0.20211006"
}
