{
	"Modality": "MR",
	"MagneticFieldStrength": 3,
	"ImagingFrequency": 123.208,
	"Manufacturer": "Siemens",
	"ManufacturersModelName": "TrioTim",
	"InstitutionName": "Emory University",
	"DeviceSerialNumber": "4PHs8MR4da1w",
	"BodyPartExamined": "HEAD",
	"PatientPosition": "HFS",
	"SoftwareVersions": "syngo MR B17",
	"MRAcquisitionType": "2D",
	"SeriesDescription": "Axial PD-T2 TSE",
	"ProtocolName": "Axial PD-T2 TSE",
	"ScanningSequence": "SE",
	"SequenceVariant": "SK\\SP\\OSP",
	"SequenceName": "*tse2d2_7",
	"ImageType": ["ORIGINAL", "PRIMARY", "M", "ND", "NORM"],
	"SeriesNumber": 8,
	"AcquisitionTime": "12:30:39.830000",
	"AcquisitionNumber": 1,
	"SliceThickness": 3,
	"SpacingBetweenSlices": 3,
	"SAR": 0.448567,
	"EchoNumber": 2,
	"EchoTime": 0.101,
	"RepetitionTime": 3,
	"SpoilingState": true,
	"FlipAngle": 150,
	"PartialFourier": 1,
	"BaseResolution": 256,
	"ShimSetting": [
		2234,
		7353,
		9503,
		409,
		-131,
		308,
		-90,
		2	],
	"TxRefAmp": 413.935,
	"PhaseResolution": 1,
	"ReceiveCoilName": "HeadMatrix",
	"PulseSequenceDetails": "%SiemensSeq%\\tse",
	"CoilCombinationMethod": "Adaptive Combine",
	"MatrixCoilMode": "SENSE",
	"PercentPhaseFOV": 89.0625,
	"PercentSampling": 100,
	"EchoTrainLength": 7,
	"PhaseEncodingSteps": 231,
	"AcquisitionMatrixPE": 228,
	"ReconMatrixPE": 228,
	"PixelBandwidth": 186,
	"DwellTime": 1.05e-05,
	"PhaseEncodingDirection": "i",
	"SliceTiming": [
		0,
		62.4141,
		124.82,
		0.17969,
		62.5859,
		125.008,
		0.35938,
		62.7656,
		125.203,
		0.53125,
		62.9453,
		125.391,
		0.71094,
		63.125,
		125.578,
		0.89062,
		63.2969,
		125.766,
		1.07031,
		63.4766,
		125.953,
		1.24219,
		63.6484,
		126.141,
		1.42188,
		63.8281,
		126.328,
		1.59375,
		64.0078,
		126.516,
		1.77344,
		64.1875,
		126.703,
		1.95312,
		64.3594,
		126.891,
		2.13281,
		64.5391,
		127.078,
		2.30469,
		64.7188,
		127.266,
		2.48438,
		64.8906,
		127.453,
		2.66406,
		65.0703,
		127.648,
		2.83594,
		65.25	],
	"ImageOrientationPatientDICOM": [
		1,
		-2.04653e-10,
		1.3593e-11,
		2.05103e-10,
		0.997801,
		-0.0662739	],
	"InPlanePhaseEncodingDirectionDICOM": "ROW",
	"ConversionSoftware": "dcm2niix",
	"ConversionSoftwareVersion": "v1.0.20211006"
}
