{
	"Modality": "MR",
	"MagneticFieldStrength": 3,
	"ImagingFrequency": 123.252,
	"Manufacturer": "Siemens",
	"ManufacturersModelName": "TrioTim",
	"InstitutionName": "El Camino Hospital MV",
	"DeviceSerialNumber": "4QUtXxpHmND_",
	"BodyPartExamined": "HEAD",
	"PatientPosition": "HFS",
	"SoftwareVersions": "syngo MR B17",
	"MRAcquisitionType": "2D",
	"SeriesDescription": "Axial PD-T2 TSE",
	"ProtocolName": "Axial PD-T2 TSE",
	"ScanningSequence": "SE",
	"SequenceVariant": "SK\\SP\\OSP",
	"SequenceName": "*tse2d2_7",
	"ImageType": ["ORIGINAL", "PRIMARY", "M", "ND", "NORM"],
	"SeriesNumber": 10,
	"AcquisitionTime": "15:41:45.247500",
	"AcquisitionNumber": 1,
	"SliceThickness": 3,
	"SpacingBetweenSlices": 3,
	"SAR": 0.325229,
	"EchoNumber": 2,
	"EchoTime": 0.101,
	"RepetitionTime": 3,
	"SpoilingState": true,
	"FlipAngle": 150,
	"PartialFourier": 1,
	"BaseResolution": 256,
	"ShimSetting": [
		-3588,
		-11309,
		-16712,
		323,
		131,
		235,
		439,
		-71	],
	"TxRefAmp": 265.883,
	"PhaseResolution": 1,
	"ReceiveCoilName": "HeadMatrix",
	"PulseSequenceDetails": "%SiemensSeq%\\tse",
	"CoilCombinationMethod": "Adaptive Combine",
	"MatrixCoilMode": "SENSE",
	"PercentPhaseFOV": 79.6875,
	"PercentSampling": 100,
	"EchoTrainLength": 7,
	"PhaseEncodingSteps": 210,
	"AcquisitionMatrixPE": 204,
	"ReconMatrixPE": 204,
	"PixelBandwidth": 186,
	"DwellTime": 1.05e-05,
	"PhaseEncodingDirection": "i",
	"SliceTiming": [
		0,
		93.375,
		146.75,
		0.17188,
		93.5469,
		146.938,
		0.35938,
		93.7188,
		147.125,
		0.53125,
		93.9062,
		147.312,
		0.70312,
		94.0781,
		147.5,
		0.875,
		94.25,
		147.688,
		1.0625,
		94.4375,
		147.875,
		1.23438,
		94.6094,
		148.062,
		1.42188,
		94.7812,
		148.25,
		1.59375,
		94.9688,
		148.438,
		1.76562,
		95.1406,
		148.625,
		1.9375,
		95.3125,
		148.812,
		2.125,
		95.5,
		149,
		2.29688,
		95.6719,
		149.188,
		2.48438,
		95.8438,
		149.375,
		2.65625,
		96.0312,
		149.562,
		2.82812,
		96.2031	],
	"ImageOrientationPatientDICOM": [
		0.999926,
		0.00137421,
		0.0120604,
		1.90629e-10,
		0.993571,
		-0.113212	],
	"InPlanePhaseEncodingDirectionDICOM": "ROW",
	"ConversionSoftware": "dcm2niix",
	"ConversionSoftwareVersion": "v1.0.20211006"
}
