{
	"Modality": "MR",
	"MagneticFieldStrength": 3,
	"ImagingFrequency": 123.208,
	"Manufacturer": "Siemens",
	"ManufacturersModelName": "TrioTim",
	"InstitutionName": "Emory University",
	"DeviceSerialNumber": "4PHs8MR4da1w",
	"BodyPartExamined": "HEAD",
	"PatientPosition": "HFS",
	"SoftwareVersions": "syngo MR B17",
	"MRAcquisitionType": "2D",
	"SeriesDescription": "Axial PD-T2 TSE",
	"ProtocolName": "Axial PD-T2 TSE",
	"ScanningSequence": "SE",
	"SequenceVariant": "SK\\SP\\OSP",
	"SequenceName": "*tse2d2_7",
	"ImageType": ["ORIGINAL", "PRIMARY", "M", "ND", "NORM"],
	"SeriesNumber": 8,
	"AcquisitionTime": "09:33:16.812500",
	"AcquisitionNumber": 1,
	"SliceThickness": 3,
	"SpacingBetweenSlices": 3,
	"SAR": 0.309205,
	"EchoNumber": 2,
	"EchoTime": 0.101,
	"RepetitionTime": 3,
	"SpoilingState": true,
	"FlipAngle": 150,
	"PartialFourier": 1,
	"BaseResolution": 256,
	"ShimSetting": [
		2212,
		7404,
		9395,
		330,
		51,
		-112,
		-179,
		97	],
	"TxRefAmp": 355.117,
	"PhaseResolution": 1,
	"ReceiveCoilName": "HeadMatrix",
	"PulseSequenceDetails": "%SiemensSeq%\\tse",
	"CoilCombinationMethod": "Adaptive Combine",
	"MatrixCoilMode": "SENSE",
	"PercentPhaseFOV": 89.0625,
	"PercentSampling": 100,
	"EchoTrainLength": 7,
	"PhaseEncodingSteps": 231,
	"AcquisitionMatrixPE": 228,
	"ReconMatrixPE": 228,
	"PixelBandwidth": 186,
	"DwellTime": 1.05e-05,
	"PhaseEncodingDirection": "i",
	"SliceTiming": [
		0,
		62.4062,
		124.82,
		0.17969,
		62.5859,
		125.008,
		0.35156,
		62.7656,
		125.195,
		0.53125,
		62.9453,
		125.383,
		0.71094,
		63.1172,
		125.57,
		0.88281,
		63.2969,
		125.758,
		1.0625,
		63.4688,
		125.953,
		1.24219,
		63.6484,
		126.141,
		1.41406,
		63.8281,
		126.328,
		1.59375,
		64.0078,
		126.516,
		1.77344,
		64.1797,
		126.703,
		1.95312,
		64.3594,
		126.891,
		2.125,
		64.5312,
		127.078,
		2.30469,
		64.7109,
		127.266,
		2.47656,
		64.8906,
		127.453,
		2.65625,
		65.0703,
		127.641,
		2.83594,
		65.2422	],
	"ImageOrientationPatientDICOM": [
		0.99762,
		-0.0104549,
		-0.0681566,
		6.33701e-10,
		0.988439,
		-0.151622	],
	"InPlanePhaseEncodingDirectionDICOM": "ROW",
	"ConversionSoftware": "dcm2niix",
	"ConversionSoftwareVersion": "v1.0.20211006"
}
