{
	"Modality": "MR",
	"MagneticFieldStrength": 3,
	"ImagingFrequency": 123.208,
	"Manufacturer": "Siemens",
	"ManufacturersModelName": "TrioTim",
	"InstitutionName": "Emory University",
	"DeviceSerialNumber": "4PHs8MR4da1w",
	"BodyPartExamined": "HEAD",
	"PatientPosition": "HFS",
	"SoftwareVersions": "syngo MR B17",
	"MRAcquisitionType": "2D",
	"SeriesDescription": "Axial PD-T2 TSE",
	"ProtocolName": "Axial PD-T2 TSE",
	"ScanningSequence": "SE",
	"SequenceVariant": "SK\\SP\\OSP",
	"SequenceName": "*tse2d2_7",
	"ImageType": ["ORIGINAL", "PRIMARY", "M", "ND", "NORM"],
	"SeriesNumber": 5,
	"AcquisitionTime": "10:11:42.802500",
	"AcquisitionNumber": 1,
	"SliceThickness": 3,
	"SpacingBetweenSlices": 3,
	"SAR": 0.527779,
	"EchoNumber": 2,
	"EchoTime": 0.101,
	"RepetitionTime": 3,
	"SpoilingState": true,
	"FlipAngle": 150,
	"PartialFourier": 1,
	"BaseResolution": 256,
	"ShimSetting": [
		2267,
		7294,
		9461,
		44,
		-25,
		52,
		176,
		-57	],
	"TxRefAmp": 493.646,
	"PhaseResolution": 1,
	"ReceiveCoilName": "HeadMatrix",
	"PulseSequenceDetails": "%SiemensSeq%\\tse",
	"CoilCombinationMethod": "Adaptive Combine",
	"MatrixCoilMode": "SENSE",
	"PercentPhaseFOV": 89.0625,
	"PercentSampling": 100,
	"EchoTrainLength": 7,
	"PhaseEncodingSteps": 231,
	"AcquisitionMatrixPE": 228,
	"ReconMatrixPE": 228,
	"PixelBandwidth": 186,
	"DwellTime": 1.05e-05,
	"PhaseEncodingDirection": "i",
	"SliceTiming": [
		0,
		62.4062,
		124.812,
		0.17188,
		62.5859,
		125.008,
		0.35156,
		62.7578,
		125.195,
		0.53125,
		62.9375,
		125.383,
		0.70312,
		63.1172,
		125.57,
		0.88281,
		63.2891,
		125.758,
		1.0625,
		63.4688,
		125.945,
		1.23438,
		63.6484,
		126.133,
		1.41406,
		63.8203,
		126.32,
		1.59375,
		64,
		126.508,
		1.76562,
		64.1797,
		126.695,
		1.94531,
		64.3516,
		126.891,
		2.125,
		64.5312,
		127.078,
		2.29688,
		64.7109,
		127.266,
		2.47656,
		64.8906,
		127.453,
		2.65625,
		65.0625,
		127.641,
		2.83594,
		65.2422	],
	"ImageOrientationPatientDICOM": [
		1,
		-2.03302e-10,
		2.71262e-11,
		2.05103e-10,
		0.991216,
		-0.132256	],
	"InPlanePhaseEncodingDirectionDICOM": "ROW",
	"ConversionSoftware": "dcm2niix",
	"ConversionSoftwareVersion": "v1.0.20211006"
}
