{
	"Modality": "MR",
	"MagneticFieldStrength": 3,
	"ImagingFrequency": 123.227,
	"Manufacturer": "Siemens",
	"ManufacturersModelName": "TrioTim",
	"InstitutionName": "Center of BrainImaging, Uni-Marburg",
	"DeviceSerialNumber": "4yzYdxZyrGQI",
	"PatientPosition": "HFS",
	"SoftwareVersions": "syngo MR B17",
	"MRAcquisitionType": "2D",
	"SeriesDescription": "Axial PD-T2 TSE",
	"ProtocolName": "Axial PD-T2 TSE",
	"ScanningSequence": "SE",
	"SequenceVariant": "SK\\SP\\OSP",
	"SequenceName": "tse2d2_7",
	"ImageType": ["ORIGINAL", "PRIMARY", "M", "ND", "NORM"],
	"SeriesNumber": 18,
	"AcquisitionTime": "12:14:23.372500",
	"AcquisitionNumber": 1,
	"SliceThickness": 3,
	"SpacingBetweenSlices": 3,
	"SAR": 0.414085,
	"EchoNumber": 2,
	"EchoTime": 0.101,
	"RepetitionTime": 3,
	"SpoilingState": true,
	"FlipAngle": 150,
	"PartialFourier": 1,
	"BaseResolution": 256,
	"ShimSetting": [
		9415,
		9289,
		-1352,
		246,
		48,
		96,
		94,
		144	],
	"TxRefAmp": 307.335,
	"PhaseResolution": 1,
	"ReceiveCoilName": "HeadMatrix",
	"PulseSequenceDetails": "%SiemensSeq%\\tse",
	"CoilCombinationMethod": "Adaptive Combine",
	"MatrixCoilMode": "SENSE",
	"PercentPhaseFOV": 89.0625,
	"PercentSampling": 100,
	"EchoTrainLength": 7,
	"PhaseEncodingSteps": 231,
	"AcquisitionMatrixPE": 228,
	"ReconMatrixPE": 228,
	"PixelBandwidth": 186,
	"DwellTime": 1.05e-05,
	"PhaseEncodingDirection": "i",
	"SliceTiming": [
		0,
		62.4062,
		124.82,
		0.1875,
		62.5938,
		125.008,
		0.375,
		62.7812,
		125.195,
		0.5625,
		62.9688,
		125.383,
		0.75,
		63.1562,
		125.57,
		0.9375,
		63.3438,
		125.758,
		1.125,
		63.5312,
		125.945,
		1.3125,
		63.7266,
		126.133,
		1.5,
		63.9141,
		126.32,
		1.69531,
		64.1016,
		126.508,
		1.88281,
		64.2891,
		126.703,
		2.07031,
		64.4766,
		126.891,
		2.25781,
		64.6641,
		127.078,
		2.44531,
		64.8516,
		127.266,
		2.63281,
		65.0391,
		127.453,
		2.82031,
		65.2266,
		127.641	],
	"ImageOrientationPatientDICOM": [
		0.999998,
		0.00030461,
		0.00178567,
		1.98315e-10,
		0.98576,
		-0.168157	],
	"InPlanePhaseEncodingDirectionDICOM": "ROW",
	"ConversionSoftware": "dcm2niix",
	"ConversionSoftwareVersion": "v1.0.20211006"
}
