{
	"Modality": "MR",
	"MagneticFieldStrength": 3,
	"ImagingFrequency": 123.252,
	"Manufacturer": "Siemens",
	"ManufacturersModelName": "TrioTim",
	"InstitutionName": "El Camino Hospital MV",
	"DeviceSerialNumber": "4QUtXxpHmND_",
	"BodyPartExamined": "HEAD",
	"PatientPosition": "HFS",
	"SoftwareVersions": "syngo MR B17",
	"MRAcquisitionType": "2D",
	"SeriesDescription": "Axial PD-T2 TSE",
	"ProtocolName": "Axial PD-T2 TSE",
	"ScanningSequence": "SE",
	"SequenceVariant": "SK\\SP\\OSP",
	"SequenceName": "*tse2d2_7",
	"ImageType": ["ORIGINAL", "PRIMARY", "M", "ND", "NORM"],
	"SeriesNumber": 9,
	"AcquisitionTime": "11:32:34.270000",
	"AcquisitionNumber": 1,
	"SliceThickness": 3,
	"SpacingBetweenSlices": 3,
	"SAR": 0.509881,
	"EchoNumber": 2,
	"EchoTime": 0.101,
	"RepetitionTime": 3,
	"SpoilingState": true,
	"FlipAngle": 150,
	"PartialFourier": 1,
	"BaseResolution": 256,
	"ShimSetting": [
		-3680,
		-11693,
		-16678,
		-95,
		118,
		-1075,
		-269,
		123	],
	"TxRefAmp": 284.954,
	"PhaseResolution": 1,
	"ReceiveCoilName": "HeadMatrix",
	"PulseSequenceDetails": "%SiemensSeq%\\tse",
	"CoilCombinationMethod": "Adaptive Combine",
	"MatrixCoilMode": "SENSE",
	"PercentPhaseFOV": 79.6875,
	"PercentSampling": 100,
	"EchoTrainLength": 7,
	"PhaseEncodingSteps": 210,
	"AcquisitionMatrixPE": 204,
	"ReconMatrixPE": 204,
	"PixelBandwidth": 186,
	"DwellTime": 1.05e-05,
	"PhaseEncodingDirection": "i",
	"SliceTiming": [
		0,
		93.375,
		146.742,
		0.17188,
		93.5469,
		146.938,
		0.35156,
		93.7266,
		147.125,
		0.53125,
		93.8984,
		147.312,
		0.70312,
		94.0781,
		147.5,
		0.88281,
		94.2578,
		147.688,
		1.0625,
		94.4375,
		147.875,
		1.24219,
		94.6094,
		148.062,
		1.41406,
		94.7891,
		148.25,
		1.59375,
		94.9688,
		148.438,
		1.76562,
		95.1406,
		148.625,
		1.94531,
		95.3203,
		148.82,
		2.125,
		95.5,
		149.008,
		2.30469,
		95.6719,
		149.195,
		2.47656,
		95.8516,
		149.383,
		2.65625,
		96.0312,
		149.57,
		2.82812,
		96.2031	],
	"ImageOrientationPatientDICOM": [
		0.999273,
		-0.0292756,
		-0.02442,
		0.0261669,
		0.992534,
		-0.11913	],
	"InPlanePhaseEncodingDirectionDICOM": "ROW",
	"ConversionSoftware": "dcm2niix",
	"ConversionSoftwareVersion": "v1.0.20211006"
}
