{
	"Modality": "MR",
	"MagneticFieldStrength": 3,
	"ImagingFrequency": 123.258,
	"Manufacturer": "Siemens",
	"ManufacturersModelName": "TrioTim",
	"InstitutionName": "Baylor College of Medicine",
	"DeviceSerialNumber": "4RYQhNAwMfVs",
	"PatientPosition": "HFS",
	"SoftwareVersions": "syngo MR B17",
	"MRAcquisitionType": "2D",
	"SeriesDescription": "Axial PD-T2 TSE",
	"ProtocolName": "Axial PD-T2 TSE",
	"ScanningSequence": "SE",
	"SequenceVariant": "SK\\SP\\OSP",
	"SequenceName": "*tse2d2_7",
	"ImageType": ["ORIGINAL", "PRIMARY", "M", "ND", "NORM"],
	"SeriesNumber": 10,
	"AcquisitionTime": "13:59:25.517500",
	"AcquisitionNumber": 1,
	"SliceThickness": 3,
	"SpacingBetweenSlices": 3,
	"SAR": 0.292533,
	"EchoNumber": 2,
	"EchoTime": 0.101,
	"RepetitionTime": 3,
	"SpoilingState": true,
	"FlipAngle": 150,
	"PartialFourier": 1,
	"BaseResolution": 256,
	"ShimSetting": [
		22655,
		-3799,
		5803,
		400,
		-172,
		312,
		-205,
		-164	],
	"TxRefAmp": 283.189,
	"PhaseResolution": 1,
	"ReceiveCoilName": "HeadMatrix",
	"PulseSequenceDetails": "%SiemensSeq%\\tse",
	"CoilCombinationMethod": "Adaptive Combine",
	"MatrixCoilMode": "SENSE",
	"PercentPhaseFOV": 89.0625,
	"PercentSampling": 100,
	"EchoTrainLength": 7,
	"PhaseEncodingSteps": 231,
	"AcquisitionMatrixPE": 228,
	"ReconMatrixPE": 228,
	"PixelBandwidth": 186,
	"DwellTime": 1.05e-05,
	"PhaseEncodingDirection": "i",
	"SliceTiming": [
		0,
		62.4062,
		124.828,
		0.1875,
		62.5938,
		125.016,
		0.375,
		62.7969,
		125.203,
		0.5625,
		62.9844,
		125.391,
		0.75,
		63.1719,
		125.578,
		0.9375,
		63.3594,
		125.766,
		1.125,
		63.5469,
		125.953,
		1.3125,
		63.7344,
		126.141,
		1.51562,
		63.9219,
		126.328,
		1.70312,
		64.1094,
		126.516,
		1.89062,
		64.2969,
		126.703,
		2.07812,
		64.4844,
		126.891,
		2.26562,
		64.6719,
		127.078,
		2.45312,
		64.8594,
		127.266,
		2.64062,
		65.0469,
		127.453,
		2.82812,
		65.2344,
		127.641	],
	"ImageOrientationPatientDICOM": [
		1,
		-2.05103e-10,
		0,
		2.05103e-10,
		1,
		0	],
	"InPlanePhaseEncodingDirectionDICOM": "ROW",
	"ConversionSoftware": "dcm2niix",
	"ConversionSoftwareVersion": "v1.0.20211006"
}
