{
	"Modality": "MR",
	"MagneticFieldStrength": 1.5,
	"ImagingFrequency": 63.6126,
	"Manufacturer": "Siemens",
	"ManufacturersModelName": "Symphony",
	"InstitutionName": "WHITNEY",
	"DeviceSerialNumber": "4_CTRFrBXs6I",
	"PatientPosition": "HFS",
	"SoftwareVersions": "syngo MR A30 4VA30A",
	"MRAcquisitionType": "2D",
	"SeriesDescription": "AX DE TSE",
	"ProtocolName": "AX DE TSE",
	"ScanningSequence": "SE",
	"SequenceVariant": "SK\\SP\\OSP",
	"ScanOptions": "FS",
	"SequenceName": "*tse2d2rs5",
	"ImageType": ["ORIGINAL", "PRIMARY", "M", "ND"],
	"SeriesNumber": 3,
	"AcquisitionTime": "08:25:12.280000",
	"AcquisitionNumber": 1,
	"SliceThickness": 3,
	"SpacingBetweenSlices": 3,
	"SAR": 0.283911,
	"EchoTime": 0.118,
	"RepetitionTime": 5.01,
	"SpoilingState": true,
	"FlipAngle": 150,
	"PartialFourier": 1,
	"BaseResolution": 256,
	"ShimSetting": [
		114,
		-7,
		96,
		916,
		1075,
		214,
		943,
		-176	],
	"TxRefAmp": 321.938,
	"PhaseResolution": 0.75,
	"ReceiveCoilName": "CP_HeadArray",
	"PulseSequenceDetails": "%SiemensSeq%\\tse",
	"MatrixCoilMode": "SENSE",
	"PercentPhaseFOV": 75,
	"PercentSampling": 75,
	"EchoTrainLength": 5,
	"PhaseEncodingSteps": 145,
	"AcquisitionMatrixPE": 144,
	"ReconMatrixPE": 192,
	"PixelBandwidth": 130,
	"PhaseEncodingDirection": "i",
	"SliceTiming": [
		115.312,
		0,
		115.508,
		0.20312,
		115.711,
		0.39844,
		115.914,
		0.60156,
		116.117,
		0.80469,
		116.312,
		1,
		116.516,
		1.20312,
		116.711,
		1.40625,
		116.914,
		1.60156,
		117.117,
		1.80469,
		117.312,
		2,
		117.516,
		2.20312,
		117.719,
		2.40625,
		117.914,
		2.60156,
		118.117,
		2.80469,
		118.312,
		3.00781,
		118.516,
		3.20312,
		118.719,
		3.40625,
		118.922,
		3.60938,
		119.117,
		3.80469,
		119.32,
		4.00781,
		119.516,
		4.21094,
		119.719,
		4.40625,
		119.922,
		4.60938,
		120.125,
		4.8125	],
	"ImageOrientationPatientDICOM": [
		0.999847,
		-0.000395655,
		-0.0174702,
		1.9863e-10,
		0.999744,
		-0.0226416	],
	"InPlanePhaseEncodingDirectionDICOM": "ROW",
	"ConversionSoftware": "dcm2niix",
	"ConversionSoftwareVersion": "v1.0.20211006"
}
