{
	"Modality": "MR",
	"MagneticFieldStrength": 3,
	"ImagingFrequency": 123.258,
	"Manufacturer": "Siemens",
	"ManufacturersModelName": "TrioTim",
	"InstitutionName": "Harborview Med Ctr 3T x42460",
	"DeviceSerialNumber": "40xF4PXyyH86",
	"BodyPartExamined": "HEAD",
	"PatientPosition": "HFS",
	"SoftwareVersions": "syngo MR B17",
	"MRAcquisitionType": "2D",
	"SeriesDescription": "AX PD + T2",
	"ProtocolName": "AX PD + T2",
	"ScanningSequence": "SE",
	"SequenceVariant": "SK\\SP\\OSP",
	"SequenceName": "*tse2d2rs8",
	"ImageType": ["ORIGINAL", "PRIMARY", "M", "ND", "NORM"],
	"SeriesNumber": 4,
	"AcquisitionTime": "09:47:8.687500",
	"AcquisitionNumber": 1,
	"SliceThickness": 4,
	"SpacingBetweenSlices": 5,
	"SAR": 0.39875,
	"EchoNumber": 2,
	"EchoTime": 0.106,
	"RepetitionTime": 5.92,
	"SpoilingState": true,
	"FlipAngle": 120,
	"PartialFourier": 1,
	"Interpolation2D": 1,
	"BaseResolution": 256,
	"ShimSetting": [
		7265,
		-4984,
		-5739,
		203,
		-104,
		-24,
		-120,
		-46	],
	"TxRefAmp": 315.012,
	"PhaseResolution": 1,
	"PhaseOversampling": 0.5,
	"ReceiveCoilName": "HeadMatrix",
	"PulseSequenceDetails": "%SiemensSeq%\\tse",
	"CoilCombinationMethod": "Adaptive Combine",
	"MatrixCoilMode": "SENSE",
	"PercentPhaseFOV": 100,
	"PercentSampling": 100,
	"EchoTrainLength": 8,
	"PhaseEncodingSteps": 384,
	"AcquisitionMatrixPE": 256,
	"ReconMatrixPE": 512,
	"PixelBandwidth": 250,
	"DwellTime": 7.8e-06,
	"PhaseEncodingDirection": "j-",
	"SliceTiming": [
		2.96875,
		0,
		3.17188,
		0.19531,
		3.36719,
		0.39062,
		3.5625,
		0.59375,
		3.75781,
		0.78906,
		3.96094,
		0.99219,
		4.15625,
		1.1875,
		4.35938,
		1.38281,
		4.55469,
		1.58594,
		4.75,
		1.78125,
		4.95312,
		1.97656,
		5.14844,
		2.17969,
		5.34375,
		2.375,
		5.54688,
		2.57031,
		5.74219,
		2.77344	],
	"ImageOrientationPatientDICOM": [
		1,
		0,
		0,
		0,
		1,
		0	],
	"InPlanePhaseEncodingDirectionDICOM": "COL",
	"ConversionSoftware": "dcm2niix",
	"ConversionSoftwareVersion": "v1.0.20211006"
}
