{
	"Modality": "MR",
	"MagneticFieldStrength": 1.5,
	"ImagingFrequency": 63.5624,
	"Manufacturer": "Siemens",
	"ManufacturersModelName": "Symphony",
	"DeviceSerialNumber": "4M_55ADQuJaA",
	"PatientPosition": "HFS",
	"SoftwareVersions": "syngo MR A30 4VA30A",
	"MRAcquisitionType": "2D",
	"SeriesDescription": "AX FLAIR",
	"ProtocolName": "AX FLAIR",
	"ScanningSequence": "IR\\SE",
	"SequenceVariant": "SK\\SP\\MP\\OSP",
	"ScanOptions": "IR",
	"SequenceName": "*tir2d1rs15",
	"ImageType": ["ORIGINAL", "PRIMARY", "M", "ND"],
	"SeriesNumber": 4,
	"AcquisitionTime": "08:41:11.354980",
	"AcquisitionNumber": 1,
	"SliceThickness": 5,
	"SpacingBetweenSlices": 6,
	"SAR": 0.160911,
	"EchoTime": 0.12,
	"RepetitionTime": 10,
	"SpoilingState": true,
	"InversionTime": 2.5,
	"FlipAngle": 180,
	"PartialFourier": 1,
	"BaseResolution": 256,
	"ShimSetting": [
		4,
		-1,
		21,
		0,
		0,
		0,
		0,
		0	],
	"TxRefAmp": 190.343,
	"PhaseResolution": 0.75,
	"ReceiveCoilName": "DoubleLoopArrayLeft",
	"PulseSequenceDetails": "%SiemensSeq%\\tse",
	"MatrixCoilMode": "SENSE",
	"PercentPhaseFOV": 100,
	"PercentSampling": 75,
	"EchoTrainLength": 15,
	"PhaseEncodingSteps": 195,
	"AcquisitionMatrixPE": 192,
	"ReconMatrixPE": 256,
	"PixelBandwidth": 130,
	"PhaseEncodingDirection": "i",
	"SliceTiming": [
		0,
		110,
		5.11719,
		115,
		0.24219,
		110.242,
		5.35938,
		115.242,
		0.47656,
		110.477,
		5.59375,
		115.477,
		0.71094,
		110.711,
		5.82812,
		115.711,
		0.94531,
		110.945,
		6.0625,
		115.945,
		1.17969,
		111.18,
		6.30469,
		116.18,
		1.42188	],
	"ImageOrientationPatientDICOM": [
		0.999989,
		0.000552922,
		-0.00462583,
		1.91253e-10,
		0.992932,
		0.118684	],
	"InPlanePhaseEncodingDirectionDICOM": "ROW",
	"ConversionSoftware": "dcm2niix",
	"ConversionSoftwareVersion": "v1.0.20211006"
}
