{
	"Modality": "MR",
	"MagneticFieldStrength": 1.5,
	"ImagingFrequency": 63.5624,
	"Manufacturer": "Siemens",
	"ManufacturersModelName": "Symphony",
	"DeviceSerialNumber": "4M_55ADQuJaA",
	"PatientPosition": "HFS",
	"SoftwareVersions": "syngo MR A30 4VA30A",
	"MRAcquisitionType": "2D",
	"SeriesDescription": "PD-T2 DUAL AXIAL TSE",
	"ProtocolName": "PD-T2 DUAL AXIAL TSE",
	"ScanningSequence": "SE",
	"SequenceVariant": "SK\\SP\\OSP",
	"ScanOptions": "FS",
	"SequenceName": "*tse2d2rs7",
	"ImageType": ["ORIGINAL", "PRIMARY", "M", "ND"],
	"SeriesNumber": 3,
	"AcquisitionTime": "08:36:24.999990",
	"AcquisitionNumber": 1,
	"SliceThickness": 3,
	"SpacingBetweenSlices": 3,
	"SAR": 0.436578,
	"EchoTime": 0.12,
	"RepetitionTime": 4.07,
	"SpoilingState": true,
	"FlipAngle": 180,
	"PartialFourier": 1,
	"BaseResolution": 256,
	"ShimSetting": [
		6,
		-19,
		109,
		0,
		0,
		0,
		0,
		0	],
	"TxRefAmp": 190.343,
	"PhaseResolution": 0.75,
	"ReceiveCoilName": "DoubleLoopArrayLeft",
	"PulseSequenceDetails": "%SiemensSeq%\\tse",
	"MatrixCoilMode": "SENSE",
	"PercentPhaseFOV": 75,
	"PercentSampling": 75,
	"EchoTrainLength": 7,
	"PhaseEncodingSteps": 147,
	"AcquisitionMatrixPE": 144,
	"ReconMatrixPE": 192,
	"PixelBandwidth": 130,
	"PhaseEncodingDirection": "i",
	"SliceTiming": [
		0,
		93.6094,
		143.156,
		0.24219,
		93.8516,
		143.406,
		0.47656,
		94.0938,
		143.656,
		0.71875,
		94.3281,
		143.914,
		0.96094,
		94.5703,
		144.172,
		1.19531,
		94.8047,
		144.422,
		1.4375,
		95.0469,
		144.68,
		1.67188,
		95.2891,
		144.93,
		1.91406,
		95.5312,
		145.188,
		2.15625,
		95.7656,
		145.438,
		2.39844,
		96.0078,
		145.695,
		2.63281,
		96.2422,
		145.953,
		2.875,
		96.4844,
		146.203,
		3.10938,
		96.7188,
		146.461,
		3.35156,
		96.9609,
		146.711,
		3.59375,
		97.2031,
		146.969,
		3.82812,
		97.4453	],
	"ImageOrientationPatientDICOM": [
		0.999822,
		0.00128783,
		-0.0188041,
		2.35634e-10,
		0.997663,
		0.0683265	],
	"InPlanePhaseEncodingDirectionDICOM": "ROW",
	"ConversionSoftware": "dcm2niix",
	"ConversionSoftwareVersion": "v1.0.20211006"
}
