{
	"Modality": "MR",
	"MagneticFieldStrength": 3,
	"ImagingFrequency": 123.258,
	"Manufacturer": "Siemens",
	"ManufacturersModelName": "TrioTim",
	"InstitutionName": "Harborview Med Ctr 3T x42460",
	"DeviceSerialNumber": "40xF4PXyyH86",
	"BodyPartExamined": "HEAD",
	"PatientPosition": "HFS",
	"SoftwareVersions": "syngo MR B17",
	"MRAcquisitionType": "2D",
	"SeriesDescription": "AX PD + T2",
	"ProtocolName": "AX PD + T2",
	"ScanningSequence": "SE",
	"SequenceVariant": "SK\\SP\\OSP",
	"SequenceName": "*tse2d2rs8",
	"ImageType": ["ORIGINAL", "PRIMARY", "M", "ND", "NORM"],
	"SeriesNumber": 4,
	"AcquisitionTime": "09:51:12.472500",
	"AcquisitionNumber": 1,
	"SliceThickness": 4,
	"SpacingBetweenSlices": 5,
	"SAR": 0.488808,
	"EchoNumber": 2,
	"EchoTime": 0.105,
	"RepetitionTime": 5.68,
	"SpoilingState": true,
	"FlipAngle": 120,
	"PartialFourier": 1,
	"Interpolation2D": 1,
	"BaseResolution": 256,
	"ShimSetting": [
		7267,
		-4978,
		-5730,
		195,
		-90,
		-36,
		-129,
		-45	],
	"TxRefAmp": 324.482,
	"PhaseResolution": 1,
	"PhaseOversampling": 0.5,
	"ReceiveCoilName": "HeadMatrix",
	"PulseSequenceDetails": "%SiemensSeq%\\tse",
	"CoilCombinationMethod": "Adaptive Combine",
	"MatrixCoilMode": "SENSE",
	"PercentPhaseFOV": 100,
	"PercentSampling": 100,
	"EchoTrainLength": 8,
	"PhaseEncodingSteps": 384,
	"AcquisitionMatrixPE": 256,
	"ReconMatrixPE": 512,
	"PixelBandwidth": 250,
	"DwellTime": 7.8e-06,
	"PhaseEncodingDirection": "j-",
	"SliceTiming": [
		0,
		2.95312,
		0.20312,
		3.14844,
		0.39844,
		3.34375,
		0.59375,
		3.54688,
		0.78906,
		3.74219,
		0.99219,
		3.9375,
		1.1875,
		4.13281,
		1.38281,
		4.32812,
		1.57812,
		4.52344,
		1.77344,
		4.72656,
		1.96875,
		4.92188,
		2.17188,
		5.11719,
		2.36719,
		5.3125,
		2.5625,
		5.50781,
		2.75781	],
	"ImageOrientationPatientDICOM": [
		0.999932,
		0.00350594,
		0.0111497,
		-6.90085e-09,
		0.953951,
		-0.299962	],
	"InPlanePhaseEncodingDirectionDICOM": "COL",
	"ConversionSoftware": "dcm2niix",
	"ConversionSoftwareVersion": "v1.0.20211006"
}
