{
	"Modality": "MR",
	"MagneticFieldStrength": 1.5,
	"ImagingFrequency": 63.6469,
	"Manufacturer": "Siemens",
	"ManufacturersModelName": "Espree",
	"InstitutionName": "Whitney Imaging Center",
	"DeviceSerialNumber": "4mw7XDhCkzgc",
	"BodyPartExamined": "HEAD",
	"PatientPosition": "HFS",
	"SoftwareVersions": "syngo MR B17",
	"MRAcquisitionType": "2D",
	"SeriesDescription": "t2 weighted double echo",
	"ProtocolName": "t2 weighted double echo",
	"ScanningSequence": "SE",
	"SequenceVariant": "SK\\SP\\OSP",
	"ScanOptions": "FS",
	"SequenceName": "*tse2d2rs5",
	"ImageType": ["ORIGINAL", "PRIMARY", "M", "ND"],
	"SeriesNumber": 3,
	"AcquisitionTime": "10:13:46.910000",
	"AcquisitionNumber": 1,
	"SliceThickness": 5,
	"SpacingBetweenSlices": 6,
	"SAR": 0.0834033,
	"EchoNumber": 2,
	"EchoTime": 0.114,
	"RepetitionTime": 2.93,
	"SpoilingState": true,
	"FlipAngle": 150,
	"PartialFourier": 1,
	"BaseResolution": 256,
	"ShimSetting": [
		7981,
		-2588,
		15741,
		-153,
		225,
		-109,
		28,
		15	],
	"TxRefAmp": 302.82,
	"PhaseResolution": 0.75,
	"ReceiveCoilName": "HeadMatrix",
	"PulseSequenceDetails": "%SiemensSeq%\\tse",
	"CoilCombinationMethod": "Adaptive Combine",
	"MatrixCoilMode": "SENSE",
	"PercentPhaseFOV": 75,
	"PercentSampling": 75,
	"EchoTrainLength": 5,
	"PhaseEncodingSteps": 145,
	"AcquisitionMatrixPE": 144,
	"ReconMatrixPE": 192,
	"PixelBandwidth": 130,
	"DwellTime": 1.5e-05,
	"PhaseEncodingDirection": "i",
	"SliceTiming": [
		91.1875,
		0,
		91.4219,
		0.22656,
		91.6406,
		0.44531,
		91.875,
		0.67969,
		92.0938,
		0.89844,
		92.3203,
		1.125,
		92.5469,
		1.35156,
		92.7734,
		1.57812,
		93,
		1.80469,
		93.2266,
		2.03125,
		93.4531,
		2.25781,
		93.6797,
		2.48438,
		93.9062,
		2.71094	],
	"ImageOrientationPatientDICOM": [
		1,
		1.19211e-06,
		0.000170848,
		2.05071e-10,
		0.999976,
		-0.00697865	],
	"InPlanePhaseEncodingDirectionDICOM": "ROW",
	"ConversionSoftware": "dcm2niix",
	"ConversionSoftwareVersion": "v1.0.20211006"
}
