{
	"Modality": "MR",
	"MagneticFieldStrength": 3,
	"ImagingFrequency": 123.258,
	"Manufacturer": "Siemens",
	"ManufacturersModelName": "TrioTim",
	"InstitutionName": "Harborview Med Ctr 3T x42460",
	"DeviceSerialNumber": "40xF4PXyyH86",
	"BodyPartExamined": "HEAD",
	"PatientPosition": "HFS",
	"SoftwareVersions": "syngo MR B17",
	"MRAcquisitionType": "2D",
	"SeriesDescription": "AX PD + T2",
	"ProtocolName": "AX PD + T2",
	"ScanningSequence": "SE",
	"SequenceVariant": "SK\\SP\\OSP",
	"SequenceName": "*tse2d2rs8",
	"ImageType": ["ORIGINAL", "PRIMARY", "M", "ND", "NORM"],
	"SeriesNumber": 10,
	"AcquisitionTime": "10:39:28.902500",
	"AcquisitionNumber": 1,
	"SliceThickness": 4,
	"SpacingBetweenSlices": 5,
	"SAR": 0.861449,
	"EchoNumber": 2,
	"EchoTime": 0.095,
	"RepetitionTime": 4.82,
	"SpoilingState": true,
	"FlipAngle": 120,
	"PartialFourier": 1,
	"Interpolation2D": 1,
	"BaseResolution": 256,
	"ShimSetting": [
		7264,
		-4978,
		-5732,
		206,
		-91,
		-29,
		-120,
		-44	],
	"TxRefAmp": 283.467,
	"PhaseResolution": 1,
	"PhaseOversampling": 0.5,
	"ReceiveCoilName": "HeadMatrix",
	"PulseSequenceDetails": "%SiemensSeq%\\tse",
	"CoilCombinationMethod": "Adaptive Combine",
	"MatrixCoilMode": "SENSE",
	"PercentPhaseFOV": 100,
	"PercentSampling": 100,
	"EchoTrainLength": 8,
	"PhaseEncodingSteps": 384,
	"AcquisitionMatrixPE": 256,
	"ReconMatrixPE": 512,
	"PixelBandwidth": 250,
	"DwellTime": 7.8e-06,
	"PhaseEncodingDirection": "j-",
	"SliceTiming": [
		0,
		2.5,
		0.16406,
		2.66406,
		0.32812,
		2.83594,
		0.5,
		3,
		0.66406,
		3.17188,
		0.82812,
		3.33594,
		1,
		3.5,
		1.16406,
		3.67188,
		1.32812,
		3.83594,
		1.5,
		4,
		1.66406,
		4.17188,
		1.83594,
		4.33594,
		2,
		4.5,
		2.16406,
		4.67188,
		2.33594	],
	"ImageOrientationPatientDICOM": [
		0.999593,
		0.00403131,
		0.0282515,
		-2.0611e-08,
		0.989972,
		-0.141262	],
	"InPlanePhaseEncodingDirectionDICOM": "COL",
	"ConversionSoftware": "dcm2niix",
	"ConversionSoftwareVersion": "v1.0.20211006"
}
