{
	"Modality": "MR",
	"MagneticFieldStrength": 1.5,
	"ImagingFrequency": 63.553,
	"Manufacturer": "Siemens",
	"ManufacturersModelName": "Symphony",
	"DeviceSerialNumber": "4M_55ADQuJaA",
	"PatientPosition": "HFS",
	"SoftwareVersions": "syngo MR A30 4VA30A",
	"MRAcquisitionType": "2D",
	"SeriesDescription": "PD-T2 DUAL AXIAL TSE",
	"ProtocolName": "PD-T2 DUAL AXIAL TSE",
	"ScanningSequence": "SE",
	"SequenceVariant": "SK\\SP\\OSP",
	"ScanOptions": "FS",
	"SequenceName": "*tse2d2rs7",
	"ImageType": ["ORIGINAL", "PRIMARY", "M", "ND"],
	"SeriesNumber": 4,
	"AcquisitionTime": "11:39:16.924990",
	"AcquisitionNumber": 1,
	"SliceThickness": 3,
	"SpacingBetweenSlices": 3,
	"SAR": 0.380354,
	"EchoTime": 0.12,
	"RepetitionTime": 4.07,
	"SpoilingState": true,
	"FlipAngle": 180,
	"PartialFourier": 1,
	"BaseResolution": 256,
	"ShimSetting": [
		-6,
		-7,
		96,
		0,
		0,
		0,
		0,
		0	],
	"TxRefAmp": 176.204,
	"PhaseResolution": 0.75,
	"ReceiveCoilName": "DoubleLoopArrayLeft",
	"PulseSequenceDetails": "%SiemensSeq%\\tse",
	"MatrixCoilMode": "SENSE",
	"PercentPhaseFOV": 75,
	"PercentSampling": 75,
	"EchoTrainLength": 7,
	"PhaseEncodingSteps": 147,
	"AcquisitionMatrixPE": 144,
	"ReconMatrixPE": 192,
	"PixelBandwidth": 130,
	"PhaseEncodingDirection": "i",
	"SliceTiming": [
		0,
		93.6094,
		143.156,
		0.24219,
		93.8516,
		143.406,
		0.48438,
		94.0938,
		143.664,
		0.71875,
		94.3281,
		143.922,
		0.96094,
		94.5703,
		144.172,
		1.20312,
		94.8125,
		144.422,
		1.4375,
		95.0469,
		144.68,
		1.67969,
		95.2891,
		144.938,
		1.92188,
		95.5312,
		145.188,
		2.15625,
		95.7656,
		145.445,
		2.39844,
		96.0078,
		145.695,
		2.63281,
		96.25,
		145.953,
		2.875,
		96.4844,
		146.203,
		3.11719,
		96.7266,
		146.461,
		3.35938,
		96.9688,
		146.719,
		3.59375,
		97.2031,
		146.969,
		3.83594,
		97.4453	],
	"ImageOrientationPatientDICOM": [
		0.999816,
		0.00164072,
		-0.019109,
		1.96891e-10,
		0.996334,
		0.0855463	],
	"InPlanePhaseEncodingDirectionDICOM": "ROW",
	"ConversionSoftware": "dcm2niix",
	"ConversionSoftwareVersion": "v1.0.20211006"
}
