{
	"Modality": "MR",
	"MagneticFieldStrength": 1.5,
	"ImagingFrequency": 63.6467,
	"Manufacturer": "Siemens",
	"ManufacturersModelName": "Espree",
	"InstitutionName": "Whitney Imaging Center",
	"DeviceSerialNumber": "4mw7XDhCkzgc",
	"BodyPartExamined": "HEAD",
	"PatientPosition": "HFS",
	"SoftwareVersions": "syngo MR B17",
	"MRAcquisitionType": "2D",
	"SeriesDescription": "t2 weighted double echo",
	"ProtocolName": "t2 weighted double echo",
	"ScanningSequence": "SE",
	"SequenceVariant": "SK\\SP\\OSP",
	"ScanOptions": "FS",
	"SequenceName": "*tse2d2rs5",
	"ImageType": ["ORIGINAL", "PRIMARY", "M", "ND"],
	"SeriesNumber": 3,
	"AcquisitionTime": "08:33:41.825000",
	"AcquisitionNumber": 1,
	"SliceThickness": 5,
	"SpacingBetweenSlices": 6,
	"SAR": 0.0905808,
	"EchoNumber": 2,
	"EchoTime": 0.114,
	"RepetitionTime": 3.38,
	"SpoilingState": true,
	"FlipAngle": 150,
	"PartialFourier": 1,
	"BaseResolution": 256,
	"ShimSetting": [
		8011,
		-2530,
		15966,
		-240,
		143,
		-465,
		21,
		134	],
	"TxRefAmp": 311.357,
	"PhaseResolution": 0.75,
	"ReceiveCoilName": "HeadMatrix",
	"PulseSequenceDetails": "%SiemensSeq%\\tse",
	"CoilCombinationMethod": "Adaptive Combine",
	"MatrixCoilMode": "SENSE",
	"PercentPhaseFOV": 75,
	"PercentSampling": 75,
	"EchoTrainLength": 5,
	"PhaseEncodingSteps": 145,
	"AcquisitionMatrixPE": 144,
	"ReconMatrixPE": 192,
	"PixelBandwidth": 130,
	"DwellTime": 1.5e-05,
	"PhaseEncodingDirection": "i",
	"SliceTiming": [
		65.2031,
		0,
		65.4219,
		0.22656,
		65.6562,
		0.45312,
		65.875,
		0.67969,
		66.1016,
		0.90625,
		66.3281,
		1.13281,
		66.5547,
		1.35938,
		66.7812,
		1.58594,
		67.0078,
		1.80469,
		67.2344,
		2.03125,
		67.4609,
		2.25781,
		67.6875,
		2.48438,
		67.9141,
		2.71094,
		68.1406,
		2.9375,
		68.3672,
		3.16406	],
	"ImageOrientationPatientDICOM": [
		1,
		-2.05058e-10,
		4.2954e-12,
		2.05103e-10,
		0.999781,
		-0.0209424	],
	"InPlanePhaseEncodingDirectionDICOM": "ROW",
	"ConversionSoftware": "dcm2niix",
	"ConversionSoftwareVersion": "v1.0.20211006"
}
