{
	"Modality": "MR",
	"MagneticFieldStrength": 1.5,
	"ImagingFrequency": 63.6467,
	"Manufacturer": "Siemens",
	"ManufacturersModelName": "Espree",
	"InstitutionName": "Whitney Imaging Center",
	"DeviceSerialNumber": "4mw7XDhCkzgc",
	"BodyPartExamined": "HEAD",
	"PatientPosition": "HFS",
	"SoftwareVersions": "syngo MR B17",
	"MRAcquisitionType": "2D",
	"SeriesDescription": "t2 weighted double echo",
	"ProtocolName": "t2 weighted double echo",
	"ScanningSequence": "SE",
	"SequenceVariant": "SK\\SP\\OSP",
	"ScanOptions": "FS",
	"SequenceName": "*tse2d2rs5",
	"ImageType": ["ORIGINAL", "PRIMARY", "M", "ND"],
	"SeriesNumber": 3,
	"AcquisitionTime": "07:51:42.297500",
	"AcquisitionNumber": 1,
	"SliceThickness": 5,
	"SpacingBetweenSlices": 6,
	"SAR": 0.0434655,
	"EchoNumber": 2,
	"EchoTime": 0.114,
	"RepetitionTime": 6.08,
	"SpoilingState": true,
	"FlipAngle": 150,
	"PartialFourier": 1,
	"BaseResolution": 256,
	"ShimSetting": [
		8020,
		-2668,
		16107,
		343,
		13,
		-112,
		215,
		127	],
	"TxRefAmp": 308.417,
	"PhaseResolution": 0.75,
	"ReceiveCoilName": "HeadMatrix",
	"PulseSequenceDetails": "%SiemensSeq%\\tse",
	"CoilCombinationMethod": "Adaptive Combine",
	"MatrixCoilMode": "SENSE",
	"PercentPhaseFOV": 75,
	"PercentSampling": 75,
	"EchoTrainLength": 5,
	"PhaseEncodingSteps": 145,
	"AcquisitionMatrixPE": 144,
	"ReconMatrixPE": 192,
	"PixelBandwidth": 130,
	"DwellTime": 1.5e-05,
	"PhaseEncodingDirection": "i",
	"SliceTiming": [
		149.234,
		0,
		149.703,
		0.46875,
		150.172,
		0.9375,
		150.648,
		1.40625,
		151.109,
		1.875,
		151.586,
		2.34375,
		152.055,
		2.8125,
		152.523,
		3.28125,
		152.992,
		3.75781,
		153.461,
		4.22656,
		153.93,
		4.69531,
		154.398,
		5.16406,
		154.867,
		5.63281	],
	"ImageOrientationPatientDICOM": [
		0.999986,
		-0.000137017,
		-0.00523238,
		2.04103e-10,
		0.999657,
		-0.0261773	],
	"InPlanePhaseEncodingDirectionDICOM": "ROW",
	"ConversionSoftware": "dcm2niix",
	"ConversionSoftwareVersion": "v1.0.20211006"
}
