{
	"Modality": "MR",
	"MagneticFieldStrength": 1.5,
	"ImagingFrequency": 63.6467,
	"Manufacturer": "Siemens",
	"ManufacturersModelName": "Espree",
	"InstitutionName": "Whitney Imaging Center",
	"DeviceSerialNumber": "4mw7XDhCkzgc",
	"BodyPartExamined": "HEAD",
	"PatientPosition": "HFS",
	"SoftwareVersions": "syngo MR B17",
	"MRAcquisitionType": "2D",
	"SeriesDescription": "t2 weighted double echo",
	"ProtocolName": "t2 weighted double echo",
	"ScanningSequence": "SE",
	"SequenceVariant": "SK\\SP\\OSP",
	"ScanOptions": "FS",
	"SequenceName": "*tse2d2rs5",
	"ImageType": ["ORIGINAL", "PRIMARY", "M", "ND"],
	"SeriesNumber": 3,
	"AcquisitionTime": "09:46:51.160000",
	"AcquisitionNumber": 1,
	"SliceThickness": 5,
	"SpacingBetweenSlices": 6,
	"SAR": 0.0821933,
	"EchoNumber": 2,
	"EchoTime": 0.114,
	"RepetitionTime": 3.15,
	"SpoilingState": true,
	"FlipAngle": 150,
	"PartialFourier": 1,
	"BaseResolution": 256,
	"ShimSetting": [
		7995,
		-2664,
		16011,
		322,
		104,
		-133,
		31,
		94	],
	"TxRefAmp": 302.491,
	"PhaseResolution": 0.75,
	"ReceiveCoilName": "HeadMatrix",
	"PulseSequenceDetails": "%SiemensSeq%\\tse",
	"CoilCombinationMethod": "Adaptive Combine",
	"MatrixCoilMode": "SENSE",
	"PercentPhaseFOV": 75,
	"PercentSampling": 75,
	"EchoTrainLength": 5,
	"PhaseEncodingSteps": 145,
	"AcquisitionMatrixPE": 144,
	"ReconMatrixPE": 192,
	"PixelBandwidth": 130,
	"DwellTime": 1.5e-05,
	"PhaseEncodingDirection": "i",
	"SliceTiming": [
		0,
		98.0469,
		0.22656,
		98.2891,
		0.45312,
		98.5312,
		0.67969,
		98.7734,
		0.90625,
		99.0156,
		1.13281,
		99.2578,
		1.35938,
		99.5,
		1.58594,
		99.75,
		1.8125,
		99.9922,
		2.03906,
		60.2344,
		2.25781,
		60.4766,
		2.49219,
		60.7188,
		2.71094,
		60.9609,
		2.9375	],
	"ImageOrientationPatientDICOM": [
		1,
		-2.05092e-10,
		2.1478e-12,
		2.05103e-10,
		0.999945,
		-0.0104718	],
	"InPlanePhaseEncodingDirectionDICOM": "ROW",
	"ConversionSoftware": "dcm2niix",
	"ConversionSoftwareVersion": "v1.0.20211006"
}
