{
	"Modality": "MR",
	"MagneticFieldStrength": 3,
	"ImagingFrequency": 123.252,
	"Manufacturer": "Siemens",
	"ManufacturersModelName": "TrioTim",
	"InstitutionName": "El Camino Hospital MV",
	"DeviceSerialNumber": "4QUtXxpHmND_",
	"BodyPartExamined": "HEAD",
	"PatientPosition": "HFS",
	"SoftwareVersions": "syngo MR B17",
	"MRAcquisitionType": "2D",
	"SeriesDescription": "Axial PD-T2 TSE",
	"ProtocolName": "Axial PD-T2 TSE",
	"ScanningSequence": "SE",
	"SequenceVariant": "SK\\SP\\OSP",
	"SequenceName": "*tse2d2_7",
	"ImageType": ["ORIGINAL", "PRIMARY", "M", "ND", "NORM"],
	"SeriesNumber": 9,
	"AcquisitionTime": "14:58:55.470000",
	"AcquisitionNumber": 1,
	"SliceThickness": 3,
	"SpacingBetweenSlices": 3,
	"SAR": 0.537405,
	"EchoNumber": 2,
	"EchoTime": 0.101,
	"RepetitionTime": 3,
	"SpoilingState": true,
	"FlipAngle": 150,
	"PartialFourier": 1,
	"BaseResolution": 256,
	"ShimSetting": [
		-3647,
		-11354,
		-16680,
		504,
		148,
		-163,
		396,
		-131	],
	"TxRefAmp": 261.769,
	"PhaseResolution": 1,
	"ReceiveCoilName": "HeadMatrix",
	"PulseSequenceDetails": "%SiemensSeq%\\tse",
	"CoilCombinationMethod": "Adaptive Combine",
	"MatrixCoilMode": "SENSE",
	"PercentPhaseFOV": 79.6875,
	"PercentSampling": 100,
	"EchoTrainLength": 7,
	"PhaseEncodingSteps": 210,
	"AcquisitionMatrixPE": 204,
	"ReconMatrixPE": 204,
	"PixelBandwidth": 186,
	"DwellTime": 1.05e-05,
	"PhaseEncodingDirection": "i",
	"SliceTiming": [
		0,
		93.375,
		146.75,
		0.1875,
		93.5625,
		146.938,
		0.375,
		93.75,
		147.125,
		0.5625,
		93.9375,
		147.312,
		0.75,
		94.125,
		147.5,
		0.9375,
		94.3125,
		147.688,
		1.125,
		94.5,
		147.875,
		1.3125,
		94.6875,
		148.062,
		1.51562,
		94.875,
		148.25,
		1.70312,
		95.0625,
		148.438,
		1.89062,
		95.2656,
		148.625,
		2.07812,
		95.4531,
		148.812,
		2.26562,
		95.6406,
		149.016,
		2.45312,
		95.8281,
		149.203,
		2.64062,
		96.0156,
		149.391,
		2.82812,
		96.2031,
		149.578	],
	"ImageOrientationPatientDICOM": [
		0.994448,
		0.0839762,
		-0.0634063,
		-0.0817585,
		0.995973,
		0.0367991	],
	"InPlanePhaseEncodingDirectionDICOM": "ROW",
	"ConversionSoftware": "dcm2niix",
	"ConversionSoftwareVersion": "v1.0.20211006"
}
