{
	"Modality": "MR",
	"MagneticFieldStrength": 1.5,
	"ImagingFrequency": 63.5525,
	"Manufacturer": "Siemens",
	"ManufacturersModelName": "Symphony",
	"DeviceSerialNumber": "4M_55ADQuJaA",
	"PatientPosition": "HFS",
	"SoftwareVersions": "syngo MR A30 4VA30A",
	"MRAcquisitionType": "2D",
	"SeriesDescription": "PD-T2 DUAL AXIAL TSE",
	"ProtocolName": "PD-T2 DUAL AXIAL TSE",
	"ScanningSequence": "SE",
	"SequenceVariant": "SK\\SP\\OSP",
	"ScanOptions": "FS",
	"SequenceName": "*tse2d2rs7",
	"ImageType": ["ORIGINAL", "PRIMARY", "M", "ND"],
	"SeriesNumber": 3,
	"AcquisitionTime": "13:37:46.949990",
	"AcquisitionNumber": 1,
	"SliceThickness": 3,
	"SpacingBetweenSlices": 3,
	"SAR": 0.438378,
	"EchoTime": 0.12,
	"RepetitionTime": 4.07,
	"SpoilingState": true,
	"FlipAngle": 180,
	"PartialFourier": 1,
	"BaseResolution": 256,
	"ShimSetting": [
		5,
		8,
		111,
		0,
		0,
		0,
		0,
		0	],
	"TxRefAmp": 193.429,
	"PhaseResolution": 0.75,
	"ReceiveCoilName": "DoubleLoopArrayLeft",
	"PulseSequenceDetails": "%SiemensSeq%\\tse",
	"MatrixCoilMode": "SENSE",
	"PercentPhaseFOV": 75,
	"PercentSampling": 75,
	"EchoTrainLength": 7,
	"PhaseEncodingSteps": 147,
	"AcquisitionMatrixPE": 144,
	"ReconMatrixPE": 192,
	"PixelBandwidth": 130,
	"PhaseEncodingDirection": "i",
	"SliceTiming": [
		0,
		93.6094,
		143.156,
		0.23438,
		93.8438,
		143.406,
		0.48438,
		94.0938,
		143.656,
		0.71875,
		94.3281,
		143.906,
		0.95312,
		94.5625,
		144.172,
		1.1875,
		94.8125,
		144.422,
		1.4375,
		95.0469,
		144.672,
		1.67188,
		95.2812,
		144.922,
		1.92188,
		95.5312,
		145.188,
		2.15625,
		95.7656,
		145.438,
		2.39062,
		96,
		145.688,
		2.625,
		96.2344,
		145.953,
		2.875,
		96.4844,
		146.203,
		3.10938,
		96.7188,
		146.453,
		3.34375,
		96.9531,
		146.719,
		3.59375,
		97.2031,
		146.969,
		3.82812,
		97.4375	],
	"ImageOrientationPatientDICOM": [
		0.999606,
		0.00258233,
		0.0279353,
		1.83417e-10,
		0.995755,
		-0.0920475	],
	"InPlanePhaseEncodingDirectionDICOM": "ROW",
	"ConversionSoftware": "dcm2niix",
	"ConversionSoftwareVersion": "v1.0.20211006"
}
