{
	"Modality": "MR",
	"MagneticFieldStrength": 1.5,
	"ImagingFrequency": 63.5522,
	"Manufacturer": "Siemens",
	"ManufacturersModelName": "Symphony",
	"DeviceSerialNumber": "4M_55ADQuJaA",
	"PatientPosition": "HFS",
	"SoftwareVersions": "syngo MR A30 4VA30A",
	"MRAcquisitionType": "2D",
	"SeriesDescription": "PD-T2 DUAL AXIAL TSE",
	"ProtocolName": "PD-T2 DUAL AXIAL TSE",
	"ScanningSequence": "SE",
	"SequenceVariant": "SK\\SP\\OSP",
	"ScanOptions": "FS",
	"SequenceName": "*tse2d2rs7",
	"ImageType": ["ORIGINAL", "PRIMARY", "M", "ND"],
	"SeriesNumber": 3,
	"AcquisitionTime": "16:02:43.115010",
	"AcquisitionNumber": 1,
	"SliceThickness": 3,
	"SpacingBetweenSlices": 3,
	"SAR": 0.398227,
	"EchoTime": 0.12,
	"RepetitionTime": 4.07,
	"SpoilingState": true,
	"FlipAngle": 180,
	"PartialFourier": 1,
	"BaseResolution": 256,
	"ShimSetting": [
		-2,
		-14,
		117,
		0,
		0,
		0,
		0,
		0	],
	"TxRefAmp": 178.135,
	"PhaseResolution": 0.75,
	"ReceiveCoilName": "DoubleLoopArrayLeft",
	"PulseSequenceDetails": "%SiemensSeq%\\tse",
	"MatrixCoilMode": "SENSE",
	"PercentPhaseFOV": 75,
	"PercentSampling": 75,
	"EchoTrainLength": 7,
	"PhaseEncodingSteps": 147,
	"AcquisitionMatrixPE": 144,
	"ReconMatrixPE": 192,
	"PixelBandwidth": 130,
	"PhaseEncodingDirection": "i",
	"SliceTiming": [
		0,
		93.625,
		143.156,
		0.25,
		93.8594,
		143.406,
		0.48438,
		94.0938,
		143.672,
		0.71875,
		94.3281,
		143.922,
		0.96875,
		94.5781,
		144.172,
		1.20312,
		94.8125,
		144.438,
		1.4375,
		95.0469,
		144.688,
		1.6875,
		95.2969,
		144.938,
		1.92188,
		95.5312,
		145.188,
		2.15625,
		95.7656,
		145.453,
		2.40625,
		96.0156,
		145.703,
		2.64062,
		96.25,
		145.953,
		2.875,
		96.4844,
		146.203,
		3.125,
		96.7344,
		146.469,
		3.35938,
		96.9688,
		146.719,
		3.59375,
		97.2031,
		146.969,
		3.84375,
		97.4531	],
	"ImageOrientationPatientDICOM": [
		0.999995,
		-9.12926e-05,
		-0.0031138,
		2.05713e-10,
		0.99957,
		-0.0293061	],
	"InPlanePhaseEncodingDirectionDICOM": "ROW",
	"ConversionSoftware": "dcm2niix",
	"ConversionSoftwareVersion": "v1.0.20211006"
}
