{
	"Modality": "MR",
	"MagneticFieldStrength": 3,
	"ImagingFrequency": 123.252,
	"Manufacturer": "Siemens",
	"ManufacturersModelName": "TrioTim",
	"InstitutionName": "El Camino Hospital MV",
	"DeviceSerialNumber": "4QUtXxpHmND_",
	"BodyPartExamined": "HEAD",
	"PatientPosition": "HFS",
	"SoftwareVersions": "syngo MR B17",
	"MRAcquisitionType": "2D",
	"SeriesDescription": "Axial PD-T2 TSE",
	"ProtocolName": "Axial PD-T2 TSE",
	"ScanningSequence": "SE",
	"SequenceVariant": "SK\\SP\\OSP",
	"SequenceName": "*tse2d2_7",
	"ImageType": ["ORIGINAL", "PRIMARY", "M", "ND", "NORM"],
	"SeriesNumber": 9,
	"AcquisitionTime": "11:25:47.280000",
	"AcquisitionNumber": 1,
	"SliceThickness": 3,
	"SpacingBetweenSlices": 3,
	"SAR": 0.417143,
	"EchoNumber": 2,
	"EchoTime": 0.101,
	"RepetitionTime": 3,
	"SpoilingState": true,
	"FlipAngle": 150,
	"PartialFourier": 1,
	"BaseResolution": 256,
	"ShimSetting": [
		-3643,
		-11223,
		-16708,
		229,
		177,
		-225,
		2,
		-157	],
	"TxRefAmp": 278.065,
	"PhaseResolution": 1,
	"ReceiveCoilName": "HeadMatrix",
	"PulseSequenceDetails": "%SiemensSeq%\\tse",
	"CoilCombinationMethod": "Adaptive Combine",
	"MatrixCoilMode": "SENSE",
	"PercentPhaseFOV": 79.6875,
	"PercentSampling": 100,
	"EchoTrainLength": 7,
	"PhaseEncodingSteps": 210,
	"AcquisitionMatrixPE": 204,
	"ReconMatrixPE": 204,
	"PixelBandwidth": 186,
	"DwellTime": 1.05e-05,
	"PhaseEncodingDirection": "i",
	"SliceTiming": [
		0,
		93.375,
		146.742,
		0.1875,
		93.5625,
		146.938,
		0.375,
		93.75,
		147.125,
		0.5625,
		93.9375,
		147.312,
		0.75,
		94.125,
		147.5,
		0.9375,
		94.3125,
		147.688,
		1.125,
		94.5,
		147.875,
		1.3125,
		94.6875,
		148.062,
		1.5,
		94.875,
		148.25,
		1.6875,
		95.0625,
		148.438,
		1.88281,
		95.25,
		148.625,
		2.07031,
		95.4375,
		148.812,
		2.25781,
		95.6328,
		149,
		2.44531,
		95.8203,
		149.188,
		2.63281,
		96.0078,
		149.383,
		2.82031,
		96.1953,
		149.57	],
	"ImageOrientationPatientDICOM": [
		0.999925,
		-0.0119675,
		0.00245657,
		0.012217,
		0.979502,
		-0.201063	],
	"InPlanePhaseEncodingDirectionDICOM": "ROW",
	"ConversionSoftware": "dcm2niix",
	"ConversionSoftwareVersion": "v1.0.20211006"
}
