{
	"Modality": "MR",
	"MagneticFieldStrength": 3,
	"ImagingFrequency": 123.24,
	"Manufacturer": "Siemens",
	"ManufacturersModelName": "TrioTim",
	"InstitutionName": "CCHS Cleveland Clinic",
	"DeviceSerialNumber": "4unZHpIRO.jw",
	"PatientPosition": "HFS",
	"SoftwareVersions": "syngo MR B17",
	"MRAcquisitionType": "2D",
	"SeriesDescription": "Axial PD-T2 TSE FS",
	"ProtocolName": "Axial PD-T2 TSE FS",
	"ScanningSequence": "SE",
	"SequenceVariant": "SK\\SP\\OSP",
	"ScanOptions": "FS",
	"SequenceName": "*tse2d2_7",
	"ImageType": ["ORIGINAL", "PRIMARY", "M", "ND", "NORM"],
	"SeriesNumber": 11,
	"AcquisitionTime": "10:25:18.622500",
	"AcquisitionNumber": 1,
	"SliceThickness": 3,
	"SpacingBetweenSlices": 3,
	"SAR": 0.749407,
	"EchoNumber": 2,
	"EchoTime": 0.101,
	"RepetitionTime": 3.79,
	"SpoilingState": true,
	"FlipAngle": 150,
	"PartialFourier": 1,
	"BaseResolution": 256,
	"ShimSetting": [
		-2150,
		-2936,
		8928,
		-314,
		449,
		127,
		472,
		903	],
	"TxRefAmp": 424.544,
	"PhaseResolution": 1,
	"ReceiveCoilName": "HeadMatrix",
	"PulseSequenceDetails": "%SiemensSeq%\\tse",
	"CoilCombinationMethod": "Adaptive Combine",
	"MatrixCoilMode": "SENSE",
	"PercentPhaseFOV": 89.0625,
	"PercentSampling": 100,
	"EchoTrainLength": 7,
	"PhaseEncodingSteps": 231,
	"AcquisitionMatrixPE": 228,
	"ReconMatrixPE": 228,
	"PixelBandwidth": 186,
	"DwellTime": 1.05e-05,
	"PhaseEncodingDirection": "i",
	"SliceTiming": [
		0,
		89.375,
		178.75,
		0.21094,
		89.5859,
		178.969,
		0.42188,
		89.7969,
		179.172,
		0.63281,
		90.0078,
		179.391,
		0.84375,
		90.2188,
		179.594,
		1.05469,
		90.4297,
		179.812,
		1.26562,
		90.6406,
		180.023,
		1.47656,
		90.8516,
		180.234,
		1.6875,
		91.0703,
		180.445,
		1.89844,
		91.2812,
		180.656,
		2.10938,
		91.4922,
		180.867,
		2.32031,
		91.7031,
		181.078,
		2.53125,
		91.9141,
		181.289,
		2.74219,
		92.125,
		181.5,
		2.96094,
		92.3359,
		181.711,
		3.16406,
		92.5469,
		181.922,
		3.38281,
		92.7578,
		182.133,
		3.59375,
		92.9688,
		182.344	],
	"ImageOrientationPatientDICOM": [
		1,
		-2.05103e-10,
		0,
		2.05103e-10,
		1,
		0	],
	"InPlanePhaseEncodingDirectionDICOM": "ROW",
	"ConversionSoftware": "dcm2niix",
	"ConversionSoftwareVersion": "v1.0.20211006"
}
