{
	"Modality": "MR",
	"MagneticFieldStrength": 1.5,
	"ImagingFrequency": 63.629,
	"Manufacturer": "Siemens",
	"ManufacturersModelName": "Espree",
	"InstitutionName": "GENERIC INSTITUTION",
	"DeviceSerialNumber": "4CCOpXrgZMno",
	"BodyPartExamined": "HEAD",
	"PatientPosition": "HFS",
	"SoftwareVersions": "syngo MR B15",
	"MRAcquisitionType": "2D",
	"SeriesDescription": "AXIAL FLAIR",
	"ProtocolName": "AXIAL FLAIR",
	"ScanningSequence": "SE\\IR",
	"SequenceVariant": "SK\\SP\\MP\\OSP",
	"ScanOptions": "IR\\SAT1",
	"SequenceName": "*tir2d1_23",
	"ImageType": ["ORIGINAL", "PRIMARY", "M", "NORM", "DIS2D"],
	"SeriesNumber": 6,
	"AcquisitionTime": "12:46:16.030000",
	"AcquisitionNumber": 1,
	"SliceThickness": 4,
	"SpacingBetweenSlices": 4,
	"SAR": 0.119405,
	"EchoTime": 0.12,
	"RepetitionTime": 10,
	"SpoilingState": true,
	"InversionTime": 2.5,
	"FlipAngle": 180,
	"PartialFourier": 1,
	"BaseResolution": 256,
	"ShimSetting": [
		-3194,
		-8192,
		13620,
		-705,
		-116,
		260,
		-113,
		168	],
	"TxRefAmp": 317.403,
	"PhaseResolution": 1,
	"PhaseOversampling": 0.1,
	"ReceiveCoilName": "NeckMatrix",
	"PulseSequenceDetails": "%SiemensSeq%\\tse",
	"CoilCombinationMethod": "Adaptive Combine",
	"MatrixCoilMode": "SENSE",
	"PercentPhaseFOV": 100,
	"PercentSampling": 100,
	"EchoTrainLength": 23,
	"PhaseEncodingSteps": 299,
	"AcquisitionMatrixPE": 256,
	"ReconMatrixPE": 256,
	"PixelBandwidth": 170,
	"DwellTime": 1.15e-05,
	"PhaseEncodingDirection": "i",
	"SliceTiming": [
		0,
		100.562,
		0.35156,
		100.914,
		0.70312,
		101.266,
		1.05469,
		101.617,
		1.41406,
		101.969,
		1.76562,
		102.328,
		2.11719,
		102.68,
		2.46875,
		103.031,
		2.82031,
		103.383,
		3.17969,
		103.742,
		3.53125,
		104.094,
		3.88281,
		104.445,
		4.23438,
		104.797,
		4.58594,
		105.148,
		4.9375,
		105.5,
		5.29688,
		105.859,
		5.64844,
		106.211,
		6	],
	"ImageOrientationPatientDICOM": [
		0.991335,
		-0.0932999,
		-0.0924623,
		0.0832448,
		0.990745,
		-0.107211	],
	"InPlanePhaseEncodingDirectionDICOM": "ROW",
	"ConversionSoftware": "dcm2niix",
	"ConversionSoftwareVersion": "v1.0.20211006"
}
