{
	"Modality": "MR",
	"MagneticFieldStrength": 1.5,
	"ImagingFrequency": 63.629,
	"Manufacturer": "Siemens",
	"ManufacturersModelName": "Espree",
	"InstitutionName": "GENERIC INSTITUTION",
	"DeviceSerialNumber": "4CCOpXrgZMno",
	"BodyPartExamined": "HEAD",
	"PatientPosition": "HFS",
	"SoftwareVersions": "syngo MR B15",
	"MRAcquisitionType": "2D",
	"SeriesDescription": "AXIAL PD+T2 TSE",
	"ProtocolName": "AXIAL PD+T2 TSE",
	"ScanningSequence": "SE",
	"SequenceVariant": "SK\\SP\\OSP",
	"SequenceName": "*tse2d2_7",
	"ImageType": ["ORIGINAL", "PRIMARY", "M", "NORM", "DIS2D"],
	"SeriesNumber": 3,
	"AcquisitionTime": "12:25:46.205000",
	"AcquisitionNumber": 1,
	"SliceThickness": 4,
	"SpacingBetweenSlices": 4,
	"SAR": 0.239733,
	"NumberOfAverages": 2,
	"EchoNumber": 2,
	"EchoTime": 0.118,
	"RepetitionTime": 4,
	"SpoilingState": true,
	"FlipAngle": 180,
	"PartialFourier": 1,
	"BaseResolution": 512,
	"ShimSetting": [
		-3194,
		-8192,
		13620,
		-705,
		-116,
		260,
		-113,
		168	],
	"TxRefAmp": 317.403,
	"PhaseResolution": 0.5,
	"PhaseOversampling": 0.1,
	"ReceiveCoilName": "NeckMatrix",
	"PulseSequenceDetails": "%SiemensSeq%\\tse",
	"CoilCombinationMethod": "Adaptive Combine",
	"MatrixCoilMode": "SENSE",
	"PercentPhaseFOV": 100,
	"PercentSampling": 50,
	"EchoTrainLength": 7,
	"PhaseEncodingSteps": 287,
	"AcquisitionMatrixPE": 256,
	"ReconMatrixPE": 512,
	"PixelBandwidth": 130,
	"DwellTime": 7.5e-06,
	"PhaseEncodingDirection": "i",
	"SliceTiming": [
		0,
		213.336,
		0.22656,
		213.57,
		0.45312,
		213.812,
		0.67188,
		214.047,
		0.89062,
		214.281,
		1.11719,
		214.516,
		1.34375,
		214.758,
		1.5625,
		214.992,
		1.78906,
		215.227,
		2.01562,
		215.461,
		2.23438,
		215.703,
		2.45312,
		215.938,
		2.67969,
		216.172,
		2.90625,
		216.406,
		3.125,
		216.641,
		3.35156,
		216.883,
		3.57031,
		217.117,
		3.79688	],
	"ImageOrientationPatientDICOM": [
		0.991335,
		-0.0932999,
		-0.0924623,
		0.0832448,
		0.990745,
		-0.107211	],
	"InPlanePhaseEncodingDirectionDICOM": "ROW",
	"ConversionSoftware": "dcm2niix",
	"ConversionSoftwareVersion": "v1.0.20211006"
}
