{
	"Modality": "MR",
	"MagneticFieldStrength": 3,
	"ImagingFrequency": 123.245,
	"Manufacturer": "Siemens",
	"ManufacturersModelName": "TrioTim",
	"InstitutionName": "JHU MR01 Trio",
	"DeviceSerialNumber": "4xi1crLtyp9U",
	"PatientPosition": "HFS",
	"SoftwareVersions": "syngo MR B17",
	"MRAcquisitionType": "2D",
	"SeriesDescription": "Axial PD-T2 TSE_AC/PC line",
	"ProtocolName": "Axial PD-T2 TSE_AC/PC line",
	"ScanningSequence": "SE",
	"SequenceVariant": "SK\\SP\\OSP",
	"SequenceName": "*tse2d2_7",
	"ImageType": ["ORIGINAL", "PRIMARY", "M", "ND", "NORM"],
	"SeriesNumber": 10,
	"AcquisitionTime": "13:33:20.820000",
	"AcquisitionNumber": 1,
	"SliceThickness": 3,
	"SpacingBetweenSlices": 3,
	"SAR": 0.608943,
	"EchoNumber": 2,
	"EchoTime": 0.101,
	"RepetitionTime": 3,
	"SpoilingState": true,
	"FlipAngle": 150,
	"PartialFourier": 1,
	"BaseResolution": 256,
	"ShimSetting": [
		15667,
		-13375,
		-982,
		371,
		149,
		-300,
		-228,
		47	],
	"TxRefAmp": 416.91,
	"PhaseResolution": 1,
	"ReceiveCoilName": "HeadMatrix",
	"PulseSequenceDetails": "%SiemensSeq%\\tse",
	"CoilCombinationMethod": "Adaptive Combine",
	"MatrixCoilMode": "SENSE",
	"PercentPhaseFOV": 89.0625,
	"PercentSampling": 100,
	"EchoTrainLength": 7,
	"PhaseEncodingSteps": 231,
	"AcquisitionMatrixPE": 228,
	"ReconMatrixPE": 228,
	"PixelBandwidth": 186,
	"DwellTime": 1.05e-05,
	"PhaseEncodingDirection": "i",
	"SliceTiming": [
		0,
		62.4219,
		124.828,
		0.17188,
		62.5938,
		125,
		0.34375,
		62.7656,
		125.188,
		0.51562,
		62.9531,
		125.359,
		0.67188,
		63.125,
		125.531,
		0.84375,
		63.2969,
		125.719,
		1.01562,
		63.4844,
		125.891,
		1.1875,
		63.6562,
		126.062,
		1.34375,
		63.8281,
		126.25,
		1.51562,
		64.0156,
		126.422,
		1.6875,
		64.1875,
		126.594,
		1.84375,
		64.375,
		126.781,
		2.01562,
		64.5469,
		126.953,
		2.1875,
		64.7188,
		127.125,
		2.34375,
		64.8906,
		127.312,
		2.51562,
		65.0781,
		127.484,
		2.6875,
		65.25,
		127.656,
		2.85938	],
	"ImageOrientationPatientDICOM": [
		0.99881,
		-0.00281067,
		-0.0486877,
		2.87685e-10,
		0.998338,
		-0.0576326	],
	"InPlanePhaseEncodingDirectionDICOM": "ROW",
	"ConversionSoftware": "dcm2niix",
	"ConversionSoftwareVersion": "v1.0.20211006"
}
