{
	"Modality": "MR",
	"MagneticFieldStrength": 3,
	"ImagingFrequency": 123.203,
	"Manufacturer": "Siemens",
	"ManufacturersModelName": "PMOD",
	"DeviceSerialNumber": "0",
	"BodyPartExamined": "HEAD",
	"PatientPosition": "HFS",
	"SoftwareVersions": "3.405",
	"MRAcquisitionType": "2D",
	"SeriesDescription": "FLAIR",
	"ProtocolName": "FLAIR",
	"ScanningSequence": "SE\\IR",
	"SequenceVariant": "SK\\SP\\MP\\OSP",
	"ScanOptions": "IR\\SAT1\\FS",
	"SequenceName": "*tir2d1rs15",
	"ImageType": ["ORIGINAL", "PRIMARY", "M", "ND", "NORM"],
	"SeriesNumber": 5,
	"AcquisitionTime": "16:09:20.012500",
	"AcquisitionNumber": 1,
	"SliceThickness": 3,
	"SpacingBetweenSlices": 3,
	"SAR": 0.63471,
	"EchoTime": 0.162,
	"RepetitionTime": 9.49,
	"SpoilingState": true,
	"InversionTime": 2.5,
	"FlipAngle": 150,
	"PartialFourier": 1,
	"BaseResolution": 256,
	"ShimSetting": [
		4266,
		8927,
		16806,
		-29,
		226,
		-784,
		508,
		-70	],
	"TxRefAmp": 366.362,
	"PhaseResolution": 0.8,
	"PhaseOversampling": 0.2,
	"ReceiveCoilName": "HeadMatrix",
	"PulseSequenceDetails": "%SiemensSeq%\\tse",
	"CoilCombinationMethod": "Adaptive Combine",
	"MatrixCoilMode": "SENSE",
	"PercentPhaseFOV": 75,
	"PercentSampling": 80,
	"EchoTrainLength": 15,
	"PhaseEncodingSteps": 195,
	"AcquisitionMatrixPE": 154,
	"ReconMatrixPE": 192,
	"PixelBandwidth": 199,
	"DwellTime": 9.8e-06,
	"PhaseEncodingDirection": "i",
	"SliceTiming": [
		0,
		93.3906,
		0.23438,
		93.6406,
		0.48438,
		93.875,
		0.73438,
		94.125,
		0.98438,
		94.375,
		1.21875,
		94.6094,
		1.46875,
		94.8594,
		1.71875,
		95.1094,
		1.95312,
		95.3594,
		2.20312,
		95.5938,
		2.45312,
		95.8438,
		2.6875,
		96.0781,
		2.9375,
		96.3281,
		3.1875,
		96.5781,
		3.42188,
		96.8125,
		3.67188,
		97.0625,
		3.92188,
		97.3125,
		4.15625,
		97.5469,
		4.40625,
		97.7969,
		4.65625,
		98.0469,
		4.89062,
		98.2969,
		5.14062,
		98.5312,
		5.39062,
		98.7812	],
	"ImageOrientationPatientDICOM": [
		0.997605,
		-0.0279216,
		0.0632774,
		0.033094,
		0.996064,
		-0.0822259	],
	"InPlanePhaseEncodingDirectionDICOM": "ROW",
	"ConversionSoftware": "dcm2niix",
	"ConversionSoftwareVersion": "v1.0.20211006"
}
