{
	"Modality": "MR",
	"MagneticFieldStrength": 3,
	"ImagingFrequency": 123.203,
	"Manufacturer": "Siemens",
	"ManufacturersModelName": "PMOD",
	"DeviceSerialNumber": "0",
	"BodyPartExamined": "HEAD",
	"PatientPosition": "HFS",
	"SoftwareVersions": "3.405",
	"MRAcquisitionType": "2D",
	"SeriesDescription": "FLAIR",
	"ProtocolName": "FLAIR",
	"ScanningSequence": "SE\\IR",
	"SequenceVariant": "SK\\SP\\MP\\OSP",
	"ScanOptions": "IR\\SAT1\\FS",
	"SequenceName": "*tir2d1rs15",
	"ImageType": ["ORIGINAL", "PRIMARY", "M", "ND", "NORM"],
	"SeriesNumber": 7,
	"AcquisitionTime": "16:55:55.867500",
	"AcquisitionNumber": 1,
	"SliceThickness": 3,
	"SpacingBetweenSlices": 3,
	"SAR": 0.556321,
	"EchoTime": 0.162,
	"RepetitionTime": 9.49,
	"SpoilingState": true,
	"InversionTime": 2.5,
	"FlipAngle": 150,
	"PartialFourier": 1,
	"BaseResolution": 256,
	"ShimSetting": [
		4244,
		8982,
		16790,
		42,
		410,
		-659,
		263,
		-71	],
	"TxRefAmp": 358.869,
	"PhaseResolution": 0.8,
	"PhaseOversampling": 0.2,
	"ReceiveCoilName": "HeadMatrix",
	"PulseSequenceDetails": "%SiemensSeq%\\tse",
	"CoilCombinationMethod": "Adaptive Combine",
	"MatrixCoilMode": "SENSE",
	"PercentPhaseFOV": 75,
	"PercentSampling": 80,
	"EchoTrainLength": 15,
	"PhaseEncodingSteps": 195,
	"AcquisitionMatrixPE": 154,
	"ReconMatrixPE": 192,
	"PixelBandwidth": 199,
	"DwellTime": 9.8e-06,
	"PhaseEncodingDirection": "i",
	"SliceTiming": [
		0,
		93.3906,
		0.23438,
		93.625,
		0.48438,
		93.875,
		0.73438,
		94.125,
		0.96875,
		94.375,
		1.21875,
		94.6094,
		1.46875,
		94.8594,
		1.70312,
		95.0938,
		1.95312,
		95.3438,
		2.20312,
		95.5938,
		2.4375,
		95.8281,
		2.6875,
		96.0781,
		2.9375,
		96.3281,
		3.17188,
		96.5625,
		3.42188,
		96.8125,
		3.67188,
		97.0625,
		3.90625,
		97.3125,
		4.15625,
		97.5469,
		4.40625,
		97.7969,
		4.64062,
		98.0469,
		4.89062,
		98.2812,
		5.14062,
		98.5312,
		5.375,
		98.7812	],
	"ImageOrientationPatientDICOM": [
		0.997455,
		-0.0619551,
		0.035279,
		0.0662509,
		0.988272,
		-0.137583	],
	"InPlanePhaseEncodingDirectionDICOM": "ROW",
	"ConversionSoftware": "dcm2niix",
	"ConversionSoftwareVersion": "v1.0.20211006"
}
