{
	"Modality": "MR",
	"MagneticFieldStrength": 3,
	"ImagingFrequency": 123.212,
	"Manufacturer": "Siemens",
	"ManufacturersModelName": "Verio",
	"InstitutionName": "DIAGNOSTIC CENTERS OF AMERICA",
	"DeviceSerialNumber": "4pq4cHC4b63_",
	"PatientPosition": "HFS",
	"SoftwareVersions": "syngo MR B17",
	"MRAcquisitionType": "2D",
	"SeriesDescription": "Axial PD-T2 TSE FS",
	"ProtocolName": "Axial PD-T2 TSE FS",
	"ScanningSequence": "SE",
	"SequenceVariant": "SK\\SP\\OSP",
	"ScanOptions": "FS",
	"SequenceName": "*tse2d2_7",
	"ImageType": ["ORIGINAL", "PRIMARY", "M", "ND", "NORM"],
	"SeriesNumber": 15,
	"AcquisitionTime": "14:07:22.152500",
	"AcquisitionNumber": 1,
	"SliceThickness": 3,
	"SpacingBetweenSlices": 3,
	"SAR": 0.264494,
	"EchoNumber": 2,
	"EchoTime": 0.101,
	"RepetitionTime": 3.27,
	"SpoilingState": true,
	"FlipAngle": 150,
	"PartialFourier": 1,
	"BaseResolution": 256,
	"ShimSetting": [
		-324,
		2237,
		-9450,
		194,
		-82,
		-719,
		545,
		501	],
	"TxRefAmp": 353.403,
	"PhaseResolution": 1,
	"ReceiveCoilName": "HeadMatrix",
	"PulseSequenceDetails": "%SiemensSeq%\\tse",
	"CoilCombinationMethod": "Adaptive Combine",
	"MatrixCoilMode": "SENSE",
	"PercentPhaseFOV": 89.0625,
	"PercentSampling": 100,
	"EchoTrainLength": 7,
	"PhaseEncodingSteps": 231,
	"AcquisitionMatrixPE": 228,
	"ReconMatrixPE": 228,
	"PixelBandwidth": 186,
	"DwellTime": 1.05e-05,
	"PhaseEncodingDirection": "i",
	"SliceTiming": [
		0,
		71.625,
		143.25,
		0.17188,
		71.7969,
		143.438,
		0.35938,
		71.9844,
		143.609,
		0.54688,
		72.1719,
		143.797,
		0.71875,
		72.3438,
		143.984,
		0.90625,
		72.5312,
		144.156,
		1.09375,
		72.7188,
		144.344,
		1.26562,
		72.9062,
		144.531,
		1.45312,
		73.0781,
		144.703,
		1.64062,
		73.2656,
		144.891,
		1.8125,
		73.4531,
		145.078,
		2,
		73.625,
		145.25,
		2.1875,
		73.8125,
		145.438,
		2.35938,
		74,
		145.625,
		2.54688,
		74.1719,
		145.797,
		2.73438,
		74.3594,
		145.984,
		2.90625,
		74.5312,
		146.172,
		3.09375,
		74.7188,
		146.344	],
	"ImageOrientationPatientDICOM": [
		0.999999,
		-5.80675e-05,
		-0.00123174,
		2.04437e-10,
		0.998891,
		-0.0470903	],
	"InPlanePhaseEncodingDirectionDICOM": "ROW",
	"ConversionSoftware": "dcm2niix",
	"ConversionSoftwareVersion": "v1.0.20211006"
}
