{
	"Modality": "MR",
	"MagneticFieldStrength": 3,
	"ImagingFrequency": 123.245,
	"Manufacturer": "Siemens",
	"ManufacturersModelName": "TrioTim",
	"InstitutionName": "JHU MR01 Trio",
	"DeviceSerialNumber": "4xi1crLtyp9U",
	"PatientPosition": "HFS",
	"SoftwareVersions": "syngo MR B17",
	"MRAcquisitionType": "2D",
	"SeriesDescription": "Axial PD-T2 TSE FS",
	"ProtocolName": "Axial PD-T2 TSE FS",
	"ScanningSequence": "SE",
	"SequenceVariant": "SK\\SP\\OSP",
	"ScanOptions": "FS",
	"SequenceName": "*tse2d2_7",
	"ImageType": ["ORIGINAL", "PRIMARY", "M", "ND", "NORM"],
	"SeriesNumber": 10,
	"AcquisitionTime": "14:40:46.540000",
	"AcquisitionNumber": 1,
	"SliceThickness": 3,
	"SpacingBetweenSlices": 3,
	"SAR": 0.55097,
	"EchoNumber": 2,
	"EchoTime": 0.101,
	"RepetitionTime": 3.27,
	"SpoilingState": true,
	"FlipAngle": 150,
	"PartialFourier": 1,
	"BaseResolution": 256,
	"ShimSetting": [
		15700,
		-13372,
		-1156,
		376,
		-96,
		-408,
		228,
		19	],
	"TxRefAmp": 341.198,
	"PhaseResolution": 1,
	"ReceiveCoilName": "HeadMatrix",
	"PulseSequenceDetails": "%SiemensSeq%\\tse",
	"CoilCombinationMethod": "Adaptive Combine",
	"MatrixCoilMode": "SENSE",
	"PercentPhaseFOV": 89.0625,
	"PercentSampling": 100,
	"EchoTrainLength": 7,
	"PhaseEncodingSteps": 231,
	"AcquisitionMatrixPE": 228,
	"ReconMatrixPE": 228,
	"PixelBandwidth": 186,
	"DwellTime": 1.05e-05,
	"PhaseEncodingDirection": "i",
	"SliceTiming": [
		0,
		71.625,
		143.25,
		0.17188,
		71.7969,
		143.422,
		0.35938,
		71.9844,
		143.609,
		0.53125,
		72.1719,
		143.797,
		0.71875,
		72.3438,
		143.969,
		0.90625,
		72.5312,
		144.156,
		1.07812,
		72.7188,
		144.344,
		1.26562,
		72.8906,
		144.516,
		1.45312,
		73.0781,
		144.703,
		1.64062,
		73.2656,
		144.891,
		1.8125,
		73.4375,
		145.062,
		2,
		73.625,
		145.25,
		2.1875,
		73.8125,
		145.438,
		2.35938,
		73.9844,
		145.609,
		2.54688,
		74.1719,
		145.797,
		2.73438,
		74.3594,
		145.984,
		2.90625,
		74.5312,
		146.156,
		3.09375,
		74.7188,
		146.344	],
	"ImageOrientationPatientDICOM": [
		0.998121,
		0.0606616,
		-0.00862587,
		-0.0610477,
		0.996596,
		-0.0553982	],
	"InPlanePhaseEncodingDirectionDICOM": "ROW",
	"ConversionSoftware": "dcm2niix",
	"ConversionSoftwareVersion": "v1.0.20211006"
}
