{
	"Modality": "MR",
	"MagneticFieldStrength": 3,
	"ImagingFrequency": 123.263,
	"Manufacturer": "Siemens",
	"ManufacturersModelName": "Prisma_fit",
	"InstitutionName": "NU Tuna",
	"DeviceSerialNumber": "4fCvv6aOGFGQ",
	"BodyPartExamined": "BRAIN",
	"PatientPosition": "HFS",
	"SoftwareVersions": "syngo MR D13D",
	"MRAcquisitionType": "2D",
	"SeriesDescription": "AXIAL PD-T2 TSE FS",
	"ProtocolName": "AXIAL PD-T2 TSE FS",
	"ScanningSequence": "SE",
	"SequenceVariant": "SK\\SP\\OSP",
	"ScanOptions": "FS",
	"SequenceName": "*tse2d2_7",
	"ImageType": ["ORIGINAL", "PRIMARY", "M", "ND", "NORM"],
	"SeriesNumber": 14,
	"AcquisitionTime": "17:25:57.805000",
	"AcquisitionNumber": 1,
	"SliceThickness": 3,
	"SpacingBetweenSlices": 3,
	"SAR": 0.507209,
	"EchoNumber": 2,
	"EchoTime": 0.103,
	"RepetitionTime": 3.27,
	"SpoilingState": true,
	"FlipAngle": 150,
	"PartialFourier": 1,
	"BaseResolution": 256,
	"ShimSetting": [
		2781,
		5766,
		-7668,
		300,
		9,
		-306,
		135,
		-2	],
	"TxRefAmp": 307.925,
	"PhaseResolution": 1,
	"ReceiveCoilName": "HeadNeck_20",
	"ReceiveCoilActiveElements": "HE1-4",
	"PulseSequenceDetails": "%SiemensSeq%\\tse",
	"CoilCombinationMethod": "Adaptive Combine",
	"ConsistencyInfo": "N4_VD13D_LATEST_20130810",
	"MatrixCoilMode": "SENSE",
	"PercentPhaseFOV": 90.625,
	"PercentSampling": 100,
	"EchoTrainLength": 14,
	"PhaseEncodingSteps": 238,
	"AcquisitionMatrixPE": 232,
	"ReconMatrixPE": 232,
	"PixelBandwidth": 185,
	"DwellTime": 1.05e-05,
	"PhaseEncodingDirection": "i",
	"SliceTiming": [
		0,
		74.4375,
		148.891,
		0.17188,
		74.625,
		149.078,
		0.35938,
		74.8125,
		149.25,
		0.53125,
		74.9844,
		149.438,
		0.71875,
		75.1719,
		149.625,
		0.90625,
		75.3438,
		149.797,
		1.07812,
		75.5312,
		149.984,
		1.26562,
		75.7188,
		150.172,
		1.4375,
		75.8906,
		150.344,
		1.625,
		76.0781,
		150.531,
		1.8125,
		76.2656,
		150.703,
		1.98438,
		76.4375,
		150.891,
		2.17188,
		76.625,
		151.078,
		2.35938,
		76.8125,
		151.25,
		2.53125,
		76.9844,
		151.438,
		2.71875,
		77.1719,
		151.625,
		2.90625,
		77.3438,
		151.797,
		3.07812,
		77.5312,
		151.984	],
	"ImageOrientationPatientDICOM": [
		0.990486,
		0.131444,
		-0.0407475,
		-0.134094,
		0.988414,
		-0.0711149	],
	"InPlanePhaseEncodingDirectionDICOM": "ROW",
	"ConversionSoftware": "dcm2niix",
	"ConversionSoftwareVersion": "v1.0.20211006"
}
