{
	"Modality": "MR",
	"MagneticFieldStrength": 3,
	"ImagingFrequency": 123.264,
	"Manufacturer": "Siemens",
	"ManufacturersModelName": "Prisma",
	"InstitutionName": "Tel-Aviv Medical Center",
	"DeviceSerialNumber": "43NyV_ZZjSAI",
	"BodyPartExamined": "BRAIN",
	"PatientPosition": "HFS",
	"SoftwareVersions": "syngo MR D13D",
	"MRAcquisitionType": "2D",
	"SeriesDescription": "AXIAL PD-T2 TSE FS",
	"ProtocolName": "AXIAL PD-T2 TSE FS",
	"ScanningSequence": "SE",
	"SequenceVariant": "SK\\SP\\OSP",
	"ScanOptions": "FS",
	"SequenceName": "*tse2d2_7",
	"ImageType": ["ORIGINAL", "PRIMARY", "M", "ND", "NORM"],
	"SeriesNumber": 9,
	"AcquisitionTime": "09:04:43.620000",
	"AcquisitionNumber": 1,
	"SliceThickness": 3,
	"SpacingBetweenSlices": 3,
	"SAR": 0.440515,
	"EchoNumber": 2,
	"EchoTime": 0.103,
	"RepetitionTime": 3.27,
	"SpoilingState": true,
	"FlipAngle": 150,
	"PartialFourier": 1,
	"BaseResolution": 256,
	"ShimSetting": [
		-2965,
		-9995,
		1748,
		336,
		-21,
		-212,
		120,
		5	],
	"TxRefAmp": 285.822,
	"PhaseResolution": 1,
	"ReceiveCoilName": "HeadNeck_20",
	"ReceiveCoilActiveElements": "HE1-4",
	"PulseSequenceDetails": "%SiemensSeq%\\tse",
	"CoilCombinationMethod": "Adaptive Combine",
	"ConsistencyInfo": "N4_VD13D_LATEST_20130810",
	"MatrixCoilMode": "SENSE",
	"PercentPhaseFOV": 90.625,
	"PercentSampling": 100,
	"EchoTrainLength": 14,
	"PhaseEncodingSteps": 238,
	"AcquisitionMatrixPE": 232,
	"ReconMatrixPE": 232,
	"PixelBandwidth": 185,
	"PhaseEncodingDirection": "i",
	"SliceTiming": [
		0,
		74.4531,
		148.906,
		0.1875,
		74.6328,
		149.086,
		0.36719,
		74.8125,
		149.266,
		0.54688,
		75,
		149.445,
		0.72656,
		75.1797,
		149.633,
		0.91406,
		75.3594,
		149.812,
		1.09375,
		75.5391,
		149.992,
		1.27344,
		75.7266,
		150.172,
		1.45312,
		75.9062,
		150.352,
		1.64062,
		76.0859,
		150.539,
		1.82031,
		76.2734,
		150.719,
		2,
		76.4531,
		150.898,
		2.17969,
		76.6328,
		151.086,
		2.36719,
		76.8125,
		151.266,
		2.54688,
		76.9922,
		151.445,
		2.72656,
		77.1797,
		151.625,
		2.91406,
		77.3594,
		151.812,
		3.09375,
		77.5391,
		151.992	],
	"ImageOrientationPatientDICOM": [
		0.998046,
		0.0267239,
		0.0564719,
		-0.0243917,
		0.998837,
		-0.0415905	],
	"InPlanePhaseEncodingDirectionDICOM": "ROW",
	"ConversionSoftware": "dcm2niix",
	"ConversionSoftwareVersion": "v1.0.20211006"
}
