{
	"Modality": "MR",
	"MagneticFieldStrength": 3,
	"ImagingFrequency": 123.203,
	"Manufacturer": "Siemens",
	"ManufacturersModelName": "PMOD",
	"DeviceSerialNumber": "0",
	"BodyPartExamined": "HEAD",
	"PatientPosition": "HFS",
	"SoftwareVersions": "3.405",
	"MRAcquisitionType": "2D",
	"SeriesDescription": "FLAIR",
	"ProtocolName": "FLAIR",
	"ScanningSequence": "SE\\IR",
	"SequenceVariant": "SK\\SP\\MP\\OSP",
	"ScanOptions": "IR\\SAT1\\FS",
	"SequenceName": "*tir2d1rs15",
	"ImageType": ["ORIGINAL", "PRIMARY", "M", "ND", "NORM"],
	"SeriesNumber": 5,
	"AcquisitionTime": "10:29:48.772500",
	"AcquisitionNumber": 1,
	"SliceThickness": 3,
	"SpacingBetweenSlices": 3,
	"SAR": 0.496477,
	"EchoTime": 0.162,
	"RepetitionTime": 9.49,
	"SpoilingState": true,
	"InversionTime": 2.5,
	"FlipAngle": 150,
	"PartialFourier": 1,
	"BaseResolution": 256,
	"ShimSetting": [
		4225,
		8916,
		16744,
		239,
		439,
		-831,
		318,
		16	],
	"TxRefAmp": 328.652,
	"PhaseResolution": 0.8,
	"PhaseOversampling": 0.2,
	"ReceiveCoilName": "HeadMatrix",
	"PulseSequenceDetails": "%SiemensSeq%\\tse",
	"CoilCombinationMethod": "Adaptive Combine",
	"MatrixCoilMode": "SENSE",
	"PercentPhaseFOV": 75,
	"PercentSampling": 80,
	"EchoTrainLength": 15,
	"PhaseEncodingSteps": 195,
	"AcquisitionMatrixPE": 154,
	"ReconMatrixPE": 192,
	"PixelBandwidth": 199,
	"DwellTime": 9.8e-06,
	"PhaseEncodingDirection": "i",
	"SliceTiming": [
		0,
		93.3906,
		0.24219,
		93.6328,
		0.48438,
		93.8828,
		0.73438,
		94.125,
		0.97656,
		94.375,
		1.21875,
		94.6172,
		1.46875,
		94.8594,
		1.71094,
		95.1094,
		1.95312,
		95.3516,
		2.20312,
		95.5938,
		2.44531,
		95.8438,
		2.69531,
		96.0859,
		2.9375,
		96.3281,
		3.17969,
		96.5781,
		3.42969,
		96.8203,
		3.67188,
		97.0625,
		3.91406,
		97.3125,
		4.16406,
		97.5547,
		4.40625,
		97.7969,
		4.64844,
		98.0469,
		4.89844,
		98.2891,
		5.14062,
		98.5312,
		5.38281,
		98.7812	],
	"ImageOrientationPatientDICOM": [
		0.997626,
		0.0560811,
		-0.0399658,
		-0.055776,
		0.998405,
		0.00871093	],
	"InPlanePhaseEncodingDirectionDICOM": "ROW",
	"ConversionSoftware": "dcm2niix",
	"ConversionSoftwareVersion": "v1.0.20211006"
}
