{
	"Modality": "MR",
	"MagneticFieldStrength": 3,
	"ImagingFrequency": 123.253,
	"Manufacturer": "Siemens",
	"ManufacturersModelName": "Prisma",
	"InstitutionName": "U of Tuebingen",
	"DeviceSerialNumber": "49kxNuf51ses",
	"BodyPartExamined": "BRAIN",
	"PatientPosition": "HFS",
	"SoftwareVersions": "syngo MR D13D",
	"MRAcquisitionType": "2D",
	"SeriesDescription": "AXIAL PD-T2 TSE FS",
	"ProtocolName": "AXIAL PD-T2 TSE FS",
	"ScanningSequence": "SE",
	"SequenceVariant": "SK\\SP\\OSP",
	"ScanOptions": "FS",
	"SequenceName": "*tse2d2_7",
	"ImageType": ["ORIGINAL", "PRIMARY", "M", "ND", "NORM"],
	"SeriesNumber": 10,
	"AcquisitionTime": "08:44:56.497500",
	"AcquisitionNumber": 1,
	"SliceThickness": 3,
	"SpacingBetweenSlices": 3,
	"SAR": 0.408146,
	"EchoNumber": 2,
	"EchoTime": 0.103,
	"RepetitionTime": 3.27,
	"SpoilingState": true,
	"FlipAngle": 150,
	"PartialFourier": 1,
	"BaseResolution": 256,
	"ShimSetting": [
		-1824,
		-11820,
		634,
		48,
		-39,
		1095,
		-115,
		94	],
	"TxRefAmp": 254.165,
	"PhaseResolution": 1,
	"ReceiveCoilName": "HeadNeck_20",
	"ReceiveCoilActiveElements": "HE1-4",
	"PulseSequenceDetails": "%SiemensSeq%\\tse",
	"CoilCombinationMethod": "Adaptive Combine",
	"ConsistencyInfo": "N4_VD13D_LATEST_20130810",
	"MatrixCoilMode": "SENSE",
	"PercentPhaseFOV": 90.625,
	"PercentSampling": 100,
	"EchoTrainLength": 14,
	"PhaseEncodingSteps": 238,
	"AcquisitionMatrixPE": 232,
	"ReconMatrixPE": 232,
	"PixelBandwidth": 185,
	"DwellTime": 1.05e-05,
	"PhaseEncodingDirection": "i",
	"SliceTiming": [
		0,
		74.4453,
		148.898,
		0.17969,
		74.6328,
		149.078,
		0.35938,
		74.8125,
		149.258,
		0.53906,
		74.9922,
		149.445,
		0.72656,
		75.1719,
		149.625,
		0.90625,
		75.3516,
		149.805,
		1.08594,
		75.5391,
		149.984,
		1.27344,
		75.7188,
		150.172,
		1.45312,
		75.8984,
		150.352,
		1.63281,
		76.0859,
		150.531,
		1.8125,
		76.2656,
		150.719,
		1.99219,
		76.4453,
		150.898,
		2.17969,
		76.625,
		151.078,
		2.35938,
		76.8125,
		151.258,
		2.53906,
		76.9922,
		151.438,
		2.71875,
		77.1719,
		151.625,
		2.90625,
		77.3516,
		151.805,
		3.08594,
		77.5312,
		151.984	],
	"ImageOrientationPatientDICOM": [
		0.99974,
		-0.00820793,
		-0.021265,
		1.57422e-10,
		0.932917,
		-0.36009	],
	"InPlanePhaseEncodingDirectionDICOM": "ROW",
	"ConversionSoftware": "dcm2niix",
	"ConversionSoftwareVersion": "v1.0.20211006"
}
