{
	"Modality": "MR",
	"MagneticFieldStrength": 3,
	"ImagingFrequency": 123.264,
	"Manufacturer": "Siemens",
	"ManufacturersModelName": "Prisma",
	"InstitutionName": "Tel-Aviv Medical Center",
	"DeviceSerialNumber": "43NyV_ZZjSAI",
	"BodyPartExamined": "BRAIN",
	"PatientPosition": "HFS",
	"SoftwareVersions": "syngo MR D13D",
	"MRAcquisitionType": "2D",
	"SeriesDescription": "AXIAL PD-T2 TSE FS",
	"ProtocolName": "AXIAL PD-T2 TSE FS",
	"ScanningSequence": "SE",
	"SequenceVariant": "SK\\SP\\OSP",
	"ScanOptions": "FS",
	"SequenceName": "*tse2d2_7",
	"ImageType": ["ORIGINAL", "PRIMARY", "M", "ND", "NORM"],
	"SeriesNumber": 9,
	"AcquisitionTime": "09:26:40.115000",
	"AcquisitionNumber": 1,
	"SliceThickness": 3,
	"SpacingBetweenSlices": 3,
	"SAR": 0.535324,
	"EchoNumber": 2,
	"EchoTime": 0.103,
	"RepetitionTime": 3.27,
	"SpoilingState": true,
	"FlipAngle": 150,
	"PartialFourier": 1,
	"BaseResolution": 256,
	"ShimSetting": [
		-2967,
		-9901,
		1782,
		377,
		17,
		-171,
		-25,
		4	],
	"TxRefAmp": 277.891,
	"PhaseResolution": 1,
	"ReceiveCoilName": "HeadNeck_20",
	"ReceiveCoilActiveElements": "HE2,4",
	"PulseSequenceDetails": "%SiemensSeq%\\tse",
	"CoilCombinationMethod": "Adaptive Combine",
	"ConsistencyInfo": "N4_VD13D_LATEST_20130810",
	"MatrixCoilMode": "SENSE",
	"PercentPhaseFOV": 90.625,
	"PercentSampling": 100,
	"EchoTrainLength": 14,
	"PhaseEncodingSteps": 238,
	"AcquisitionMatrixPE": 232,
	"ReconMatrixPE": 232,
	"PixelBandwidth": 185,
	"PhaseEncodingDirection": "i",
	"SliceTiming": [
		0,
		74.4453,
		148.898,
		0.17969,
		74.6328,
		149.078,
		0.35938,
		74.8125,
		149.266,
		0.53906,
		74.9922,
		149.445,
		0.72656,
		75.1719,
		149.625,
		0.90625,
		75.3594,
		149.805,
		1.08594,
		75.5391,
		149.984,
		1.27344,
		75.7188,
		150.172,
		1.45312,
		75.9062,
		150.352,
		1.63281,
		76.0859,
		150.531,
		1.8125,
		76.2656,
		150.719,
		2,
		76.4453,
		150.898,
		2.17969,
		76.625,
		151.078,
		2.35938,
		76.8125,
		151.258,
		2.53906,
		76.9922,
		151.445,
		2.72656,
		77.1719,
		151.625,
		2.90625,
		77.3516,
		151.805,
		3.08594,
		77.5391,
		151.984	],
	"ImageOrientationPatientDICOM": [
		0.998394,
		0.0565807,
		0.00279203,
		-0.0540711,
		0.966493,
		-0.250934	],
	"InPlanePhaseEncodingDirectionDICOM": "ROW",
	"ConversionSoftware": "dcm2niix",
	"ConversionSoftwareVersion": "v1.0.20211006"
}
