{
	"Modality": "MR",
	"MagneticFieldStrength": 3,
	"ImagingFrequency": 123.245,
	"Manufacturer": "Siemens",
	"ManufacturersModelName": "TrioTim",
	"InstitutionName": "JHU MR01 Trio",
	"DeviceSerialNumber": "4xi1crLtyp9U",
	"PatientPosition": "HFS",
	"SoftwareVersions": "syngo MR B17",
	"MRAcquisitionType": "2D",
	"SeriesDescription": "Axial PD-T2 TSE FS",
	"ProtocolName": "Axial PD-T2 TSE FS",
	"ScanningSequence": "SE",
	"SequenceVariant": "SK\\SP\\OSP",
	"ScanOptions": "FS",
	"SequenceName": "*tse2d2_7",
	"ImageType": ["ORIGINAL", "PRIMARY", "M", "ND", "NORM"],
	"SeriesNumber": 10,
	"AcquisitionTime": "11:09:42.480000",
	"AcquisitionNumber": 1,
	"SliceThickness": 3,
	"SpacingBetweenSlices": 3,
	"SAR": 0.400075,
	"EchoNumber": 2,
	"EchoTime": 0.101,
	"RepetitionTime": 3.27,
	"SpoilingState": true,
	"FlipAngle": 150,
	"PartialFourier": 1,
	"BaseResolution": 256,
	"ShimSetting": [
		15759,
		-13126,
		-1054,
		470,
		58,
		331,
		153,
		-129	],
	"TxRefAmp": 293.119,
	"PhaseResolution": 1,
	"ReceiveCoilName": "HeadMatrix",
	"PulseSequenceDetails": "%SiemensSeq%\\tse",
	"CoilCombinationMethod": "Adaptive Combine",
	"MatrixCoilMode": "SENSE",
	"PercentPhaseFOV": 89.0625,
	"PercentSampling": 100,
	"EchoTrainLength": 7,
	"PhaseEncodingSteps": 231,
	"AcquisitionMatrixPE": 228,
	"ReconMatrixPE": 228,
	"PixelBandwidth": 186,
	"DwellTime": 1.05e-05,
	"PhaseEncodingDirection": "i",
	"SliceTiming": [
		0,
		71.625,
		143.258,
		0.1875,
		71.8125,
		143.438,
		0.36719,
		71.9922,
		143.617,
		0.55469,
		72.1797,
		143.805,
		0.73438,
		72.3594,
		143.984,
		0.91406,
		72.5391,
		144.172,
		1.10156,
		72.7266,
		144.352,
		1.28125,
		72.9062,
		144.531,
		1.46094,
		73.0859,
		144.719,
		1.64062,
		73.2734,
		144.898,
		1.82812,
		73.4531,
		145.078,
		2.00781,
		73.6328,
		145.266,
		2.1875,
		73.8203,
		145.445,
		2.375,
		74,
		145.625,
		2.55469,
		74.1797,
		145.805,
		2.74219,
		74.3672,
		145.992,
		2.92188,
		74.5469,
		146.172,
		3.10156,
		74.7344,
		146.359	],
	"ImageOrientationPatientDICOM": [
		0.999398,
		0.00374933,
		0.0344922,
		1.53296e-10,
		0.994144,
		-0.108064	],
	"InPlanePhaseEncodingDirectionDICOM": "ROW",
	"ConversionSoftware": "dcm2niix",
	"ConversionSoftwareVersion": "v1.0.20211006"
}
