{
	"Modality": "MR",
	"MagneticFieldStrength": 3,
	"ImagingFrequency": 123.264,
	"Manufacturer": "Siemens",
	"ManufacturersModelName": "Prisma",
	"InstitutionName": "Tel-Aviv Medical Center",
	"DeviceSerialNumber": "43NyV_ZZjSAI",
	"BodyPartExamined": "BRAIN",
	"PatientPosition": "HFS",
	"SoftwareVersions": "syngo MR D13D",
	"MRAcquisitionType": "2D",
	"SeriesDescription": "AXIAL PD-T2 TSE FS",
	"ProtocolName": "AXIAL PD-T2 TSE FS",
	"ScanningSequence": "SE",
	"SequenceVariant": "SK\\SP\\OSP",
	"ScanOptions": "FS",
	"SequenceName": "*tse2d2_7",
	"ImageType": ["ORIGINAL", "PRIMARY", "M", "ND", "NORM"],
	"SeriesNumber": 9,
	"AcquisitionTime": "13:40:44.552500",
	"AcquisitionNumber": 1,
	"SliceThickness": 3,
	"SpacingBetweenSlices": 3,
	"SAR": 0.687759,
	"EchoNumber": 2,
	"EchoTime": 0.103,
	"RepetitionTime": 3.27,
	"SpoilingState": true,
	"FlipAngle": 150,
	"PartialFourier": 1,
	"BaseResolution": 256,
	"ShimSetting": [
		-2988,
		-9918,
		1795,
		299,
		-16,
		-20,
		3,
		34	],
	"TxRefAmp": 296.263,
	"PhaseResolution": 1,
	"ReceiveCoilName": "HeadNeck_20",
	"ReceiveCoilActiveElements": "HE2,4",
	"PulseSequenceDetails": "%SiemensSeq%\\tse",
	"CoilCombinationMethod": "Adaptive Combine",
	"ConsistencyInfo": "N4_VD13D_LATEST_20130810",
	"MatrixCoilMode": "SENSE",
	"PercentPhaseFOV": 90.625,
	"PercentSampling": 100,
	"EchoTrainLength": 14,
	"PhaseEncodingSteps": 238,
	"AcquisitionMatrixPE": 232,
	"ReconMatrixPE": 232,
	"PixelBandwidth": 185,
	"DwellTime": 1.05e-05,
	"PhaseEncodingDirection": "i",
	"SliceTiming": [
		0,
		74.4531,
		148.906,
		0.17188,
		74.625,
		149.078,
		0.34375,
		74.7969,
		149.25,
		0.51562,
		74.9688,
		149.422,
		0.70312,
		75.1406,
		149.594,
		0.85938,
		75.3125,
		149.766,
		1.03125,
		75.4844,
		149.938,
		1.20312,
		75.6562,
		150.109,
		1.39062,
		75.8281,
		150.281,
		1.5625,
		76,
		150.453,
		1.73438,
		76.1719,
		150.625,
		1.89062,
		76.3438,
		150.797,
		2.07812,
		76.5156,
		150.969,
		2.25,
		76.6875,
		151.141,
		2.42188,
		76.8594,
		151.312,
		2.59375,
		77.0312,
		151.484,
		2.76562,
		77.2031,
		151.656,
		2.9375,
		77.375,
		151.828,
		3.10938,
		77.5469,
		152	],
	"ImageOrientationPatientDICOM": [
		0.999469,
		-0.030373,
		0.0118075,
		0.0314096,
		0.994417,
		-0.100739	],
	"InPlanePhaseEncodingDirectionDICOM": "ROW",
	"ConversionSoftware": "dcm2niix",
	"ConversionSoftwareVersion": "v1.0.20211006"
}
