{
	"Modality": "MR",
	"MagneticFieldStrength": 3,
	"ImagingFrequency": 123.255,
	"Manufacturer": "Siemens",
	"ManufacturersModelName": "TrioTim",
	"InstitutionName": "Baylor College of Medicine",
	"DeviceSerialNumber": "4RYQhNAwMfVs",
	"PatientPosition": "HFS",
	"SoftwareVersions": "syngo MR B17",
	"MRAcquisitionType": "2D",
	"SeriesDescription": "Axial PD-T2 TSE FS",
	"ProtocolName": "Axial PD-T2 TSE FS",
	"ScanningSequence": "SE",
	"SequenceVariant": "SK\\SP\\OSP",
	"ScanOptions": "FS",
	"SequenceName": "*tse2d2_7",
	"ImageType": ["ORIGINAL", "PRIMARY", "M", "ND", "NORM"],
	"SeriesNumber": 11,
	"AcquisitionTime": "14:37:16.587500",
	"AcquisitionNumber": 1,
	"SliceThickness": 3,
	"SpacingBetweenSlices": 3,
	"SAR": 0.545535,
	"EchoNumber": 2,
	"EchoTime": 0.101,
	"RepetitionTime": 3.27,
	"SpoilingState": true,
	"FlipAngle": 150,
	"PartialFourier": 1,
	"BaseResolution": 256,
	"ShimSetting": [
		22318,
		-3857,
		5698,
		403,
		-129,
		-220,
		-64,
		6	],
	"TxRefAmp": 308.292,
	"PhaseResolution": 1,
	"ReceiveCoilName": "HeadMatrix",
	"PulseSequenceDetails": "%SiemensSeq%\\tse",
	"CoilCombinationMethod": "Adaptive Combine",
	"MatrixCoilMode": "SENSE",
	"PercentPhaseFOV": 89.0625,
	"PercentSampling": 100,
	"EchoTrainLength": 7,
	"PhaseEncodingSteps": 231,
	"AcquisitionMatrixPE": 228,
	"ReconMatrixPE": 228,
	"PixelBandwidth": 186,
	"DwellTime": 1.05e-05,
	"PhaseEncodingDirection": "i",
	"SliceTiming": [
		0,
		71.625,
		143.25,
		0.17188,
		71.7969,
		143.422,
		0.35938,
		71.9844,
		143.609,
		0.54688,
		72.1719,
		143.797,
		0.71875,
		72.3438,
		143.969,
		0.90625,
		72.5312,
		144.156,
		1.09375,
		72.7188,
		144.344,
		1.26562,
		72.8906,
		144.531,
		1.45312,
		73.0781,
		144.703,
		1.64062,
		73.2656,
		144.891,
		1.8125,
		73.4375,
		145.078,
		2,
		73.625,
		145.25,
		2.1875,
		73.8125,
		145.438,
		2.35938,
		73.9844,
		145.625,
		2.54688,
		74.1719,
		145.797,
		2.73438,
		74.3594,
		145.984,
		2.90625,
		74.5312,
		146.156,
		3.09375,
		74.7188,
		146.344	],
	"ImageOrientationPatientDICOM": [
		1,
		-2.05103e-10,
		0,
		2.05103e-10,
		1,
		0	],
	"InPlanePhaseEncodingDirectionDICOM": "ROW",
	"ConversionSoftware": "dcm2niix",
	"ConversionSoftwareVersion": "v1.0.20211006"
}
