{
	"Modality": "MR",
	"MagneticFieldStrength": 3,
	"ImagingFrequency": 123.26,
	"Manufacturer": "Siemens",
	"ManufacturersModelName": "Prisma_fit",
	"InstitutionName": "CCHS CLEVELAND CLINIC",
	"DeviceSerialNumber": "45CVgnUD9zOQ",
	"BodyPartExamined": "HEAD",
	"PatientPosition": "HFS",
	"SoftwareVersions": "syngo MR D13D",
	"MRAcquisitionType": "2D",
	"SeriesDescription": "AXIAL PD-T2 TSE FS",
	"ProtocolName": "AXIAL PD-T2 TSE FS",
	"ScanningSequence": "SE",
	"SequenceVariant": "SK\\SP\\OSP",
	"ScanOptions": "FS",
	"SequenceName": "*tse2d2_7",
	"ImageType": ["ORIGINAL", "PRIMARY", "M", "ND", "NORM"],
	"SeriesNumber": 10,
	"AcquisitionTime": "15:27:45.997500",
	"AcquisitionNumber": 1,
	"SliceThickness": 3,
	"SpacingBetweenSlices": 3,
	"SAR": 0.501647,
	"EchoNumber": 2,
	"EchoTime": 0.103,
	"RepetitionTime": 3.27,
	"SpoilingState": true,
	"FlipAngle": 150,
	"PartialFourier": 1,
	"BaseResolution": 256,
	"ShimSetting": [
		-1406,
		531,
		4254,
		146,
		31,
		155,
		211,
		80	],
	"TxRefAmp": 277.791,
	"PhaseResolution": 1,
	"ReceiveCoilName": "HeadNeck_20",
	"PulseSequenceDetails": "%SiemensSeq%\\tse",
	"CoilCombinationMethod": "Adaptive Combine",
	"ConsistencyInfo": "N4_VD13D_LATEST_20130810",
	"MatrixCoilMode": "SENSE",
	"PercentPhaseFOV": 90.625,
	"PercentSampling": 100,
	"EchoTrainLength": 14,
	"PhaseEncodingSteps": 238,
	"AcquisitionMatrixPE": 232,
	"ReconMatrixPE": 232,
	"PixelBandwidth": 185,
	"DwellTime": 1.05e-05,
	"PhaseEncodingDirection": "i",
	"SliceTiming": [
		0,
		74.4531,
		148.891,
		0.1875,
		74.625,
		149.078,
		0.35938,
		74.8125,
		149.266,
		0.54688,
		75,
		149.438,
		0.71875,
		75.1719,
		149.625,
		0.90625,
		75.3594,
		149.812,
		1.09375,
		75.5312,
		149.984,
		1.26562,
		75.7188,
		150.172,
		1.45312,
		75.9062,
		150.359,
		1.625,
		76.0781,
		150.531,
		1.8125,
		76.2656,
		150.719,
		2,
		76.4531,
		150.891,
		2.17188,
		76.625,
		151.078,
		2.35938,
		76.8125,
		151.266,
		2.54688,
		77,
		151.438,
		2.71875,
		77.1719,
		151.625,
		2.90625,
		77.3594,
		151.812,
		3.09375,
		77.5312,
		151.984	],
	"ImageOrientationPatientDICOM": [
		1,
		-2.03575e-10,
		-2.4996e-11,
		2.05103e-10,
		0.992546,
		0.121869	],
	"InPlanePhaseEncodingDirectionDICOM": "ROW",
	"ConversionSoftware": "dcm2niix",
	"ConversionSoftwareVersion": "v1.0.20211006"
}
