{
	"Modality": "MR",
	"MagneticFieldStrength": 1.5,
	"ImagingFrequency": 63.6448,
	"Manufacturer": "Siemens",
	"ManufacturersModelName": "PMOD",
	"InstitutionName": "WHITNEY IMAGING CENTER",
	"DeviceSerialNumber": "0",
	"BodyPartExamined": "HEAD",
	"PatientPosition": "HFS",
	"SoftwareVersions": "3.405",
	"MRAcquisitionType": "2D",
	"SeriesDescription": "T2",
	"ProtocolName": "Axial PD-T2 TSE",
	"ScanningSequence": "SE",
	"SequenceVariant": "SK\\SP\\OSP",
	"SequenceName": "*tse2d2_7",
	"ImageType": ["ORIGINAL", "PRIMARY", "M", "ND", "NORM"],
	"SeriesNumber": 6,
	"AcquisitionTime": "14:15:18.842500",
	"AcquisitionNumber": 1,
	"SliceThickness": 3,
	"SpacingBetweenSlices": 3,
	"SAR": 0.0823437,
	"EchoNumber": 2,
	"EchoTime": 0.134,
	"RepetitionTime": 3,
	"SpoilingState": true,
	"FlipAngle": 150,
	"PartialFourier": 1,
	"BaseResolution": 256,
	"ShimSetting": [
		8171,
		-2652,
		15576,
		-525,
		-1143,
		-111,
		-247,
		40	],
	"TxRefAmp": 301.479,
	"PhaseResolution": 1,
	"ReceiveCoilName": "HeadMatrix",
	"PulseSequenceDetails": "%SiemensSeq%\\tse",
	"CoilCombinationMethod": "Sum of Squares",
	"MatrixCoilMode": "SENSE",
	"PercentPhaseFOV": 89.0625,
	"PercentSampling": 100,
	"EchoTrainLength": 7,
	"PhaseEncodingSteps": 231,
	"AcquisitionMatrixPE": 228,
	"ReconMatrixPE": 228,
	"PixelBandwidth": 163,
	"DwellTime": 1.2e-05,
	"PhaseEncodingDirection": "i",
	"SliceTiming": [
		0,
		62.4062,
		124.812,
		187.234,
		0.25,
		62.6562,
		125.062,
		187.484,
		0.5,
		62.9062,
		125.328,
		187.734,
		0.75,
		63.1562,
		125.578,
		187.984,
		1,
		63.4062,
		125.828,
		188.234,
		1.25,
		63.6562,
		126.078,
		188.484,
		1.5,
		63.9062,
		126.328,
		188.734,
		1.75,
		64.1719,
		126.578,
		188.984,
		2,
		64.4219,
		126.828,
		189.234,
		2.26562,
		64.6719,
		127.078,
		189.484,
		2.51562,
		64.9219,
		127.328,
		189.734,
		2.76562,
		65.1719,
		127.578,
		189.984	],
	"ImageOrientationPatientDICOM": [
		1,
		-2.05103e-10,
		0,
		2.05103e-10,
		1,
		0	],
	"InPlanePhaseEncodingDirectionDICOM": "ROW",
	"ConversionSoftware": "dcm2niix",
	"ConversionSoftwareVersion": "v1.0.20211006"
}
