{
	"Modality": "MR",
	"MagneticFieldStrength": 3,
	"ImagingFrequency": 123.263,
	"Manufacturer": "Siemens",
	"ManufacturersModelName": "TrioTim",
	"InstitutionName": "NU Tarpon",
	"DeviceSerialNumber": "4FsHpFwzDdJ_",
	"PatientPosition": "HFS",
	"SoftwareVersions": "syngo MR B17",
	"MRAcquisitionType": "2D",
	"SeriesDescription": "Axial PD-T2 TSE FS",
	"ProtocolName": "Axial PD-T2 TSE FS",
	"ScanningSequence": "SE",
	"SequenceVariant": "SK\\SP\\OSP",
	"ScanOptions": "FS",
	"SequenceName": "*tse2d2_7",
	"ImageType": ["ORIGINAL", "PRIMARY", "M", "ND", "NORM"],
	"SeriesNumber": 16,
	"AcquisitionTime": "10:03:26.322500",
	"AcquisitionNumber": 1,
	"SliceThickness": 3,
	"SpacingBetweenSlices": 3,
	"SAR": 0.552386,
	"EchoNumber": 2,
	"EchoTime": 0.101,
	"RepetitionTime": 3.86,
	"SpoilingState": true,
	"FlipAngle": 150,
	"PartialFourier": 1,
	"BaseResolution": 256,
	"ShimSetting": [
		2405,
		-16691,
		-12231,
		222,
		-178,
		-727,
		0,
		93	],
	"TxRefAmp": 471.091,
	"PhaseResolution": 1,
	"ReceiveCoilName": "HeadMatrix",
	"PulseSequenceDetails": "%SiemensSeq%\\tse",
	"CoilCombinationMethod": "Adaptive Combine",
	"MatrixCoilMode": "SENSE",
	"PercentPhaseFOV": 89.0625,
	"PercentSampling": 100,
	"EchoTrainLength": 7,
	"PhaseEncodingSteps": 231,
	"AcquisitionMatrixPE": 228,
	"ReconMatrixPE": 228,
	"PixelBandwidth": 186,
	"DwellTime": 1.05e-05,
	"PhaseEncodingDirection": "i",
	"SliceTiming": [
		0,
		91.7734,
		183.539,
		0.21875,
		91.9844,
		183.75,
		0.42969,
		92.2031,
		183.969,
		0.64844,
		92.4141,
		184.18,
		0.86719,
		92.6328,
		184.398,
		1.07812,
		92.8438,
		184.609,
		1.29688,
		93.0625,
		184.828,
		1.50781,
		93.2734,
		185.047,
		1.72656,
		93.4922,
		185.258,
		1.9375,
		93.7109,
		185.477,
		2.15625,
		93.9219,
		185.688,
		2.36719,
		94.1406,
		185.906,
		2.58594,
		94.3516,
		186.117,
		2.80469,
		94.5703,
		186.336,
		3.01562,
		94.7812,
		186.547,
		3.23438,
		95,
		186.766,
		3.44531,
		95.2109,
		186.984,
		3.66406,
		95.4297,
		187.195	],
	"ImageOrientationPatientDICOM": [
		1,
		-1.56194e-10,
		1.32932e-10,
		2.05103e-10,
		0.761538,
		-0.64812	],
	"InPlanePhaseEncodingDirectionDICOM": "ROW",
	"ConversionSoftware": "dcm2niix",
	"ConversionSoftwareVersion": "v1.0.20211006"
}
