{
	"Modality": "MR",
	"MagneticFieldStrength": 3,
	"ImagingFrequency": 123.244,
	"Manufacturer": "Siemens",
	"ManufacturersModelName": "TrioTim",
	"InstitutionName": "MV",
	"DeviceSerialNumber": "4QUtXxpHmND_",
	"BodyPartExamined": "HEAD",
	"PatientPosition": "HFS",
	"SoftwareVersions": "syngo MR B19",
	"MRAcquisitionType": "2D",
	"SeriesDescription": "Axial PD-T2-FS TSE",
	"ProtocolName": "Axial PD-T2-FS TSE",
	"ScanningSequence": "SE",
	"SequenceVariant": "SK\\SP\\OSP",
	"ScanOptions": "FS",
	"SequenceName": "*tse2d2_7",
	"ImageType": ["ORIGINAL", "PRIMARY", "M", "ND", "NORM"],
	"SeriesNumber": 9,
	"AcquisitionTime": "11:08:25.337500",
	"AcquisitionNumber": 1,
	"SliceThickness": 3,
	"SpacingBetweenSlices": 3,
	"SAR": 0.378408,
	"EchoNumber": 2,
	"EchoTime": 0.101,
	"RepetitionTime": 3,
	"SpoilingState": true,
	"FlipAngle": 150,
	"PartialFourier": 1,
	"BaseResolution": 256,
	"ShimSetting": [
		-3739,
		-11223,
		-16680,
		308,
		458,
		-724,
		-3,
		-41	],
	"TxRefAmp": 299.674,
	"PhaseResolution": 1,
	"ReceiveCoilName": "HeadMatrix",
	"PulseSequenceDetails": "%SiemensSeq%\\tse",
	"CoilCombinationMethod": "Adaptive Combine",
	"MatrixCoilMode": "SENSE",
	"PercentPhaseFOV": 79.6875,
	"PercentSampling": 100,
	"EchoTrainLength": 7,
	"PhaseEncodingSteps": 210,
	"AcquisitionMatrixPE": 204,
	"ReconMatrixPE": 204,
	"PixelBandwidth": 186,
	"DwellTime": 1.05e-05,
	"PhaseEncodingDirection": "i",
	"SliceTiming": [
		0,
		93.375,
		146.75,
		0.1875,
		93.5625,
		146.938,
		0.38281,
		93.75,
		147.125,
		0.57031,
		93.9375,
		147.312,
		0.75781,
		94.1328,
		147.5,
		0.94531,
		94.3203,
		147.688,
		1.13281,
		94.5078,
		147.883,
		1.32031,
		94.6953,
		148.07,
		1.50781,
		94.8828,
		148.258,
		1.69531,
		95.0703,
		148.445,
		1.88281,
		95.2578,
		148.633,
		2.07031,
		95.4453,
		148.82,
		2.25781,
		95.6328,
		149.008,
		2.44531,
		95.8203,
		149.195,
		2.63281,
		96.0078,
		149.383,
		2.82812,
		96.1953,
		149.57	],
	"ImageOrientationPatientDICOM": [
		1,
		-2.04443e-10,
		1.6449e-11,
		2.05103e-10,
		0.996779,
		-0.0801989	],
	"InPlanePhaseEncodingDirectionDICOM": "ROW",
	"ConversionSoftware": "dcm2niix",
	"ConversionSoftwareVersion": "v1.0.20211006"
}
