{
	"Modality": "MR",
	"MagneticFieldStrength": 3,
	"ImagingFrequency": 123.26,
	"Manufacturer": "Siemens",
	"ManufacturersModelName": "Prisma_fit",
	"InstitutionName": "JHH",
	"DeviceSerialNumber": "4W6gvlpCay2w",
	"BodyPartExamined": "BRAIN",
	"PatientPosition": "HFS",
	"SoftwareVersions": "syngo MR E11",
	"MRAcquisitionType": "2D",
	"SeriesDescription": "Axial PD-T2 TSE FS",
	"ProtocolName": "Axial PD-T2 TSE FS",
	"ScanningSequence": "SE",
	"SequenceVariant": "SK\\SP\\OSP",
	"ScanOptions": "FS",
	"SequenceName": "*tse2d2_7",
	"ImageType": ["ORIGINAL", "PRIMARY", "M", "ND", "NORM"],
	"SeriesNumber": 8,
	"AcquisitionTime": "13:26:43.677500",
	"AcquisitionNumber": 1,
	"SliceThickness": 3,
	"SpacingBetweenSlices": 3,
	"SAR": 0.367131,
	"EchoNumber": 2,
	"EchoTime": 0.101,
	"RepetitionTime": 3.27,
	"SpoilingState": true,
	"FlipAngle": 150,
	"PartialFourier": 1,
	"BaseResolution": 256,
	"ShimSetting": [
		8564,
		-6618,
		-475,
		246,
		-64,
		-382,
		144,
		63	],
	"TxRefAmp": 266.804,
	"PhaseResolution": 1,
	"ReceiveCoilName": "HeadNeck_20",
	"ReceiveCoilActiveElements": "HE1-4;NE1,2",
	"PulseSequenceDetails": "%SiemensSeq%\\tse",
	"CoilCombinationMethod": "Adaptive Combine",
	"ConsistencyInfo": "N4_VE11B_LATEST_20150530",
	"MatrixCoilMode": "SENSE",
	"PercentPhaseFOV": 90.625,
	"PercentSampling": 100,
	"EchoTrainLength": 14,
	"PhaseEncodingSteps": 238,
	"AcquisitionMatrixPE": 232,
	"ReconMatrixPE": 232,
	"PixelBandwidth": 185,
	"DwellTime": 1.05e-05,
	"PhaseEncodingDirection": "i",
	"SliceTiming": [
		0,
		74.4531,
		148.906,
		0.1875,
		74.6406,
		149.078,
		0.375,
		74.8125,
		149.266,
		0.54688,
		75,
		149.453,
		0.73438,
		75.1875,
		149.625,
		0.90625,
		75.3594,
		149.812,
		1.09375,
		75.5469,
		150,
		1.28125,
		75.7188,
		150.172,
		1.45312,
		75.9062,
		150.359,
		1.64062,
		76.0938,
		150.531,
		1.82812,
		76.2656,
		150.719,
		2,
		76.4531,
		150.906,
		2.1875,
		76.6406,
		151.078,
		2.35938,
		76.8125,
		151.266,
		2.54688,
		77,
		151.453,
		2.73438,
		77.1719,
		151.625,
		2.90625,
		77.3594,
		151.812,
		3.09375,
		77.5469,
		152	],
	"ImageOrientationPatientDICOM": [
		0.997915,
		0.0201777,
		-0.0613046,
		-0.0261313,
		0.994851,
		-0.0979219	],
	"InPlanePhaseEncodingDirectionDICOM": "ROW",
	"ConversionSoftware": "dcm2niix",
	"ConversionSoftwareVersion": "v1.0.20211006"
}
