{
	"Modality": "MR",
	"MagneticFieldStrength": 3,
	"ImagingFrequency": 123.203,
	"Manufacturer": "Siemens",
	"ManufacturersModelName": "PMOD",
	"DeviceSerialNumber": "0",
	"BodyPartExamined": "HEAD",
	"PatientPosition": "HFS",
	"SoftwareVersions": "3.405",
	"MRAcquisitionType": "2D",
	"SeriesDescription": "FLAIR",
	"ProtocolName": "FLAIR",
	"ScanningSequence": "SE\\IR",
	"SequenceVariant": "SK\\SP\\MP\\OSP",
	"ScanOptions": "IR\\SAT1\\FS",
	"SequenceName": "*tir2d1rs15",
	"ImageType": ["ORIGINAL", "PRIMARY", "M", "ND", "NORM"],
	"SeriesNumber": 5,
	"AcquisitionTime": "17:27:48.285000",
	"AcquisitionNumber": 1,
	"SliceThickness": 3,
	"SpacingBetweenSlices": 3,
	"SAR": 0.588432,
	"EchoTime": 0.162,
	"RepetitionTime": 9.49,
	"SpoilingState": true,
	"InversionTime": 2.5,
	"FlipAngle": 150,
	"PartialFourier": 1,
	"BaseResolution": 256,
	"ShimSetting": [
		4248,
		8923,
		16821,
		241,
		455,
		-1216,
		436,
		35	],
	"TxRefAmp": 373.207,
	"PhaseResolution": 0.8,
	"PhaseOversampling": 0.2,
	"ReceiveCoilName": "HeadMatrix",
	"PulseSequenceDetails": "%SiemensSeq%\\tse",
	"CoilCombinationMethod": "Adaptive Combine",
	"MatrixCoilMode": "SENSE",
	"PercentPhaseFOV": 75,
	"PercentSampling": 80,
	"EchoTrainLength": 15,
	"PhaseEncodingSteps": 195,
	"AcquisitionMatrixPE": 154,
	"ReconMatrixPE": 192,
	"PixelBandwidth": 199,
	"DwellTime": 9.8e-06,
	"PhaseEncodingDirection": "i",
	"SliceTiming": [
		0,
		93.3906,
		0.25,
		93.6406,
		0.5,
		93.8906,
		0.73438,
		94.125,
		0.98438,
		94.375,
		1.23438,
		94.625,
		1.46875,
		94.8594,
		1.71875,
		95.1094,
		1.96875,
		95.3594,
		2.20312,
		95.5938,
		2.45312,
		95.8438,
		2.70312,
		96.0938,
		2.9375,
		96.3438,
		3.1875,
		96.5781,
		3.4375,
		96.8281,
		3.67188,
		97.0781,
		3.92188,
		97.3125,
		4.17188,
		97.5625,
		4.40625,
		97.8125,
		4.65625,
		98.0469,
		4.90625,
		98.2969,
		5.14062,
		98.5469,
		5.39062,
		98.7812	],
	"ImageOrientationPatientDICOM": [
		0.997651,
		0.0682506,
		-0.00584674,
		-0.068013,
		0.976771,
		-0.203207	],
	"InPlanePhaseEncodingDirectionDICOM": "ROW",
	"ConversionSoftware": "dcm2niix",
	"ConversionSoftwareVersion": "v1.0.20211006"
}
