{
	"Modality": "MR",
	"MagneticFieldStrength": 3,
	"ImagingFrequency": 123.254,
	"Manufacturer": "Siemens",
	"ManufacturersModelName": "PMOD",
	"InstitutionName": "CENIR PRISMA",
	"DeviceSerialNumber": "0",
	"BodyPartExamined": "BRAIN",
	"PatientPosition": "HFS",
	"SoftwareVersions": "3.405",
	"MRAcquisitionType": "2D",
	"SeriesDescription": "T2",
	"ProtocolName": "AXIAL PD-T2 TSE FS",
	"ScanningSequence": "SE",
	"SequenceVariant": "SK\\SP\\OSP",
	"ScanOptions": "FS",
	"SequenceName": "*tse2d2_7",
	"ImageType": ["ORIGINAL", "PRIMARY", "M", "ND", "NORM"],
	"SeriesNumber": 3,
	"AcquisitionTime": "13:53:24.530000",
	"AcquisitionNumber": 1,
	"SliceThickness": 3,
	"SpacingBetweenSlices": 3,
	"SAR": 0.494748,
	"EchoNumber": 2,
	"EchoTime": 0.103,
	"RepetitionTime": 3.27,
	"SpoilingState": true,
	"FlipAngle": 150,
	"PartialFourier": 1,
	"BaseResolution": 256,
	"ShimSetting": [
		1095,
		-11320,
		11753,
		214,
		33,
		3,
		10,
		-3	],
	"TxRefAmp": 261.119,
	"PhaseResolution": 1,
	"ReceiveCoilName": "HeadNeck_20",
	"PulseSequenceDetails": "%SiemensSeq%\\tse",
	"CoilCombinationMethod": "Adaptive Combine",
	"ConsistencyInfo": "N4_VD13D_LATEST_20130810",
	"MatrixCoilMode": "SENSE",
	"PercentPhaseFOV": 90.625,
	"PercentSampling": 100,
	"EchoTrainLength": 14,
	"PhaseEncodingSteps": 238,
	"AcquisitionMatrixPE": 232,
	"ReconMatrixPE": 232,
	"PixelBandwidth": 185,
	"DwellTime": 1.05e-05,
	"PhaseEncodingDirection": "i",
	"SliceTiming": [
		0,
		74.4531,
		148.906,
		0.1875,
		74.625,
		149.078,
		0.35938,
		74.8125,
		149.266,
		0.54688,
		75,
		149.438,
		0.71875,
		75.1719,
		149.625,
		0.90625,
		75.3594,
		149.812,
		1.09375,
		75.5312,
		149.984,
		1.26562,
		75.7188,
		150.172,
		1.45312,
		75.9062,
		150.344,
		1.64062,
		76.0781,
		150.531,
		1.8125,
		76.2656,
		150.719,
		2,
		76.4531,
		150.891,
		2.17188,
		76.625,
		151.078,
		2.35938,
		76.8125,
		151.266,
		2.54688,
		76.9844,
		151.438,
		2.71875,
		77.1719,
		151.625,
		2.90625,
		77.3594,
		151.797,
		3.09375,
		77.5312,
		151.984	],
	"ImageOrientationPatientDICOM": [
		1,
		-2.05103e-10,
		0,
		2.05103e-10,
		1,
		0	],
	"InPlanePhaseEncodingDirectionDICOM": "ROW",
	"ConversionSoftware": "dcm2niix",
	"ConversionSoftwareVersion": "v1.0.20211006"
}
