{
	"Modality": "MR",
	"MagneticFieldStrength": 1.5,
	"ImagingFrequency": 63.6368,
	"Manufacturer": "Siemens",
	"ManufacturersModelName": "PMOD",
	"DeviceSerialNumber": "0",
	"PatientPosition": "HFS",
	"SoftwareVersions": "3.405",
	"MRAcquisitionType": "2D",
	"SeriesDescription": "T2",
	"ProtocolName": "PD-T2 DUAL AXIAL TSE",
	"ScanningSequence": "SE",
	"SequenceVariant": "SK\\SP\\OSP",
	"ScanOptions": "FS",
	"SequenceName": "*tse2d2rs7",
	"ImageType": ["ORIGINAL", "PRIMARY", "M", "ND"],
	"SeriesNumber": 3,
	"AcquisitionTime": "10:26:23.957520",
	"AcquisitionNumber": 1,
	"SliceThickness": 3,
	"SpacingBetweenSlices": 3,
	"SAR": 0.381345,
	"EchoTime": 0.12,
	"RepetitionTime": 4.07,
	"SpoilingState": true,
	"FlipAngle": 180,
	"PartialFourier": 1,
	"BaseResolution": 256,
	"ShimSetting": [
		18,
		23,
		145,
		0,
		0,
		0,
		0,
		0	],
	"TxRefAmp": 181.09,
	"PhaseResolution": 0.75,
	"ReceiveCoilName": "DoubleLoopArrayLeft",
	"PulseSequenceDetails": "%SiemensSeq%\\tse",
	"MatrixCoilMode": "SENSE",
	"PercentPhaseFOV": 75,
	"PercentSampling": 75,
	"EchoTrainLength": 7,
	"PhaseEncodingSteps": 147,
	"AcquisitionMatrixPE": 144,
	"ReconMatrixPE": 192,
	"PixelBandwidth": 130,
	"PhaseEncodingDirection": "i",
	"SliceTiming": [
		0,
		93.6094,
		143.148,
		0.23438,
		93.8438,
		143.406,
		0.47656,
		94.0859,
		143.656,
		0.71875,
		94.3281,
		143.914,
		0.95312,
		94.5703,
		144.164,
		1.19531,
		94.8047,
		144.422,
		1.4375,
		95.0469,
		144.68,
		1.67188,
		95.2812,
		144.93,
		1.91406,
		95.5234,
		145.188,
		2.14844,
		95.7656,
		145.438,
		2.39062,
		96,
		145.695,
		2.63281,
		96.2422,
		145.945,
		2.875,
		96.4844,
		146.203,
		3.10938,
		96.7188,
		146.453,
		3.35156,
		96.9609,
		146.711,
		3.58594,
		97.1953,
		146.961,
		3.82812,
		97.4375	],
	"ImageOrientationPatientDICOM": [
		0.999907,
		-0.00125623,
		-0.0135938,
		2.27085e-10,
		0.995757,
		-0.0920198	],
	"InPlanePhaseEncodingDirectionDICOM": "ROW",
	"ConversionSoftware": "dcm2niix",
	"ConversionSoftwareVersion": "v1.0.20211006"
}
