{
	"Modality": "MR",
	"MagneticFieldStrength": 1.5,
	"ImagingFrequency": 63.6445,
	"Manufacturer": "Siemens",
	"ManufacturersModelName": "PMOD",
	"InstitutionName": "WHITNEY IMAGING CENTER",
	"DeviceSerialNumber": "0",
	"BodyPartExamined": "HEAD",
	"PatientPosition": "HFS",
	"SoftwareVersions": "3.405",
	"MRAcquisitionType": "2D",
	"SeriesDescription": "T2",
	"ProtocolName": "Axial PD-T2 TSE",
	"ScanningSequence": "SE",
	"SequenceVariant": "SK\\SP\\OSP",
	"SequenceName": "*tse2d2_7",
	"ImageType": ["ORIGINAL", "PRIMARY", "M", "ND", "NORM"],
	"SeriesNumber": 1,
	"AcquisitionTime": "13:54:42.067500",
	"AcquisitionNumber": 1,
	"SliceThickness": 3,
	"SpacingBetweenSlices": 3,
	"SAR": 0.0548186,
	"EchoNumber": 2,
	"EchoTime": 0.134,
	"RepetitionTime": 3.21,
	"SpoilingState": true,
	"FlipAngle": 150,
	"PartialFourier": 1,
	"BaseResolution": 256,
	"ShimSetting": [
		8245,
		-2609,
		15974,
		2,
		-1245,
		-270,
		-129,
		-33	],
	"TxRefAmp": 278.969,
	"PhaseResolution": 1,
	"ReceiveCoilName": "HeadMatrix",
	"PulseSequenceDetails": "%SiemensSeq%\\tse",
	"CoilCombinationMethod": "Sum of Squares",
	"MatrixCoilMode": "SENSE",
	"PercentPhaseFOV": 89.0625,
	"PercentSampling": 100,
	"EchoTrainLength": 7,
	"PhaseEncodingSteps": 231,
	"AcquisitionMatrixPE": 228,
	"ReconMatrixPE": 228,
	"PixelBandwidth": 163,
	"DwellTime": 1.2e-05,
	"PhaseEncodingDirection": "i",
	"SliceTiming": [
		0,
		69.5781,
		139.156,
		208.734,
		0.25,
		69.8281,
		139.406,
		208.984,
		0.5,
		70.0781,
		139.656,
		209.234,
		0.75,
		70.3281,
		139.906,
		209.484,
		1,
		70.5781,
		140.156,
		209.734,
		1.25,
		70.8281,
		140.406,
		209.984,
		1.5,
		71.0625,
		140.656,
		210.234,
		1.73438,
		71.3125,
		140.891,
		210.469,
		1.98438,
		71.5625,
		141.141,
		210.719,
		2.23438,
		71.8125,
		141.391,
		210.969,
		2.48438,
		72.0625,
		141.641,
		211.219,
		2.73438,
		72.3125,
		141.891,
		211.469,
		2.98438,
		72.5625,
		142.141,
		211.719	],
	"ImageOrientationPatientDICOM": [
		0.999933,
		0.0037104,
		0.0109611,
		8.1773e-11,
		0.947203,
		-0.320634	],
	"InPlanePhaseEncodingDirectionDICOM": "ROW",
	"ConversionSoftware": "dcm2niix",
	"ConversionSoftwareVersion": "v1.0.20211006"
}
