{
	"Modality": "MR",
	"MagneticFieldStrength": 1.5,
	"ImagingFrequency": 63.6447,
	"Manufacturer": "Siemens",
	"ManufacturersModelName": "PMOD",
	"InstitutionName": "WHITNEY IMAGING CENTER",
	"DeviceSerialNumber": "0",
	"BodyPartExamined": "HEAD",
	"PatientPosition": "HFS",
	"SoftwareVersions": "3.405",
	"MRAcquisitionType": "2D",
	"SeriesDescription": "T2",
	"ProtocolName": "Axial PD-T2 TSE",
	"ScanningSequence": "SE",
	"SequenceVariant": "SK\\SP\\OSP",
	"SequenceName": "*tse2d2_7",
	"ImageType": ["ORIGINAL", "PRIMARY", "M", "ND", "NORM"],
	"SeriesNumber": 6,
	"AcquisitionTime": "14:46:56.855000",
	"AcquisitionNumber": 1,
	"SliceThickness": 3,
	"SpacingBetweenSlices": 3,
	"SAR": 0.0704446,
	"EchoNumber": 2,
	"EchoTime": 0.134,
	"RepetitionTime": 3,
	"SpoilingState": true,
	"FlipAngle": 150,
	"PartialFourier": 1,
	"BaseResolution": 256,
	"ShimSetting": [
		8243,
		-2567,
		15769,
		1482,
		-619,
		-460,
		-2157,
		-403	],
	"TxRefAmp": 284.435,
	"PhaseResolution": 1,
	"ReceiveCoilName": "HeadMatrix",
	"PulseSequenceDetails": "%SiemensSeq%\\tse",
	"CoilCombinationMethod": "Sum of Squares",
	"MatrixCoilMode": "SENSE",
	"PercentPhaseFOV": 89.0625,
	"PercentSampling": 100,
	"EchoTrainLength": 7,
	"PhaseEncodingSteps": 231,
	"AcquisitionMatrixPE": 228,
	"ReconMatrixPE": 228,
	"PixelBandwidth": 163,
	"DwellTime": 1.2e-05,
	"PhaseEncodingDirection": "i",
	"SliceTiming": [
		0,
		62.4062,
		124.812,
		187.219,
		0.25,
		62.6562,
		125.062,
		187.469,
		0.5,
		62.9062,
		125.312,
		187.719,
		0.75,
		63.1562,
		125.562,
		187.984,
		1,
		63.4062,
		125.812,
		188.234,
		1.25,
		63.6562,
		126.078,
		188.484,
		1.5,
		63.9062,
		126.328,
		188.734,
		1.75,
		64.1562,
		126.578,
		188.984,
		2,
		64.4062,
		126.828,
		189.234,
		2.25,
		64.6719,
		127.078,
		189.484,
		2.5,
		64.9219,
		127.328,
		189.734,
		2.75,
		65.1719,
		127.578,
		189.984	],
	"ImageOrientationPatientDICOM": [
		1,
		-1.95825e-10,
		6.0993e-11,
		2.05103e-10,
		0.954761,
		-0.297375	],
	"InPlanePhaseEncodingDirectionDICOM": "ROW",
	"ConversionSoftware": "dcm2niix",
	"ConversionSoftwareVersion": "v1.0.20211006"
}
