{
	"Modality": "MR",
	"MagneticFieldStrength": 3,
	"ImagingFrequency": 123.208,
	"Manufacturer": "Siemens",
	"ManufacturersModelName": "Verio",
	"InstitutionName": "DIAGNOSTIC CENTERS OF AMERICA",
	"DeviceSerialNumber": "4pq4cHC4b63_",
	"PatientPosition": "HFS",
	"SoftwareVersions": "syngo MR B17",
	"MRAcquisitionType": "2D",
	"SeriesDescription": "Axial PD-T2 TSE FS",
	"ProtocolName": "Axial PD-T2 TSE FS",
	"ScanningSequence": "SE",
	"SequenceVariant": "SK\\SP\\OSP",
	"ScanOptions": "FS",
	"SequenceName": "*tse2d2_7",
	"ImageType": ["ORIGINAL", "PRIMARY", "M", "ND", "NORM"],
	"SeriesNumber": 14,
	"AcquisitionTime": "09:39:19.667500",
	"AcquisitionNumber": 1,
	"SliceThickness": 3,
	"SpacingBetweenSlices": 3,
	"SAR": 0.182141,
	"EchoNumber": 2,
	"EchoTime": 0.101,
	"RepetitionTime": 3.27,
	"SpoilingState": true,
	"FlipAngle": 150,
	"PartialFourier": 1,
	"BaseResolution": 256,
	"ShimSetting": [
		-954,
		2674,
		-9634,
		-108,
		274,
		-595,
		605,
		318	],
	"TxRefAmp": 378.416,
	"PhaseResolution": 1,
	"ReceiveCoilName": "HeadMatrix",
	"PulseSequenceDetails": "%SiemensSeq%\\tse",
	"CoilCombinationMethod": "Adaptive Combine",
	"MatrixCoilMode": "SENSE",
	"PercentPhaseFOV": 89.0625,
	"PercentSampling": 100,
	"EchoTrainLength": 7,
	"PhaseEncodingSteps": 231,
	"AcquisitionMatrixPE": 228,
	"ReconMatrixPE": 228,
	"PixelBandwidth": 186,
	"DwellTime": 1.05e-05,
	"PhaseEncodingDirection": "i",
	"SliceTiming": [
		0,
		71.6328,
		143.258,
		0.1875,
		71.8125,
		143.438,
		0.36719,
		71.9922,
		143.617,
		0.55469,
		72.1797,
		143.805,
		0.73438,
		72.3594,
		143.984,
		0.91406,
		72.5391,
		144.172,
		1.10156,
		72.7266,
		144.352,
		1.28125,
		72.9062,
		144.531,
		1.46094,
		73.0859,
		144.719,
		1.64844,
		73.2734,
		144.898,
		1.82812,
		73.4531,
		145.078,
		2.00781,
		73.6328,
		145.266,
		2.19531,
		73.8203,
		145.445,
		2.375,
		74,
		145.625,
		2.55469,
		74.1797,
		145.812,
		2.74219,
		74.3672,
		145.992,
		2.92188,
		74.5469,
		146.18,
		3.10156,
		74.7344,
		146.359	],
	"ImageOrientationPatientDICOM": [
		1,
		-2.01537e-10,
		3.80809e-11,
		2.05103e-10,
		0.982613,
		-0.185667	],
	"InPlanePhaseEncodingDirectionDICOM": "ROW",
	"ConversionSoftware": "dcm2niix",
	"ConversionSoftwareVersion": "v1.0.20211006"
}
