{
	"Modality": "MR",
	"MagneticFieldStrength": 3,
	"ImagingFrequency": 123.26,
	"Manufacturer": "Siemens",
	"ManufacturersModelName": "Prisma_fit",
	"InstitutionName": "CCHS CLEVELAND CLINIC",
	"DeviceSerialNumber": "45CVgnUD9zOQ",
	"BodyPartExamined": "HEAD",
	"PatientPosition": "HFS",
	"SoftwareVersions": "syngo MR D13D",
	"MRAcquisitionType": "2D",
	"SeriesDescription": "AXIAL PD-T2 TSE FS",
	"ProtocolName": "AXIAL PD-T2 TSE FS",
	"ScanningSequence": "SE",
	"SequenceVariant": "SK\\SP\\OSP",
	"ScanOptions": "FS",
	"SequenceName": "*tse2d2_7",
	"ImageType": ["ORIGINAL", "PRIMARY", "M", "ND", "NORM"],
	"SeriesNumber": 11,
	"AcquisitionTime": "13:29:31.567500",
	"AcquisitionNumber": 1,
	"SliceThickness": 3,
	"SpacingBetweenSlices": 3,
	"SAR": 0.456931,
	"EchoNumber": 2,
	"EchoTime": 0.103,
	"RepetitionTime": 3.27,
	"SpoilingState": true,
	"FlipAngle": 150,
	"PartialFourier": 1,
	"BaseResolution": 256,
	"ShimSetting": [
		-1405,
		524,
		4413,
		326,
		-45,
		-110,
		149,
		92	],
	"TxRefAmp": 295.637,
	"PhaseResolution": 1,
	"ReceiveCoilName": "HeadNeck_20",
	"PulseSequenceDetails": "%SiemensSeq%\\tse",
	"CoilCombinationMethod": "Adaptive Combine",
	"ConsistencyInfo": "N4_VD13D_LATEST_20130810",
	"MatrixCoilMode": "SENSE",
	"PercentPhaseFOV": 90.625,
	"PercentSampling": 100,
	"EchoTrainLength": 14,
	"PhaseEncodingSteps": 238,
	"AcquisitionMatrixPE": 232,
	"ReconMatrixPE": 232,
	"PixelBandwidth": 185,
	"DwellTime": 1.05e-05,
	"PhaseEncodingDirection": "i",
	"SliceTiming": [
		0,
		74.4531,
		148.906,
		0.1875,
		74.6406,
		149.094,
		0.375,
		74.8125,
		149.266,
		0.54688,
		75,
		149.453,
		0.73438,
		75.1875,
		149.625,
		0.92188,
		75.3594,
		149.812,
		1.09375,
		75.5469,
		150,
		1.28125,
		75.7344,
		150.172,
		1.45312,
		75.9062,
		150.359,
		1.64062,
		76.0938,
		150.547,
		1.82812,
		76.2656,
		150.719,
		2,
		76.4531,
		150.906,
		2.1875,
		76.6406,
		151.078,
		2.375,
		76.8125,
		151.266,
		2.54688,
		77,
		151.453,
		2.73438,
		77.1875,
		151.625,
		2.90625,
		77.3594,
		151.812,
		3.09375,
		77.5469,
		152	],
	"ImageOrientationPatientDICOM": [
		1,
		-2.05103e-10,
		0,
		2.05103e-10,
		1,
		0	],
	"InPlanePhaseEncodingDirectionDICOM": "ROW",
	"ConversionSoftware": "dcm2niix",
	"ConversionSoftwareVersion": "v1.0.20211006"
}
