{
	"Modality": "MR",
	"MagneticFieldStrength": 3,
	"ImagingFrequency": 123.244,
	"Manufacturer": "Siemens",
	"ManufacturersModelName": "TrioTim",
	"InstitutionName": "MV",
	"DeviceSerialNumber": "4QUtXxpHmND_",
	"BodyPartExamined": "HEAD",
	"PatientPosition": "HFS",
	"SoftwareVersions": "syngo MR B19",
	"MRAcquisitionType": "2D",
	"SeriesDescription": "Axial PD-T2-FS TSE",
	"ProtocolName": "Axial PD-T2-FS TSE",
	"ScanningSequence": "SE",
	"SequenceVariant": "SK\\SP\\OSP",
	"ScanOptions": "FS",
	"SequenceName": "*tse2d2_7",
	"ImageType": ["ORIGINAL", "PRIMARY", "M", "ND", "NORM"],
	"SeriesNumber": 9,
	"AcquisitionTime": "11:10:4.172500",
	"AcquisitionNumber": 1,
	"SliceThickness": 3,
	"SpacingBetweenSlices": 3,
	"SAR": 0.385085,
	"EchoNumber": 2,
	"EchoTime": 0.101,
	"RepetitionTime": 3,
	"SpoilingState": true,
	"FlipAngle": 150,
	"PartialFourier": 1,
	"BaseResolution": 256,
	"ShimSetting": [
		-3750,
		-11321,
		-16680,
		-187,
		231,
		-1101,
		-226,
		-31	],
	"TxRefAmp": 288.597,
	"PhaseResolution": 1,
	"ReceiveCoilName": "HeadMatrix",
	"PulseSequenceDetails": "%SiemensSeq%\\tse",
	"CoilCombinationMethod": "Adaptive Combine",
	"MatrixCoilMode": "SENSE",
	"PercentPhaseFOV": 79.6875,
	"PercentSampling": 100,
	"EchoTrainLength": 7,
	"PhaseEncodingSteps": 210,
	"AcquisitionMatrixPE": 204,
	"ReconMatrixPE": 204,
	"PixelBandwidth": 186,
	"DwellTime": 1.05e-05,
	"PhaseEncodingDirection": "i",
	"SliceTiming": [
		0,
		93.375,
		146.75,
		0.1875,
		93.5625,
		146.938,
		0.375,
		93.75,
		147.125,
		0.5625,
		93.9375,
		147.312,
		0.75,
		94.125,
		147.5,
		0.94531,
		94.3125,
		147.688,
		1.13281,
		94.5,
		147.875,
		1.32031,
		94.6953,
		148.062,
		1.50781,
		94.8828,
		148.25,
		1.69531,
		95.0703,
		148.445,
		1.88281,
		95.2578,
		148.633,
		2.07031,
		95.4453,
		148.82,
		2.25781,
		95.6328,
		149.008,
		2.44531,
		95.8203,
		149.195,
		2.63281,
		96.0078,
		149.383,
		2.82812,
		96.1953,
		149.57	],
	"ImageOrientationPatientDICOM": [
		0.999877,
		-0.00117454,
		-0.015619,
		1.86166e-10,
		0.997184,
		-0.0749879	],
	"InPlanePhaseEncodingDirectionDICOM": "ROW",
	"ConversionSoftware": "dcm2niix",
	"ConversionSoftwareVersion": "v1.0.20211006"
}
