{
	"Modality": "MR",
	"MagneticFieldStrength": 3,
	"ImagingFrequency": 123.253,
	"Manufacturer": "Siemens",
	"ManufacturersModelName": "Prisma",
	"InstitutionName": "BMMR",
	"DeviceSerialNumber": "49kxNuf51ses",
	"BodyPartExamined": "BRAIN",
	"PatientPosition": "HFS",
	"SoftwareVersions": "syngo MR D13D",
	"MRAcquisitionType": "2D",
	"SeriesDescription": "AXIAL PD-T2 TSE FS",
	"ProtocolName": "AXIAL PD-T2 TSE FS",
	"ScanningSequence": "SE",
	"SequenceVariant": "SK\\SP\\OSP",
	"ScanOptions": "FS",
	"SequenceName": "*tse2d2_7",
	"ImageType": ["ORIGINAL", "PRIMARY", "M", "ND", "NORM"],
	"SeriesNumber": 10,
	"AcquisitionTime": "11:37:47.197500",
	"AcquisitionNumber": 1,
	"SliceThickness": 3,
	"SpacingBetweenSlices": 3,
	"SAR": 0.44427,
	"EchoNumber": 2,
	"EchoTime": 0.103,
	"RepetitionTime": 3.27,
	"SpoilingState": true,
	"FlipAngle": 150,
	"PartialFourier": 1,
	"BaseResolution": 256,
	"ShimSetting": [
		-1794,
		-11781,
		588,
		231,
		11,
		1377,
		-85,
		28	],
	"TxRefAmp": 243.952,
	"PhaseResolution": 1,
	"ReceiveCoilName": "HeadNeck_20",
	"ReceiveCoilActiveElements": "HE1-4",
	"PulseSequenceDetails": "%SiemensSeq%\\tse",
	"CoilCombinationMethod": "Adaptive Combine",
	"ConsistencyInfo": "N4_VD13D_LATEST_20130810",
	"MatrixCoilMode": "SENSE",
	"PercentPhaseFOV": 90.625,
	"PercentSampling": 100,
	"EchoTrainLength": 14,
	"PhaseEncodingSteps": 238,
	"AcquisitionMatrixPE": 232,
	"ReconMatrixPE": 232,
	"PixelBandwidth": 185,
	"DwellTime": 1.05e-05,
	"PhaseEncodingDirection": "i",
	"SliceTiming": [
		0,
		74.4531,
		148.898,
		0.17969,
		74.6328,
		149.086,
		0.36719,
		74.8125,
		149.266,
		0.54688,
		75,
		149.445,
		0.72656,
		75.1797,
		149.625,
		0.90625,
		75.3594,
		149.812,
		1.09375,
		75.5391,
		149.992,
		1.27344,
		75.7188,
		150.172,
		1.45312,
		75.9062,
		150.352,
		1.64062,
		76.0859,
		150.539,
		1.82031,
		76.2656,
		150.719,
		2,
		76.4531,
		150.898,
		2.17969,
		76.6328,
		151.086,
		2.35938,
		76.8125,
		151.266,
		2.54688,
		76.9922,
		151.445,
		2.72656,
		77.1797,
		151.625,
		2.90625,
		77.3594,
		151.805,
		3.08594,
		77.5391,
		151.992	],
	"ImageOrientationPatientDICOM": [
		1,
		-1.90302e-10,
		7.6501e-11,
		2.05103e-10,
		0.927836,
		-0.372988	],
	"InPlanePhaseEncodingDirectionDICOM": "ROW",
	"ConversionSoftware": "dcm2niix",
	"ConversionSoftwareVersion": "v1.0.20211006"
}
